{
  "aor": 0.0002613465346534653,
  "aqi": 0.006240105663366337,
  "bids_meta": {
    "AccelFactPE": 4,
    "AcquisitionNumber": 1,
    "AcquisitionTime": "18:00:4.810000",
    "BandwidthPerPixelPhaseEncode": 13.355,
    "BodyPartExamined": "BRAIN",
    "ConversionSoftware": "dcm2niix",
    "ConversionSoftwareVersion": "v1.0.20170724 GCC4.4.7",
    "DeviceSerialNumber": "66018",
    "EchoTime": 0.039,
    "EchoTrainLength": 72,
    "EffectiveEchoSpacing": 0.000779983,
    "FlipAngle": 50,
    "ImageType": [
      "ORIGINAL",
      "PRIMARY",
      "M",
      "ND",
      "MOSAIC"
    ],
    "InstitutionAddress": "Stadium_1952_Princeton_NJ_US_08544",
    "InstitutionName": "Princeton_University",
    "MagneticFieldStrength": 3,
    "Manufacturer": "Siemens",
    "ManufacturersModelName": "Prisma",
    "PhaseEncodingDirection": "j-",
    "PhaseEncodingLines": 96,
    "ProcedureStepDescription": "Hasson_Baldassano_040518_SchemaScrambled",
    "ProtocolName": "func_task-scrambled_run-03",
    "RepetitionTime": 1.5,
    "ScanningSequence": "EP",
    "SequenceName": "_epfid2d1_96",
    "SequenceVariant": "SK",
    "SeriesDescription": "func_task-scrambled_run-03",
    "SliceTiming": [
      0.69,
      0,
      0.79,
      0.1,
      0.8875,
      0.1975,
      0.9875,
      0.2975,
      1.085,
      0.395,
      1.185,
      0.4925,
      1.2825,
      0.5925,
      1.3825,
      0.69,
      0,
      0.79,
      0.1,
      0.8875,
      0.1975,
      0.9875,
      0.2975,
      1.085,
      0.395,
      1.185,
      0.4925,
      1.2825,
      0.5925,
      1.3825,
      0.69,
      0,
      0.79,
      0.1,
      0.8875,
      0.1975,
      0.9875,
      0.2975,
      1.085,
      0.395,
      1.185,
      0.4925,
      1.2825,
      0.5925,
      1.3825,
      0.69,
      0,
      0.79,
      0.1,
      0.8875,
      0.1975,
      0.9875,
      0.2975,
      1.085,
      0.395,
      1.185,
      0.4925,
      1.2825,
      0.5925,
      1.3825
    ],
    "SoftwareVersions": "syngo_MR_E11",
    "TotalReadoutTime": 0.0530388,
    "TrueEchoSpacing": 0.00311993,
    "dataset": "ds001511",
    "modality": "bold",
    "run_id": 3,
    "subject_id": "sid000002",
    "task_id": "scrambled"
  },
  "dummy_trs": 0,
  "dvars_nstd": 38.380993752400755,
  "dvars_std": 1.0974703769444452,
  "dvars_vstd": 0.9827162126388883,
  "efc": 0.574566690785485,
  "fber": 262.01300048828125,
  "fd_mean": 0.16389491142317142,
  "fd_num": 176,
  "fd_perc": 34.851485148514854,
  "fwhm_avg": 2.7877950000000005,
  "fwhm_x": 2.579095,
  "fwhm_y": 2.949695,
  "fwhm_z": 2.834595,
  "gcor": 0.0132115,
  "gsr_x": 0.00556311197578907,
  "gsr_y": 0.050688259303569794,
  "provenance": {
    "md5sum": "148435c23f68e5c52da586f110d0ac72",
    "settings": {
      "fd_thres": 0.2,
      "testing": false
    },
    "software": "mriqc",
    "version": "23.0.1",
    "webapi_port": null,
    "webapi_url": "https://mriqc.nimh.nih.gov/api/v1"
  },
  "size_t": 505,
  "size_x": 96,
  "size_y": 96,
  "size_z": 60,
  "snr": 2.3393204917121286,
  "spacing_tr": 1.5,
  "spacing_x": 2.0,
  "spacing_y": 2.0,
  "spacing_z": 2.0,
  "summary_bg_k": 127.2937254665863,
  "summary_bg_mad": 8.193947197612442,
  "summary_bg_mean": 42.49432373046875,
  "summary_bg_median": 27.76237678527832,
  "summary_bg_n": 331033.0,
  "summary_bg_p05": 20.449504852294922,
  "summary_bg_p95": 110.86376647949199,
  "summary_bg_stdv": 54.09023666381836,
  "summary_fg_k": 3.532079432947696,
  "summary_fg_mad": 169.79758901472306,
  "summary_fg_mean": 494.18408203125,
  "summary_fg_median": 458.35247802734375,
  "summary_fg_n": 138923.0,
  "summary_fg_p05": 257.29880981445314,
  "summary_fg_p95": 861.1721069335938,
  "summary_fg_stdv": 195.93331909179688,
  "tsnr": 37.17508494108915
}