{
  "aor": 0.0008333003952569172,
  "aqi": 0.005762003695652175,
  "bids_meta": {
    "AccelFactPE": 4,
    "AcquisitionNumber": 1,
    "AcquisitionTime": "17:46:57.140000",
    "BandwidthPerPixelPhaseEncode": 13.355,
    "BodyPartExamined": "BRAIN",
    "ConversionSoftware": "dcm2niix",
    "ConversionSoftwareVersion": "v1.0.20170724 GCC4.4.7",
    "DeviceSerialNumber": "66018",
    "EchoTime": 0.039,
    "EchoTrainLength": 72,
    "EffectiveEchoSpacing": 0.000779983,
    "FlipAngle": 50,
    "ImageType": [
      "ORIGINAL",
      "PRIMARY",
      "M",
      "ND",
      "MOSAIC"
    ],
    "InstitutionAddress": "Stadium_1952_Princeton_NJ_US_08544",
    "InstitutionName": "Princeton_University",
    "MagneticFieldStrength": 3,
    "Manufacturer": "Siemens",
    "ManufacturersModelName": "Prisma",
    "PhaseEncodingDirection": "j-",
    "PhaseEncodingLines": 96,
    "ProcedureStepDescription": "Hasson_Baldassano_040518_SchemaScrambled",
    "ProtocolName": "func_task-scrambled_run-02",
    "RepetitionTime": 1.5,
    "ScanningSequence": "EP",
    "SequenceName": "_epfid2d1_96",
    "SequenceVariant": "SK",
    "SeriesDescription": "func_task-scrambled_run-02",
    "SliceTiming": [
      0.6925,
      0,
      0.79,
      0.1,
      0.89,
      0.1975,
      0.9875,
      0.2975,
      1.0875,
      0.395,
      1.185,
      0.495,
      1.2825,
      0.5925,
      1.3825,
      0.6925,
      0,
      0.79,
      0.1,
      0.89,
      0.1975,
      0.9875,
      0.2975,
      1.0875,
      0.395,
      1.185,
      0.495,
      1.2825,
      0.5925,
      1.3825,
      0.6925,
      0,
      0.79,
      0.1,
      0.89,
      0.1975,
      0.9875,
      0.2975,
      1.0875,
      0.395,
      1.185,
      0.495,
      1.2825,
      0.5925,
      1.3825,
      0.6925,
      0,
      0.79,
      0.1,
      0.89,
      0.1975,
      0.9875,
      0.2975,
      1.0875,
      0.395,
      1.185,
      0.495,
      1.2825,
      0.5925,
      1.3825
    ],
    "SoftwareVersions": "syngo_MR_E11",
    "TotalReadoutTime": 0.0530388,
    "TrueEchoSpacing": 0.00311993,
    "dataset": "ds001511",
    "modality": "bold",
    "run_id": 2,
    "subject_id": "sid000002",
    "task_id": "scrambled"
  },
  "dummy_trs": 1,
  "dvars_nstd": 38.53600810970298,
  "dvars_std": 1.1300608344752479,
  "dvars_vstd": 1.0086725980990103,
  "efc": 0.5737728532037357,
  "fber": 264.9382019042969,
  "fd_mean": 0.16710558818796944,
  "fd_num": 188,
  "fd_perc": 37.15415019762846,
  "fwhm_avg": 2.7584,
  "fwhm_x": 2.56327,
  "fwhm_y": 2.940405,
  "fwhm_z": 2.771525,
  "gcor": 0.0111813,
  "gsr_x": 0.005651893559843302,
  "gsr_y": 0.04969116672873497,
  "provenance": {
    "md5sum": "70aa86b0b7e89833b060ceed054dd2e0",
    "settings": {
      "fd_thres": 0.2,
      "testing": false
    },
    "software": "mriqc",
    "version": "23.0.1",
    "webapi_port": null,
    "webapi_url": "https://mriqc.nimh.nih.gov/api/v1"
  },
  "size_t": 506,
  "size_x": 96,
  "size_y": 96,
  "size_z": 60,
  "snr": 2.3431320927545456,
  "spacing_tr": 1.5,
  "spacing_x": 2.0,
  "spacing_y": 2.0,
  "spacing_z": 2.0,
  "summary_bg_k": 126.15812907855033,
  "summary_bg_mad": 8.420946342903008,
  "summary_bg_mean": 42.3357048034668,
  "summary_bg_median": 27.725297927856445,
  "summary_bg_n": 331130.0,
  "summary_bg_p05": 19.90009918212891,
  "summary_bg_p95": 109.92203865051268,
  "summary_bg_stdv": 53.80575942993164,
  "summary_fg_k": 3.7533393099146055,
  "summary_fg_mad": 169.69494975896498,
  "summary_fg_mean": 496.3032531738281,
  "summary_fg_median": 460.0849914550781,
  "summary_fg_n": 138654.0,
  "summary_fg_p05": 259.4446716308594,
  "summary_fg_p95": 863.8841278076172,
  "summary_fg_stdv": 196.35398864746094,
  "tsnr": 38.77216811385006
}