{
  "aor": 0.0004044970414201184,
  "aqi": 0.009528595917159764,
  "bids_meta": {
    "AccelFactPE": 4,
    "AcquisitionNumber": 1,
    "AcquisitionTime": "17:33:43.460000",
    "BandwidthPerPixelPhaseEncode": 13.355,
    "BodyPartExamined": "BRAIN",
    "ConversionSoftware": "dcm2niix",
    "ConversionSoftwareVersion": "v1.0.20170724 GCC4.4.7",
    "DeviceSerialNumber": "66018",
    "EchoTime": 0.039,
    "EchoTrainLength": 72,
    "EffectiveEchoSpacing": 0.000779983,
    "FlipAngle": 50,
    "ImageType": [
      "ORIGINAL",
      "PRIMARY",
      "M",
      "ND",
      "MOSAIC"
    ],
    "InstitutionAddress": "Stadium_1952_Princeton_NJ_US_08544",
    "InstitutionName": "Princeton_University",
    "MagneticFieldStrength": 3,
    "Manufacturer": "Siemens",
    "ManufacturersModelName": "Prisma",
    "PhaseEncodingDirection": "j-",
    "PhaseEncodingLines": 96,
    "ProcedureStepDescription": "Hasson_Baldassano_040518_SchemaScrambled",
    "ProtocolName": "func_task-scrambled_run-01",
    "RepetitionTime": 1.5,
    "ScanningSequence": "EP",
    "SequenceName": "_epfid2d1_96",
    "SequenceVariant": "SK",
    "SeriesDescription": "func_task-scrambled_run-01",
    "SliceTiming": [
      0.69,
      0,
      0.79,
      0.1,
      0.8875,
      0.1975,
      0.9875,
      0.2975,
      1.085,
      0.395,
      1.185,
      0.495,
      1.2825,
      0.5925,
      1.3825,
      0.69,
      0,
      0.79,
      0.1,
      0.8875,
      0.1975,
      0.9875,
      0.2975,
      1.085,
      0.395,
      1.185,
      0.495,
      1.2825,
      0.5925,
      1.3825,
      0.69,
      0,
      0.79,
      0.1,
      0.8875,
      0.1975,
      0.9875,
      0.2975,
      1.085,
      0.395,
      1.185,
      0.495,
      1.2825,
      0.5925,
      1.3825,
      0.69,
      0,
      0.79,
      0.1,
      0.8875,
      0.1975,
      0.9875,
      0.2975,
      1.085,
      0.395,
      1.185,
      0.495,
      1.2825,
      0.5925,
      1.3825
    ],
    "SoftwareVersions": "syngo_MR_E11",
    "TotalReadoutTime": 0.0530388,
    "TrueEchoSpacing": 0.00311993,
    "dataset": "ds001511",
    "modality": "bold",
    "run_id": 1,
    "subject_id": "sid000002",
    "task_id": "scrambled"
  },
  "dummy_trs": 0,
  "dvars_nstd": 37.832240078063236,
  "dvars_std": 1.0666586740316206,
  "dvars_vstd": 0.968560538735178,
  "efc": 0.5727859938103852,
  "fber": 269.80633544921875,
  "fd_mean": 0.17302898815518136,
  "fd_num": 185,
  "fd_perc": 36.489151873767256,
  "fwhm_avg": 2.78605,
  "fwhm_x": 2.60456,
  "fwhm_y": 2.953085,
  "fwhm_z": 2.800505,
  "gcor": 0.0120655,
  "gsr_x": 0.004588611423969269,
  "gsr_y": 0.047832030802965164,
  "provenance": {
    "md5sum": "4d2904a5321d15fe58478464e978cad2",
    "settings": {
      "fd_thres": 0.2,
      "testing": false
    },
    "software": "mriqc",
    "version": "23.0.1",
    "webapi_port": null,
    "webapi_url": "https://mriqc.nimh.nih.gov/api/v1"
  },
  "size_t": 507,
  "size_x": 96,
  "size_y": 96,
  "size_z": 60,
  "snr": 2.33153641196104,
  "spacing_tr": 1.5,
  "spacing_x": 2.0,
  "spacing_y": 2.0,
  "spacing_z": 2.0,
  "summary_bg_k": 125.35657392304233,
  "summary_bg_mad": 7.936452633154617,
  "summary_bg_mean": 41.914154052734375,
  "summary_bg_median": 27.57002067565918,
  "summary_bg_n": 330323.0,
  "summary_bg_p05": 20.398422241210938,
  "summary_bg_p95": 106.71893844604458,
  "summary_bg_stdv": 52.75693130493164,
  "summary_fg_k": 3.9517623304058977,
  "summary_fg_mad": 170.60015243488456,
  "summary_fg_mean": 498.96893310546875,
  "summary_fg_median": 462.66766357421875,
  "summary_fg_n": 139058.0,
  "summary_fg_p05": 259.63451080322267,
  "summary_fg_p95": 868.3545623779296,
  "summary_fg_stdv": 198.43824768066406,
  "tsnr": 33.91597666894086
}