{
  "bids_meta": {
    "AccelFactPE": 2,
    "AcquisitionNumber": 1,
    "AcquisitionTime": "19:17:44.912500",
    "BodyPartExamined": "BRAIN",
    "ConversionSoftware": "dcm2niix",
    "ConversionSoftwareVersion": "v1.0.20170724 GCC4.4.7",
    "DeviceSerialNumber": "66018",
    "EchoTime": 0.0033,
    "FlipAngle": 7,
    "ImageType": [
      "ORIGINAL",
      "PRIMARY",
      "M",
      "ND",
      "NORM"
    ],
    "InstitutionAddress": "Stadium_1952_Princeton_NJ_US_08544",
    "InstitutionName": "Princeton_University",
    "InversionTime": 1.1,
    "MagneticFieldStrength": 3,
    "Manufacturer": "Siemens",
    "ManufacturersModelName": "Prisma",
    "PhaseEncodingDirection": "i-",
    "PhaseEncodingLines": 256,
    "ProcedureStepDescription": "Hasson_Baldassano_040518_SchemaScrambled",
    "ProtocolName": "anat-T1w",
    "RepetitionTime": 2.53,
    "ScanningSequence": "GR_IR",
    "SequenceName": "_tfl3d1_16ns",
    "SequenceVariant": "SK_SP_MP",
    "SeriesDescription": "anat-T1w",
    "SoftwareVersions": "syngo_MR_E11",
    "dataset": "ds001511",
    "modality": "T1w",
    "subject_id": "sid000008"
  },
  "cjv": 0.3859752797300849,
  "cnr": 3.4357522677079673,
  "efc": 0.5376232748642806,
  "fber": 32148.98123475324,
  "fwhm_avg": 3.7163066666666666,
  "fwhm_x": 3.74038,
  "fwhm_y": 3.95061,
  "fwhm_z": 3.45793,
  "icvs_csf": 0.22380399355768263,
  "icvs_gm": 0.4134892483279752,
  "icvs_wm": 0.36270675811434216,
  "inu_med": 0.4698038399219513,
  "inu_range": 0.16086935997009277,
  "provenance": {
    "md5sum": "b39263146fd01084721e36f582846cf7",
    "settings": {
      "testing": false
    },
    "software": "mriqc",
    "version": "23.0.1",
    "warnings": {
      "large_rot_frame": true,
      "small_air_mask": false
    },
    "webapi_port": null,
    "webapi_url": "https://mriqc.nimh.nih.gov/api/v1"
  },
  "qi_1": 1.622688335583075e-06,
  "qi_2": 0.0008328433543200072,
  "rpve_csf": 20.188490343898767,
  "rpve_gm": 11.130194665846169,
  "rpve_wm": 15.174562127488763,
  "size_x": 176,
  "size_y": 256,
  "size_z": 256,
  "snr_csf": 1.693751327462908,
  "snr_gm": 8.12142930172104,
  "snr_total": 10.924161452201302,
  "snr_wm": 22.957303727419955,
  "snrd_csf": 16.798884641496965,
  "snrd_gm": 61.071948556375446,
  "snrd_total": 56.06254588563829,
  "snrd_wm": 90.31680445904249,
  "spacing_x": 1.0,
  "spacing_y": 1.0,
  "spacing_z": 1.0,
  "summary_bg_k": 28.775889597832006,
  "summary_bg_mad": 0.0,
  "summary_bg_mean": 3.9051841562064977,
  "summary_bg_median": 0.0,
  "summary_bg_n": 4060079.0,
  "summary_bg_p05": 0.0,
  "summary_bg_p95": 17.2910659275949,
  "summary_bg_stdv": 7.253924190859839,
  "summary_csf_k": 1.2423334668377581,
  "summary_csf_mad": 94.82208053524332,
  "summary_csf_mean": 205.5205888655577,
  "summary_csf_median": 186.0037630032748,
  "summary_csf_n": 44888.0,
  "summary_csf_p05": 58.40840380266309,
  "summary_csf_p95": 420.90017062714327,
  "summary_csf_stdv": 109.81641053839351,
  "summary_gm_k": -0.004566294923650016,
  "summary_gm_mad": 82.79479872174342,
  "summary_gm_mean": 675.5305692801951,
  "summary_gm_median": 676.2122895568609,
  "summary_gm_n": 31265.0,
  "summary_gm_p05": 536.8217911578715,
  "summary_gm_p95": 812.6029468592257,
  "summary_gm_stdv": 83.26138788418402,
  "summary_wm_k": 0.337309322166218,
  "summary_wm_mad": 42.18800389966121,
  "summary_wm_mean": 999.0708267272029,
  "summary_wm_median": 1000.0226711668074,
  "summary_wm_n": 257869.0,
  "summary_wm_p05": 925.7527777533978,
  "summary_wm_p95": 1067.9842754360288,
  "summary_wm_stdv": 43.560025342067654,
  "tpm_overlap_csf": 0.1560542432904066,
  "tpm_overlap_gm": 0.44717136965365595,
  "tpm_overlap_wm": 0.5050509437432543,
  "wm2max": 0.838199212583449
}