{
  "aor": 0.0023304609218436877,
  "aqi": 0.01868115711422846,
  "bids_meta": {
    "AccelFactPE": 4,
    "AcquisitionNumber": 1,
    "AcquisitionTime": "19:54:36.880000",
    "BandwidthPerPixelPhaseEncode": 13.355,
    "BodyPartExamined": "BRAIN",
    "ConversionSoftware": "dcm2niix",
    "ConversionSoftwareVersion": "v1.0.20170724 GCC4.4.7",
    "DeviceSerialNumber": "66018",
    "EchoTime": 0.039,
    "EchoTrainLength": 72,
    "EffectiveEchoSpacing": 0.000779983,
    "FlipAngle": 50,
    "ImageType": [
      "ORIGINAL",
      "PRIMARY",
      "M",
      "ND",
      "MOSAIC"
    ],
    "InstitutionAddress": "Stadium_1952_Princeton_NJ_US_08544",
    "InstitutionName": "Princeton_University",
    "MagneticFieldStrength": 3,
    "Manufacturer": "Siemens",
    "ManufacturersModelName": "Prisma",
    "PhaseEncodingDirection": "j-",
    "PhaseEncodingLines": 96,
    "ProcedureStepDescription": "Hasson_Baldassano_040518_SchemaScrambled",
    "ProtocolName": "func_task-scrambled_run-03",
    "RepetitionTime": 1.5,
    "ScanningSequence": "EP",
    "SequenceName": "_epfid2d1_96",
    "SequenceVariant": "SK",
    "SeriesDescription": "func_task-scrambled_run-03",
    "SliceTiming": [
      0.69,
      0,
      0.79,
      0.1,
      0.8875,
      0.1975,
      0.9875,
      0.2975,
      1.085,
      0.395,
      1.185,
      0.495,
      1.2825,
      0.5925,
      1.3825,
      0.69,
      0,
      0.79,
      0.1,
      0.8875,
      0.1975,
      0.9875,
      0.2975,
      1.085,
      0.395,
      1.185,
      0.495,
      1.2825,
      0.5925,
      1.3825,
      0.69,
      0,
      0.79,
      0.1,
      0.8875,
      0.1975,
      0.9875,
      0.2975,
      1.085,
      0.395,
      1.185,
      0.495,
      1.2825,
      0.5925,
      1.3825,
      0.69,
      0,
      0.79,
      0.1,
      0.8875,
      0.1975,
      0.9875,
      0.2975,
      1.085,
      0.395,
      1.185,
      0.495,
      1.2825,
      0.5925,
      1.3825
    ],
    "SoftwareVersions": "syngo_MR_E11",
    "TotalReadoutTime": 0.0530388,
    "TrueEchoSpacing": 0.00311993,
    "dataset": "ds001511",
    "modality": "bold",
    "run_id": 3,
    "subject_id": "sid000008",
    "task_id": "scrambled"
  },
  "dummy_trs": 0,
  "dvars_nstd": 57.8956868121084,
  "dvars_std": 1.0707312233734927,
  "dvars_vstd": 0.9658416252811239,
  "efc": 0.6268483393228225,
  "fber": 187.76731872558594,
  "fd_mean": 0.43000066359797207,
  "fd_num": 348,
  "fd_perc": 69.73947895791584,
  "fwhm_avg": 2.8083250556407404,
  "fwhm_x": 2.59375,
  "fwhm_y": 3.030735,
  "fwhm_z": 2.8004901669222213,
  "gcor": 0.0303467,
  "gsr_x": 0.006322980858385563,
  "gsr_y": 0.04549596831202507,
  "provenance": {
    "md5sum": "34713ebbfd6d00ff0b2beaa90641c822",
    "settings": {
      "fd_thres": 0.2,
      "testing": false
    },
    "software": "mriqc",
    "version": "23.0.1",
    "webapi_port": null,
    "webapi_url": "https://mriqc.nimh.nih.gov/api/v1"
  },
  "size_t": 499,
  "size_x": 96,
  "size_y": 96,
  "size_z": 60,
  "snr": 2.3907088853847775,
  "spacing_tr": 1.5,
  "spacing_x": 2.0,
  "spacing_y": 2.0,
  "spacing_z": 1.9999998807907104,
  "summary_bg_k": 56.74063351804574,
  "summary_bg_mad": 12.945282813787355,
  "summary_bg_mean": 62.44147872924805,
  "summary_bg_median": 33.368736267089844,
  "summary_bg_n": 307561.0,
  "summary_bg_p05": 22.31462860107422,
  "summary_bg_p95": 202.85169982910156,
  "summary_bg_stdv": 80.89427185058594,
  "summary_fg_k": 2.051283438861768,
  "summary_fg_mad": 175.05847865265122,
  "summary_fg_mean": 506.4246520996094,
  "summary_fg_median": 472.47393798828125,
  "summary_fg_n": 155228.0,
  "summary_fg_p05": 254.41152725219726,
  "summary_fg_p95": 876.3492218017575,
  "summary_fg_stdv": 197.6285858154297,
  "tsnr": 23.906456211931072
}