{
  "aor": 0.004408807157057654,
  "aqi": 0.011728292664015906,
  "bids_meta": {
    "AccelFactPE": 4,
    "AcquisitionNumber": 1,
    "AcquisitionTime": "19:41:35.620000",
    "BandwidthPerPixelPhaseEncode": 13.355,
    "BodyPartExamined": "BRAIN",
    "ConversionSoftware": "dcm2niix",
    "ConversionSoftwareVersion": "v1.0.20170724 GCC4.4.7",
    "DeviceSerialNumber": "66018",
    "EchoTime": 0.039,
    "EchoTrainLength": 72,
    "EffectiveEchoSpacing": 0.000779983,
    "FlipAngle": 50,
    "ImageType": [
      "ORIGINAL",
      "PRIMARY",
      "M",
      "ND",
      "MOSAIC"
    ],
    "InstitutionAddress": "Stadium_1952_Princeton_NJ_US_08544",
    "InstitutionName": "Princeton_University",
    "MagneticFieldStrength": 3,
    "Manufacturer": "Siemens",
    "ManufacturersModelName": "Prisma",
    "PhaseEncodingDirection": "j-",
    "PhaseEncodingLines": 96,
    "ProcedureStepDescription": "Hasson_Baldassano_040518_SchemaScrambled",
    "ProtocolName": "func_task-scrambled_run-02",
    "RepetitionTime": 1.5,
    "ScanningSequence": "EP",
    "SequenceName": "_epfid2d1_96",
    "SequenceVariant": "SK",
    "SeriesDescription": "func_task-scrambled_run-02",
    "SliceTiming": [
      0.6925,
      0,
      0.79,
      0.1,
      0.89,
      0.1975,
      0.9875,
      0.2975,
      1.0875,
      0.395,
      1.185,
      0.495,
      1.2825,
      0.5925,
      1.3825,
      0.6925,
      0,
      0.79,
      0.1,
      0.89,
      0.1975,
      0.9875,
      0.2975,
      1.0875,
      0.395,
      1.185,
      0.495,
      1.2825,
      0.5925,
      1.3825,
      0.6925,
      0,
      0.79,
      0.1,
      0.89,
      0.1975,
      0.9875,
      0.2975,
      1.0875,
      0.395,
      1.185,
      0.495,
      1.2825,
      0.5925,
      1.3825,
      0.6925,
      0,
      0.79,
      0.1,
      0.89,
      0.1975,
      0.9875,
      0.2975,
      1.0875,
      0.395,
      1.185,
      0.495,
      1.2825,
      0.5925,
      1.3825
    ],
    "SoftwareVersions": "syngo_MR_E11",
    "TotalReadoutTime": 0.0530388,
    "TrueEchoSpacing": 0.00311993,
    "dataset": "ds001511",
    "modality": "bold",
    "run_id": 2,
    "subject_id": "sid000008",
    "task_id": "scrambled"
  },
  "dummy_trs": 0,
  "dvars_nstd": 46.1108666454781,
  "dvars_std": 1.1192635475896415,
  "dvars_vstd": 1.0443526815737052,
  "efc": 0.6252891183651504,
  "fber": 190.29254150390625,
  "fd_mean": 0.2917270853292703,
  "fd_num": 264,
  "fd_perc": 52.485089463220675,
  "fwhm_avg": 2.757893387916886,
  "fwhm_x": 2.544035,
  "fwhm_y": 2.982365,
  "fwhm_z": 2.7472801637506583,
  "gcor": 0.0191082,
  "gsr_x": 0.00676907692104578,
  "gsr_y": 0.04524123668670654,
  "provenance": {
    "md5sum": "c8aa22f3a575feb5b52fe1f888b25ea5",
    "settings": {
      "fd_thres": 0.2,
      "testing": false
    },
    "software": "mriqc",
    "version": "23.0.1",
    "webapi_port": null,
    "webapi_url": "https://mriqc.nimh.nih.gov/api/v1"
  },
  "size_t": 503,
  "size_x": 96,
  "size_y": 96,
  "size_z": 60,
  "snr": 2.3923397399919235,
  "spacing_tr": 1.5,
  "spacing_x": 2.0,
  "spacing_y": 2.0,
  "spacing_z": 1.9999998807907104,
  "summary_bg_k": 58.11360618758768,
  "summary_bg_mad": 13.140041763053631,
  "summary_bg_mean": 62.50575637817383,
  "summary_bg_median": 33.2147102355957,
  "summary_bg_n": 307841.0,
  "summary_bg_p05": 21.759443283081055,
  "summary_bg_p95": 205.0119171142578,
  "summary_bg_stdv": 83.35438537597656,
  "summary_fg_k": 2.095839008228361,
  "summary_fg_mad": 175.83574987798409,
  "summary_fg_mean": 508.7775573730469,
  "summary_fg_median": 474.237548828125,
  "summary_fg_n": 154616.0,
  "summary_fg_p05": 256.47264862060547,
  "summary_fg_p95": 881.3369445800781,
  "summary_fg_stdv": 198.23104858398438,
  "tsnr": 29.58242387115024
}