{
  "aor": 0.0035706508875739643,
  "aqi": 0.01471736282051282,
  "bids_meta": {
    "AccelFactPE": 4,
    "AcquisitionNumber": 1,
    "AcquisitionTime": "20:14:34.467500",
    "BandwidthPerPixelPhaseEncode": 13.355,
    "BodyPartExamined": "BRAIN",
    "ConversionSoftware": "dcm2niix",
    "ConversionSoftwareVersion": "v1.0.20170724 GCC4.4.7",
    "DeviceSerialNumber": "66018",
    "EchoTime": 0.039,
    "EchoTrainLength": 72,
    "EffectiveEchoSpacing": 0.000779983,
    "FlipAngle": 50,
    "ImageType": [
      "ORIGINAL",
      "PRIMARY",
      "M",
      "ND",
      "MOSAIC"
    ],
    "InstitutionAddress": "Stadium_1952_Princeton_NJ_US_08544",
    "InstitutionName": "Princeton_University",
    "MagneticFieldStrength": 3,
    "Manufacturer": "Siemens",
    "ManufacturersModelName": "Prisma",
    "PhaseEncodingDirection": "j-",
    "PhaseEncodingLines": 96,
    "ProcedureStepDescription": "Hasson_Baldassano_040518_SchemaScrambled",
    "ProtocolName": "func_task-scrambled_run-04",
    "RepetitionTime": 1.5,
    "ScanningSequence": "EP",
    "SequenceName": "_epfid2d1_96",
    "SequenceVariant": "SK",
    "SeriesDescription": "func_task-scrambled_run-04",
    "SliceTiming": [
      0.69,
      0,
      0.79,
      0.1,
      0.8875,
      0.1975,
      0.9875,
      0.2975,
      1.085,
      0.395,
      1.185,
      0.495,
      1.2825,
      0.5925,
      1.3825,
      0.69,
      0,
      0.79,
      0.1,
      0.8875,
      0.1975,
      0.9875,
      0.2975,
      1.085,
      0.395,
      1.185,
      0.495,
      1.2825,
      0.5925,
      1.3825,
      0.69,
      0,
      0.79,
      0.1,
      0.8875,
      0.1975,
      0.9875,
      0.2975,
      1.085,
      0.395,
      1.185,
      0.495,
      1.2825,
      0.5925,
      1.3825,
      0.69,
      0,
      0.79,
      0.1,
      0.8875,
      0.1975,
      0.9875,
      0.2975,
      1.085,
      0.395,
      1.185,
      0.495,
      1.2825,
      0.5925,
      1.3825
    ],
    "SoftwareVersions": "syngo_MR_E11",
    "TotalReadoutTime": 0.0530388,
    "TrueEchoSpacing": 0.00311993,
    "dataset": "ds001511",
    "modality": "bold",
    "run_id": 4,
    "subject_id": "sid000008",
    "task_id": "scrambled"
  },
  "dummy_trs": 0,
  "dvars_nstd": 47.62974141992091,
  "dvars_std": 1.024745858280632,
  "dvars_vstd": 0.9701858244071134,
  "efc": 0.6249026278172489,
  "fber": 189.99246215820312,
  "fd_mean": 0.2825247177086706,
  "fd_num": 277,
  "fd_perc": 54.63510848126233,
  "fwhm_avg": 2.7940683888067834,
  "fwhm_x": 2.57615,
  "fwhm_y": 3.013985,
  "fwhm_z": 2.79207016642035,
  "gcor": 0.0148893,
  "gsr_x": 0.00751856341958046,
  "gsr_y": 0.05090219900012016,
  "provenance": {
    "md5sum": "c5aa258377865562c96ad2c1482eca0c",
    "settings": {
      "fd_thres": 0.2,
      "testing": false
    },
    "software": "mriqc",
    "version": "23.0.1",
    "webapi_port": null,
    "webapi_url": "https://mriqc.nimh.nih.gov/api/v1"
  },
  "size_t": 507,
  "size_x": 96,
  "size_y": 96,
  "size_z": 60,
  "snr": 2.3596810069654808,
  "spacing_tr": 1.5,
  "spacing_x": 2.0,
  "spacing_y": 2.0,
  "spacing_z": 1.9999998807907104,
  "summary_bg_k": 45.533158438412265,
  "summary_bg_mad": 13.322949237752958,
  "summary_bg_mean": 63.509376525878906,
  "summary_bg_median": 33.40828323364258,
  "summary_bg_n": 307903.0,
  "summary_bg_p05": 22.071203994750977,
  "summary_bg_p95": 208.14596557617188,
  "summary_bg_stdv": 82.03238677978516,
  "summary_fg_k": 2.244093573112428,
  "summary_fg_mad": 176.05390071405967,
  "summary_fg_mean": 513.9248046875,
  "summary_fg_median": 477.4013977050781,
  "summary_fg_n": 153322.0,
  "summary_fg_p05": 258.06932678222654,
  "summary_fg_p95": 894.3288146972654,
  "summary_fg_stdv": 202.31541442871094,
  "tsnr": 26.253782118903473
}