{
  "aor": 0.000979205298013245,
  "aqi": 0.010063208830022076,
  "bids_meta": {
    "AccelFactPE": 4,
    "AcquisitionNumber": 1,
    "AcquisitionTime": "20:27:40.667500",
    "BandwidthPerPixelPhaseEncode": 13.355,
    "BodyPartExamined": "BRAIN",
    "ConversionSoftware": "dcm2niix",
    "ConversionSoftwareVersion": "v1.0.20170724 GCC4.4.7",
    "DeviceSerialNumber": "66018",
    "EchoTime": 0.039,
    "EchoTrainLength": 72,
    "EffectiveEchoSpacing": 0.000779983,
    "FlipAngle": 50,
    "ImageType": [
      "ORIGINAL",
      "PRIMARY",
      "M",
      "ND",
      "MOSAIC"
    ],
    "InstitutionAddress": "Stadium_1952_Princeton_NJ_US_08544",
    "InstitutionName": "Princeton_University",
    "MagneticFieldStrength": 3,
    "Manufacturer": "Siemens",
    "ManufacturersModelName": "Prisma",
    "PhaseEncodingDirection": "j-",
    "PhaseEncodingLines": 96,
    "ProcedureStepDescription": "Hasson_Baldassano_040518_SchemaScrambled",
    "ProtocolName": "func_task-CMIYC",
    "RepetitionTime": 1.5,
    "ScanningSequence": "EP",
    "SequenceName": "_epfid2d1_96",
    "SequenceVariant": "SK",
    "SeriesDescription": "func_task-CMIYC",
    "SliceTiming": [
      0.69,
      0,
      0.79,
      0.0975,
      0.8875,
      0.1975,
      0.985,
      0.295,
      1.085,
      0.395,
      1.1825,
      0.4925,
      1.2825,
      0.5925,
      1.38,
      0.69,
      0,
      0.79,
      0.0975,
      0.8875,
      0.1975,
      0.985,
      0.295,
      1.085,
      0.395,
      1.1825,
      0.4925,
      1.2825,
      0.5925,
      1.38,
      0.69,
      0,
      0.79,
      0.0975,
      0.8875,
      0.1975,
      0.985,
      0.295,
      1.085,
      0.395,
      1.1825,
      0.4925,
      1.2825,
      0.5925,
      1.38,
      0.69,
      0,
      0.79,
      0.0975,
      0.8875,
      0.1975,
      0.985,
      0.295,
      1.085,
      0.395,
      1.1825,
      0.4925,
      1.2825,
      0.5925,
      1.38
    ],
    "SoftwareVersions": "syngo_MR_E11",
    "TotalReadoutTime": 0.0530388,
    "TrueEchoSpacing": 0.00311993,
    "dataset": "ds001511",
    "modality": "bold",
    "subject_id": "sid000008",
    "task_id": "CMIYC"
  },
  "dummy_trs": 1,
  "dvars_nstd": 44.597831169048696,
  "dvars_std": 1.0860264298008846,
  "dvars_vstd": 0.9955006383407083,
  "efc": 0.6260198402477628,
  "fber": 189.63262939453125,
  "fd_mean": 0.2471643214165537,
  "fd_num": 282,
  "fd_perc": 62.25165562913907,
  "fwhm_avg": 2.7389050540182027,
  "fwhm_x": 2.532465,
  "fwhm_y": 2.965425,
  "fwhm_z": 2.718825162054608,
  "gcor": 0.0118466,
  "gsr_x": 0.007333057001233101,
  "gsr_y": 0.048584528267383575,
  "provenance": {
    "md5sum": "a6a8e4d665019400419f2aaa88364c25",
    "settings": {
      "fd_thres": 0.2,
      "testing": false
    },
    "software": "mriqc",
    "version": "23.0.1",
    "webapi_port": null,
    "webapi_url": "https://mriqc.nimh.nih.gov/api/v1"
  },
  "size_t": 453,
  "size_x": 96,
  "size_y": 96,
  "size_z": 60,
  "snr": 2.3727898100257407,
  "spacing_tr": 1.5,
  "spacing_x": 2.0,
  "spacing_y": 2.0,
  "spacing_z": 1.9999998807907104,
  "summary_bg_k": 43.320797720995515,
  "summary_bg_mad": 12.950675503360051,
  "summary_bg_mean": 63.33589172363281,
  "summary_bg_median": 33.249446868896484,
  "summary_bg_n": 307812.0,
  "summary_bg_p05": 22.1567325592041,
  "summary_bg_p95": 207.31743698120127,
  "summary_bg_stdv": 81.33638763427734,
  "summary_fg_k": 2.2113028998899393,
  "summary_fg_mad": 175.60651391179576,
  "summary_fg_mean": 510.9395751953125,
  "summary_fg_median": 475.6523132324219,
  "summary_fg_n": 153578.0,
  "summary_fg_p05": 256.4843292236328,
  "summary_fg_p95": 887.9060791015625,
  "summary_fg_stdv": 200.46055603027344,
  "tsnr": 32.52706946246326
}