{
  "aor": 0.0005409980039920161,
  "aqi": 0.00939117215568862,
  "bids_meta": {
    "AccelFactPE": 4,
    "AcquisitionNumber": 1,
    "AcquisitionTime": "22:14:52.492500",
    "BandwidthPerPixelPhaseEncode": 13.355,
    "BodyPartExamined": "BRAIN",
    "ConversionSoftware": "dcm2niix",
    "ConversionSoftwareVersion": "v1.0.20170724 GCC4.4.7",
    "DeviceSerialNumber": "66018",
    "EchoTime": 0.039,
    "EchoTrainLength": 72,
    "EffectiveEchoSpacing": 0.000779983,
    "FlipAngle": 50,
    "ImageType": [
      "ORIGINAL",
      "PRIMARY",
      "M",
      "ND",
      "MOSAIC"
    ],
    "InstitutionAddress": "Stadium_1952_Princeton_NJ_US_08544",
    "InstitutionName": "Princeton_University",
    "MagneticFieldStrength": 3,
    "Manufacturer": "Siemens",
    "ManufacturersModelName": "Prisma",
    "PhaseEncodingDirection": "j-",
    "PhaseEncodingLines": 96,
    "ProcedureStepDescription": "Hasson_Baldassano_040518_SchemaScrambled",
    "ProtocolName": "func_task-scrambled_run-02",
    "RepetitionTime": 1.5,
    "ScanningSequence": "EP",
    "SequenceName": "_epfid2d1_96",
    "SequenceVariant": "SK",
    "SeriesDescription": "func_task-scrambled_run-02",
    "SliceTiming": [
      0.6925,
      0,
      0.79,
      0.1,
      0.8875,
      0.1975,
      0.9875,
      0.2975,
      1.085,
      0.395,
      1.185,
      0.495,
      1.2825,
      0.5925,
      1.3825,
      0.6925,
      0,
      0.79,
      0.1,
      0.8875,
      0.1975,
      0.9875,
      0.2975,
      1.085,
      0.395,
      1.185,
      0.495,
      1.2825,
      0.5925,
      1.3825,
      0.6925,
      0,
      0.79,
      0.1,
      0.8875,
      0.1975,
      0.9875,
      0.2975,
      1.085,
      0.395,
      1.185,
      0.495,
      1.2825,
      0.5925,
      1.3825,
      0.6925,
      0,
      0.79,
      0.1,
      0.8875,
      0.1975,
      0.9875,
      0.2975,
      1.085,
      0.395,
      1.185,
      0.495,
      1.2825,
      0.5925,
      1.3825
    ],
    "SoftwareVersions": "syngo_MR_E11",
    "TotalReadoutTime": 0.0530388,
    "TrueEchoSpacing": 0.00311993,
    "dataset": "ds001511",
    "modality": "bold",
    "run_id": 2,
    "subject_id": "sid000012",
    "task_id": "scrambled"
  },
  "dummy_trs": 2,
  "dvars_nstd": 41.38519902039998,
  "dvars_std": 1.0530913320600004,
  "dvars_vstd": 0.9469928777599995,
  "efc": 0.5771672959497667,
  "fber": 281.4540100097656,
  "fd_mean": 0.13975257418030684,
  "fd_num": 57,
  "fd_perc": 11.377245508982035,
  "fwhm_avg": 2.8980383333333335,
  "fwhm_x": 2.732345,
  "fwhm_y": 3.068005,
  "fwhm_z": 2.893765,
  "gcor": 0.0116688,
  "gsr_x": -0.012391631491482258,
  "gsr_y": 0.07437612116336823,
  "provenance": {
    "md5sum": "5b27f38779af12a20b20c467a953dd24",
    "settings": {
      "fd_thres": 0.2,
      "testing": false
    },
    "software": "mriqc",
    "version": "23.0.1",
    "webapi_port": null,
    "webapi_url": "https://mriqc.nimh.nih.gov/api/v1"
  },
  "size_t": 501,
  "size_x": 96,
  "size_y": 96,
  "size_z": 60,
  "snr": 1.8735637166733627,
  "spacing_tr": 1.5,
  "spacing_x": 2.0,
  "spacing_y": 2.0,
  "spacing_z": 2.0,
  "summary_bg_k": 83.0199686757177,
  "summary_bg_mad": 9.443083002315282,
  "summary_bg_mean": 51.882144927978516,
  "summary_bg_median": 30.147705078125,
  "summary_bg_n": 310207.0,
  "summary_bg_p05": 22.08582878112793,
  "summary_bg_p95": 142.512370300293,
  "summary_bg_stdv": 76.56026458740234,
  "summary_fg_k": 4.704074565272232,
  "summary_fg_mad": 211.9469864512102,
  "summary_fg_mean": 582.2989501953125,
  "summary_fg_median": 521.8502807617188,
  "summary_fg_n": 156820.0,
  "summary_fg_p05": 267.4478988647461,
  "summary_fg_p95": 1113.7928588867187,
  "summary_fg_stdv": 278.5326232910156,
  "tsnr": 30.016499500721693
}