{
  "aor": 0.0031101972386587775,
  "aqi": 0.009421231341222878,
  "bids_meta": {
    "AccelFactPE": 4,
    "AcquisitionNumber": 1,
    "AcquisitionTime": "22:41:20.382500",
    "BandwidthPerPixelPhaseEncode": 13.355,
    "BodyPartExamined": "BRAIN",
    "ConversionSoftware": "dcm2niix",
    "ConversionSoftwareVersion": "v1.0.20170724 GCC4.4.7",
    "DeviceSerialNumber": "66018",
    "EchoTime": 0.039,
    "EchoTrainLength": 72,
    "EffectiveEchoSpacing": 0.000779983,
    "FlipAngle": 50,
    "ImageType": [
      "ORIGINAL",
      "PRIMARY",
      "M",
      "ND",
      "MOSAIC"
    ],
    "InstitutionAddress": "Stadium_1952_Princeton_NJ_US_08544",
    "InstitutionName": "Princeton_University",
    "MagneticFieldStrength": 3,
    "Manufacturer": "Siemens",
    "ManufacturersModelName": "Prisma",
    "PhaseEncodingDirection": "j-",
    "PhaseEncodingLines": 96,
    "ProcedureStepDescription": "Hasson_Baldassano_040518_SchemaScrambled",
    "ProtocolName": "func_task-scrambled_run-04",
    "RepetitionTime": 1.5,
    "ScanningSequence": "EP",
    "SequenceName": "_epfid2d1_96",
    "SequenceVariant": "SK",
    "SeriesDescription": "func_task-scrambled_run-04",
    "SliceTiming": [
      0.69,
      0,
      0.79,
      0.0975,
      0.8875,
      0.1975,
      0.9875,
      0.295,
      1.085,
      0.395,
      1.1825,
      0.4925,
      1.2825,
      0.5925,
      1.38,
      0.69,
      0,
      0.79,
      0.0975,
      0.8875,
      0.1975,
      0.9875,
      0.295,
      1.085,
      0.395,
      1.1825,
      0.4925,
      1.2825,
      0.5925,
      1.38,
      0.69,
      0,
      0.79,
      0.0975,
      0.8875,
      0.1975,
      0.9875,
      0.295,
      1.085,
      0.395,
      1.1825,
      0.4925,
      1.2825,
      0.5925,
      1.38,
      0.69,
      0,
      0.79,
      0.0975,
      0.8875,
      0.1975,
      0.9875,
      0.295,
      1.085,
      0.395,
      1.1825,
      0.4925,
      1.2825,
      0.5925,
      1.38
    ],
    "SoftwareVersions": "syngo_MR_E11",
    "TotalReadoutTime": 0.0530388,
    "TrueEchoSpacing": 0.00311993,
    "dataset": "ds001511",
    "modality": "bold",
    "run_id": 4,
    "subject_id": "sid000012",
    "task_id": "scrambled"
  },
  "dummy_trs": 0,
  "dvars_nstd": 41.9893389312253,
  "dvars_std": 1.1543120730830039,
  "dvars_vstd": 1.0239477129446641,
  "efc": 0.5695394334813723,
  "fber": 279.3733825683594,
  "fd_mean": 0.1361643907029951,
  "fd_num": 59,
  "fd_perc": 11.637080867850099,
  "fwhm_avg": 2.9388433333333333,
  "fwhm_x": 2.7906,
  "fwhm_y": 3.107815,
  "fwhm_z": 2.918115,
  "gcor": 0.00987774,
  "gsr_x": -0.007482585497200489,
  "gsr_y": 0.06561455875635147,
  "provenance": {
    "md5sum": "1172cf43f4c5cdcf2386607c94d6b66f",
    "settings": {
      "fd_thres": 0.2,
      "testing": false
    },
    "software": "mriqc",
    "version": "23.0.1",
    "webapi_port": null,
    "webapi_url": "https://mriqc.nimh.nih.gov/api/v1"
  },
  "size_t": 507,
  "size_x": 96,
  "size_y": 96,
  "size_z": 60,
  "snr": 1.7735439154426544,
  "spacing_tr": 1.5,
  "spacing_x": 2.0,
  "spacing_y": 2.0,
  "spacing_z": 2.0,
  "summary_bg_k": 81.90417243709489,
  "summary_bg_mad": 10.10625939482718,
  "summary_bg_mean": 51.170127868652344,
  "summary_bg_median": 30.646944046020508,
  "summary_bg_n": 312203.0,
  "summary_bg_p05": 21.85404396057129,
  "summary_bg_p95": 141.56726531982395,
  "summary_bg_stdv": 70.93574523925781,
  "summary_fg_k": 5.339392877169608,
  "summary_fg_mad": 214.4539225602754,
  "summary_fg_mean": 592.7014770507812,
  "summary_fg_median": 524.85009765625,
  "summary_fg_n": 155507.0,
  "summary_fg_p05": 267.65404357910154,
  "summary_fg_p95": 1164.792700195312,
  "summary_fg_stdv": 295.9320068359375,
  "tsnr": 29.7181196231395
}