{
  "aor": 0.0020994104803493453,
  "aqi": 0.006571155524017466,
  "bids_meta": {
    "AccelFactPE": 4,
    "AcquisitionNumber": 1,
    "AcquisitionTime": "22:54:25.565000",
    "BandwidthPerPixelPhaseEncode": 13.355,
    "BodyPartExamined": "BRAIN",
    "ConversionSoftware": "dcm2niix",
    "ConversionSoftwareVersion": "v1.0.20170724 GCC4.4.7",
    "DeviceSerialNumber": "66018",
    "EchoTime": 0.039,
    "EchoTrainLength": 72,
    "EffectiveEchoSpacing": 0.000779983,
    "FlipAngle": 50,
    "ImageType": [
      "ORIGINAL",
      "PRIMARY",
      "M",
      "ND",
      "MOSAIC"
    ],
    "InstitutionAddress": "Stadium_1952_Princeton_NJ_US_08544",
    "InstitutionName": "Princeton_University",
    "MagneticFieldStrength": 3,
    "Manufacturer": "Siemens",
    "ManufacturersModelName": "Prisma",
    "PhaseEncodingDirection": "j-",
    "PhaseEncodingLines": 96,
    "ProcedureStepDescription": "Hasson_Baldassano_040518_SchemaScrambled",
    "ProtocolName": "func_task-CMIYC",
    "RepetitionTime": 1.5,
    "ScanningSequence": "EP",
    "SequenceName": "_epfid2d1_96",
    "SequenceVariant": "SK",
    "SeriesDescription": "func_task-CMIYC",
    "SliceTiming": [
      0.69,
      0,
      0.7875,
      0.0975,
      0.8875,
      0.195,
      0.985,
      0.295,
      1.085,
      0.3925,
      1.1825,
      0.4925,
      1.2825,
      0.59,
      1.38,
      0.69,
      0,
      0.7875,
      0.0975,
      0.8875,
      0.195,
      0.985,
      0.295,
      1.085,
      0.3925,
      1.1825,
      0.4925,
      1.2825,
      0.59,
      1.38,
      0.69,
      0,
      0.7875,
      0.0975,
      0.8875,
      0.195,
      0.985,
      0.295,
      1.085,
      0.3925,
      1.1825,
      0.4925,
      1.2825,
      0.59,
      1.38,
      0.69,
      0,
      0.7875,
      0.0975,
      0.8875,
      0.195,
      0.985,
      0.295,
      1.085,
      0.3925,
      1.1825,
      0.4925,
      1.2825,
      0.59,
      1.38
    ],
    "SoftwareVersions": "syngo_MR_E11",
    "TotalReadoutTime": 0.0530388,
    "TrueEchoSpacing": 0.00311993,
    "dataset": "ds001511",
    "modality": "bold",
    "subject_id": "sid000012",
    "task_id": "CMIYC"
  },
  "dummy_trs": 1,
  "dvars_nstd": 42.457378654726476,
  "dvars_std": 1.1752645746170678,
  "dvars_vstd": 1.018286457089716,
  "efc": 0.5696291163709406,
  "fber": 272.7369384765625,
  "fd_mean": 0.1359590292785424,
  "fd_num": 58,
  "fd_perc": 12.663755458515285,
  "fwhm_avg": 2.9756216666666666,
  "fwhm_x": 2.788415,
  "fwhm_y": 3.12846,
  "fwhm_z": 3.00999,
  "gcor": 0.00729922,
  "gsr_x": -0.00760767562314868,
  "gsr_y": 0.0648307055234909,
  "provenance": {
    "md5sum": "1891da14b28aad169b395ce7efd4a3d2",
    "settings": {
      "fd_thres": 0.2,
      "testing": false
    },
    "software": "mriqc",
    "version": "23.0.1",
    "webapi_port": null,
    "webapi_url": "https://mriqc.nimh.nih.gov/api/v1"
  },
  "size_t": 458,
  "size_x": 96,
  "size_y": 96,
  "size_z": 60,
  "snr": 1.7602749024316147,
  "spacing_tr": 1.5,
  "spacing_x": 2.0,
  "spacing_y": 2.0,
  "spacing_z": 2.0,
  "summary_bg_k": 71.28602538822605,
  "summary_bg_mad": 10.52388601614558,
  "summary_bg_mean": 52.26933288574219,
  "summary_bg_median": 31.01310157775879,
  "summary_bg_n": 312183.0,
  "summary_bg_p05": 21.831878662109375,
  "summary_bg_p95": 149.2355911254882,
  "summary_bg_stdv": 71.38307189941406,
  "summary_fg_k": 5.21470413424492,
  "summary_fg_mad": 216.96821105155823,
  "summary_fg_mean": 595.8484497070312,
  "summary_fg_median": 525.9781494140625,
  "summary_fg_n": 155507.0,
  "summary_fg_p05": 269.2458465576172,
  "summary_fg_p95": 1174.760900878906,
  "summary_fg_stdv": 298.8035888671875,
  "tsnr": 35.25228828936815
}