{
  "bids_meta": {
    "AccelFactPE": 2,
    "AcquisitionNumber": 1,
    "AcquisitionTime": "17:19:52.870000",
    "BodyPartExamined": "BRAIN",
    "ConversionSoftware": "dcm2niix",
    "ConversionSoftwareVersion": "v1.0.20170724 GCC4.4.7",
    "DeviceSerialNumber": "66018",
    "EchoTime": 0.0033,
    "FlipAngle": 7,
    "ImageType": [
      "ORIGINAL",
      "PRIMARY",
      "M",
      "ND",
      "NORM"
    ],
    "InstitutionAddress": "Stadium_1952_Princeton_NJ_US_08544",
    "InstitutionName": "Princeton_University",
    "InversionTime": 1.1,
    "MagneticFieldStrength": 3,
    "Manufacturer": "Siemens",
    "ManufacturersModelName": "Prisma",
    "PhaseEncodingDirection": "i-",
    "PhaseEncodingLines": 256,
    "ProcedureStepDescription": "Hasson_Baldassano_040518_SchemaScrambled",
    "ProtocolName": "anat-T1w",
    "RepetitionTime": 2.53,
    "ScanningSequence": "GR_IR",
    "SequenceName": "_tfl3d1_16ns",
    "SequenceVariant": "SK_SP_MP",
    "SeriesDescription": "anat-T1w",
    "SoftwareVersions": "syngo_MR_E11",
    "dataset": "ds001511",
    "modality": "T1w",
    "subject_id": "sid000002"
  },
  "cjv": 0.33371065854062415,
  "cnr": 4.004340776112058,
  "efc": 0.5163553679468359,
  "fber": 24812.868088411837,
  "fwhm_avg": 3.9596,
  "fwhm_x": 4.00089,
  "fwhm_y": 4.07498,
  "fwhm_z": 3.80293,
  "icvs_csf": 0.2175868430427894,
  "icvs_gm": 0.428963914419039,
  "icvs_wm": 0.35344924253817156,
  "inu_med": 0.5205192863941193,
  "inu_range": 0.19460266381502156,
  "provenance": {
    "md5sum": "d0df8589e6001b733d9b1a3e91157aac",
    "settings": {
      "testing": false
    },
    "software": "mriqc",
    "version": "23.0.1",
    "warnings": {
      "large_rot_frame": true,
      "small_air_mask": false
    },
    "webapi_port": null,
    "webapi_url": "https://mriqc.nimh.nih.gov/api/v1"
  },
  "qi_1": 0.0,
  "qi_2": 0.0009264127836372486,
  "rpve_csf": 25.445418027672364,
  "rpve_gm": 13.340320691513035,
  "rpve_wm": 18.773170452126354,
  "size_x": 176,
  "size_y": 256,
  "size_z": 256,
  "snr_csf": 1.6055974090174987,
  "snr_gm": 9.201958406567456,
  "snr_total": 11.782487380428819,
  "snr_wm": 24.5399063257015,
  "snrd_csf": 20.577177241370784,
  "snrd_gm": 69.61866487726934,
  "snrd_total": 64.89199062372138,
  "snrd_wm": 104.48012975252402,
  "spacing_x": 1.0,
  "spacing_y": 1.0,
  "spacing_z": 1.0,
  "summary_bg_k": 14.860338220740655,
  "summary_bg_mad": 0.0,
  "summary_bg_mean": 3.721583713952269,
  "summary_bg_median": 0.0,
  "summary_bg_n": 3716446.0,
  "summary_bg_p05": 0.0,
  "summary_bg_p95": 16.063610583543777,
  "summary_bg_stdv": 6.270440134965437,
  "summary_csf_k": 0.5026134831003755,
  "summary_csf_mad": 118.22063124869263,
  "summary_csf_mean": 222.2953067531028,
  "summary_csf_median": 196.94823557138443,
  "summary_csf_n": 37536.0,
  "summary_csf_p05": 56.906708635389805,
  "summary_csf_p95": 448.1473724171519,
  "summary_csf_stdv": 122.66188958069634,
  "summary_gm_k": -0.034812311670485485,
  "summary_gm_mad": 73.02283641925705,
  "summary_gm_mean": 666.1685306047118,
  "summary_gm_median": 666.3340189754963,
  "summary_gm_n": 32651.0,
  "summary_gm_p05": 546.7100171148777,
  "summary_gm_p95": 785.0888475179672,
  "summary_gm_stdv": 72.41108746351476,
  "summary_wm_k": 0.6734465466888522,
  "summary_wm_mad": 38.32505728409373,
  "summary_wm_mean": 999.4185270792264,
  "summary_wm_median": 999.99999833107,
  "summary_wm_n": 191952.0,
  "summary_wm_p05": 931.7216054499149,
  "summary_wm_p95": 1064.6085483133793,
  "summary_wm_stdv": 40.74984558773472,
  "tpm_overlap_csf": 0.15014079044076759,
  "tpm_overlap_gm": 0.4731383114223879,
  "tpm_overlap_wm": 0.5115063215739777,
  "wm2max": 0.6477874629853609
}