{
  "aor": 0.004762644135188868,
  "aqi": 0.007399168508946322,
  "bids_meta": {
    "AccelFactPE": 4,
    "AcquisitionNumber": 1,
    "AcquisitionTime": "21:31:34.907500",
    "BandwidthPerPixelPhaseEncode": 13.355,
    "BodyPartExamined": "BRAIN",
    "ConversionSoftware": "dcm2niix",
    "ConversionSoftwareVersion": "v1.0.20170724 GCC4.4.7",
    "DeviceSerialNumber": "66018",
    "EchoTime": 0.039,
    "EchoTrainLength": 72,
    "EffectiveEchoSpacing": 0.000779983,
    "FlipAngle": 50,
    "ImageType": [
      "ORIGINAL",
      "PRIMARY",
      "M",
      "ND",
      "MOSAIC"
    ],
    "InstitutionAddress": "Stadium_1952_Princeton_NJ_US_08544",
    "InstitutionName": "Princeton_University",
    "MagneticFieldStrength": 3,
    "Manufacturer": "Siemens",
    "ManufacturersModelName": "Prisma",
    "PhaseEncodingDirection": "j-",
    "PhaseEncodingLines": 96,
    "ProcedureStepDescription": "Hasson_Baldassano_040518_SchemaScrambled",
    "ProtocolName": "func_task-scrambled_run-01",
    "RepetitionTime": 1.5,
    "ScanningSequence": "EP",
    "SequenceName": "_epfid2d1_96",
    "SequenceVariant": "SK",
    "SeriesDescription": "func_task-scrambled_run-01",
    "SliceTiming": [
      0.69,
      0,
      0.79,
      0.0975,
      0.8875,
      0.1975,
      0.9875,
      0.295,
      1.085,
      0.395,
      1.185,
      0.4925,
      1.2825,
      0.5925,
      1.3825,
      0.69,
      0,
      0.79,
      0.0975,
      0.8875,
      0.1975,
      0.9875,
      0.295,
      1.085,
      0.395,
      1.185,
      0.4925,
      1.2825,
      0.5925,
      1.3825,
      0.69,
      0,
      0.79,
      0.0975,
      0.8875,
      0.1975,
      0.9875,
      0.295,
      1.085,
      0.395,
      1.185,
      0.4925,
      1.2825,
      0.5925,
      1.3825,
      0.69,
      0,
      0.79,
      0.0975,
      0.8875,
      0.1975,
      0.9875,
      0.295,
      1.085,
      0.395,
      1.185,
      0.4925,
      1.2825,
      0.5925,
      1.3825
    ],
    "SoftwareVersions": "syngo_MR_E11",
    "TotalReadoutTime": 0.0530388,
    "TrueEchoSpacing": 0.00311993,
    "dataset": "ds001511",
    "modality": "bold",
    "run_id": 1,
    "subject_id": "sid000013",
    "task_id": "scrambled"
  },
  "dummy_trs": 0,
  "dvars_nstd": 37.87077113085656,
  "dvars_std": 1.1143226768326702,
  "dvars_vstd": 1.006832521215139,
  "efc": 0.5622438843557193,
  "fber": 382.4480895996094,
  "fd_mean": 0.2187174502997302,
  "fd_num": 245,
  "fd_perc": 48.70775347912525,
  "fwhm_avg": 3.0427866666666668,
  "fwhm_x": 2.884105,
  "fwhm_y": 3.179735,
  "fwhm_z": 3.06452,
  "gcor": 0.027552,
  "gsr_x": -0.0025181504897773266,
  "gsr_y": 0.042758431285619736,
  "provenance": {
    "md5sum": "e6d8a9ecb322ad240ec10d8a38105b93",
    "settings": {
      "fd_thres": 0.2,
      "testing": false
    },
    "software": "mriqc",
    "version": "23.0.1",
    "webapi_port": null,
    "webapi_url": "https://mriqc.nimh.nih.gov/api/v1"
  },
  "size_t": 503,
  "size_x": 96,
  "size_y": 96,
  "size_z": 60,
  "snr": 2.165413343015095,
  "spacing_tr": 1.5,
  "spacing_x": 2.0,
  "spacing_y": 2.0,
  "spacing_z": 2.0,
  "summary_bg_k": 47.433987590021026,
  "summary_bg_mad": 8.1263081090496,
  "summary_bg_mean": 43.65694808959961,
  "summary_bg_median": 28.14512825012207,
  "summary_bg_n": 322900.0,
  "summary_bg_p05": 21.13518714904785,
  "summary_bg_p95": 117.98607635498047,
  "summary_bg_stdv": 47.13466262817383,
  "summary_fg_k": 3.0997736795522757,
  "summary_fg_mad": 227.8196937687674,
  "summary_fg_mean": 615.9232788085938,
  "summary_fg_median": 564.292236328125,
  "summary_fg_n": 143906.0,
  "summary_fg_p05": 304.3121109008789,
  "summary_fg_p95": 1112.7504577636719,
  "summary_fg_stdv": 260.5924072265625,
  "tsnr": 35.82831947831437
}