{
  "aor": 0.0019264015904572566,
  "aqi": 0.005965841073558648,
  "bids_meta": {
    "AccelFactPE": 4,
    "AcquisitionNumber": 1,
    "AcquisitionTime": "21:44:36.662500",
    "BandwidthPerPixelPhaseEncode": 13.355,
    "BodyPartExamined": "BRAIN",
    "ConversionSoftware": "dcm2niix",
    "ConversionSoftwareVersion": "v1.0.20170724 GCC4.4.7",
    "DeviceSerialNumber": "66018",
    "EchoTime": 0.039,
    "EchoTrainLength": 72,
    "EffectiveEchoSpacing": 0.000779983,
    "FlipAngle": 50,
    "ImageType": [
      "ORIGINAL",
      "PRIMARY",
      "M",
      "ND",
      "MOSAIC"
    ],
    "InstitutionAddress": "Stadium_1952_Princeton_NJ_US_08544",
    "InstitutionName": "Princeton_University",
    "MagneticFieldStrength": 3,
    "Manufacturer": "Siemens",
    "ManufacturersModelName": "Prisma",
    "PhaseEncodingDirection": "j-",
    "PhaseEncodingLines": 96,
    "ProcedureStepDescription": "Hasson_Baldassano_040518_SchemaScrambled",
    "ProtocolName": "func_task-scrambled_run-02",
    "RepetitionTime": 1.5,
    "ScanningSequence": "EP",
    "SequenceName": "_epfid2d1_96",
    "SequenceVariant": "SK",
    "SeriesDescription": "func_task-scrambled_run-02",
    "SliceTiming": [
      0.69,
      0,
      0.7875,
      0.0975,
      0.8875,
      0.1975,
      0.985,
      0.295,
      1.085,
      0.395,
      1.1825,
      0.4925,
      1.2825,
      0.59,
      1.38,
      0.69,
      0,
      0.7875,
      0.0975,
      0.8875,
      0.1975,
      0.985,
      0.295,
      1.085,
      0.395,
      1.1825,
      0.4925,
      1.2825,
      0.59,
      1.38,
      0.69,
      0,
      0.7875,
      0.0975,
      0.8875,
      0.1975,
      0.985,
      0.295,
      1.085,
      0.395,
      1.1825,
      0.4925,
      1.2825,
      0.59,
      1.38,
      0.69,
      0,
      0.7875,
      0.0975,
      0.8875,
      0.1975,
      0.985,
      0.295,
      1.085,
      0.395,
      1.1825,
      0.4925,
      1.2825,
      0.59,
      1.38
    ],
    "SoftwareVersions": "syngo_MR_E11",
    "TotalReadoutTime": 0.0530388,
    "TrueEchoSpacing": 0.00311993,
    "dataset": "ds001511",
    "modality": "bold",
    "run_id": 2,
    "subject_id": "sid000013",
    "task_id": "scrambled"
  },
  "dummy_trs": 0,
  "dvars_nstd": 36.8315030097411,
  "dvars_std": 1.1121991365139448,
  "dvars_vstd": 1.0044915911155379,
  "efc": 0.5627661406954702,
  "fber": 380.1927185058594,
  "fd_mean": 0.21087382857001627,
  "fd_num": 240,
  "fd_perc": 47.713717693836976,
  "fwhm_avg": 3.044801666666667,
  "fwhm_x": 2.89234,
  "fwhm_y": 3.1638,
  "fwhm_z": 3.078265,
  "gcor": 0.019983,
  "gsr_x": -0.0016007453668862581,
  "gsr_y": 0.042171210050582886,
  "provenance": {
    "md5sum": "8b2e4ddcc4c665df5634b30f3553adf8",
    "settings": {
      "fd_thres": 0.2,
      "testing": false
    },
    "software": "mriqc",
    "version": "23.0.1",
    "webapi_port": null,
    "webapi_url": "https://mriqc.nimh.nih.gov/api/v1"
  },
  "size_t": 503,
  "size_x": 96,
  "size_y": 96,
  "size_z": 60,
  "snr": 2.1586690565120166,
  "spacing_tr": 1.5,
  "spacing_x": 2.0,
  "spacing_y": 2.0,
  "spacing_z": 2.0,
  "summary_bg_k": 45.73523239941794,
  "summary_bg_mad": 8.217684080818115,
  "summary_bg_mean": 44.12782669067383,
  "summary_bg_median": 28.230615615844727,
  "summary_bg_n": 323133.0,
  "summary_bg_p05": 21.077533721923828,
  "summary_bg_p95": 121.58448791503906,
  "summary_bg_stdv": 47.5616340637207,
  "summary_fg_k": 3.059921436456704,
  "summary_fg_mad": 227.70173893528215,
  "summary_fg_mean": 614.873291015625,
  "summary_fg_median": 563.3419189453125,
  "summary_fg_n": 143863.0,
  "summary_fg_p05": 303.1826965332031,
  "summary_fg_p95": 1115.0531982421876,
  "summary_fg_stdv": 260.9663391113281,
  "tsnr": 37.76756749721244
}