{
  "aor": 0.0018042284569138275,
  "aqi": 0.004601868076152304,
  "bids_meta": {
    "AccelFactPE": 4,
    "AcquisitionNumber": 1,
    "AcquisitionTime": "22:10:55.437500",
    "BandwidthPerPixelPhaseEncode": 13.355,
    "BodyPartExamined": "BRAIN",
    "ConversionSoftware": "dcm2niix",
    "ConversionSoftwareVersion": "v1.0.20170724 GCC4.4.7",
    "DeviceSerialNumber": "66018",
    "EchoTime": 0.039,
    "EchoTrainLength": 72,
    "EffectiveEchoSpacing": 0.000779983,
    "FlipAngle": 50,
    "ImageType": [
      "ORIGINAL",
      "PRIMARY",
      "M",
      "ND",
      "MOSAIC"
    ],
    "InstitutionAddress": "Stadium_1952_Princeton_NJ_US_08544",
    "InstitutionName": "Princeton_University",
    "MagneticFieldStrength": 3,
    "Manufacturer": "Siemens",
    "ManufacturersModelName": "Prisma",
    "PhaseEncodingDirection": "j-",
    "PhaseEncodingLines": 96,
    "ProcedureStepDescription": "Hasson_Baldassano_040518_SchemaScrambled",
    "ProtocolName": "func_task-scrambled_run-04",
    "RepetitionTime": 1.5,
    "ScanningSequence": "EP",
    "SequenceName": "_epfid2d1_96",
    "SequenceVariant": "SK",
    "SeriesDescription": "func_task-scrambled_run-04",
    "SliceTiming": [
      0.69,
      0,
      0.7875,
      0.0975,
      0.8875,
      0.1975,
      0.985,
      0.295,
      1.085,
      0.395,
      1.1825,
      0.4925,
      1.2825,
      0.59,
      1.38,
      0.69,
      0,
      0.7875,
      0.0975,
      0.8875,
      0.1975,
      0.985,
      0.295,
      1.085,
      0.395,
      1.1825,
      0.4925,
      1.2825,
      0.59,
      1.38,
      0.69,
      0,
      0.7875,
      0.0975,
      0.8875,
      0.1975,
      0.985,
      0.295,
      1.085,
      0.395,
      1.1825,
      0.4925,
      1.2825,
      0.59,
      1.38,
      0.69,
      0,
      0.7875,
      0.0975,
      0.8875,
      0.1975,
      0.985,
      0.295,
      1.085,
      0.395,
      1.1825,
      0.4925,
      1.2825,
      0.59,
      1.38
    ],
    "SoftwareVersions": "syngo_MR_E11",
    "TotalReadoutTime": 0.0530388,
    "TrueEchoSpacing": 0.00311993,
    "dataset": "ds001511",
    "modality": "bold",
    "run_id": 4,
    "subject_id": "sid000013",
    "task_id": "scrambled"
  },
  "dummy_trs": 0,
  "dvars_nstd": 35.54841635991967,
  "dvars_std": 1.1392927543975897,
  "dvars_vstd": 1.0213154124497996,
  "efc": 0.5642706382066834,
  "fber": 374.8350830078125,
  "fd_mean": 0.182672200486993,
  "fd_num": 208,
  "fd_perc": 41.68336673346693,
  "fwhm_avg": 3.020845,
  "fwhm_x": 2.87093,
  "fwhm_y": 3.151055,
  "fwhm_z": 3.04055,
  "gcor": 0.0178531,
  "gsr_x": -0.0019926009699702263,
  "gsr_y": 0.04274182394146919,
  "provenance": {
    "md5sum": "944175409ec8886ccca01e9c7a84253c",
    "settings": {
      "fd_thres": 0.2,
      "testing": false
    },
    "software": "mriqc",
    "version": "23.0.1",
    "webapi_port": null,
    "webapi_url": "https://mriqc.nimh.nih.gov/api/v1"
  },
  "size_t": 499,
  "size_x": 96,
  "size_y": 96,
  "size_z": 60,
  "snr": 2.1591354348035456,
  "spacing_tr": 1.5,
  "spacing_x": 2.0,
  "spacing_y": 2.0,
  "spacing_z": 2.0,
  "summary_bg_k": 45.26252775858435,
  "summary_bg_mad": 7.912164321282622,
  "summary_bg_mean": 45.17184066772461,
  "summary_bg_median": 28.348697662353516,
  "summary_bg_n": 323197.0,
  "summary_bg_p05": 21.583166122436523,
  "summary_bg_p95": 127.13426971435547,
  "summary_bg_stdv": 49.6495361328125,
  "summary_fg_k": 3.0533362840143843,
  "summary_fg_mad": 226.80395650972378,
  "summary_fg_mean": 614.0171508789062,
  "summary_fg_median": 562.5741577148438,
  "summary_fg_n": 143650.0,
  "summary_fg_p05": 303.12495880126954,
  "summary_fg_p95": 1113.5741699218743,
  "summary_fg_stdv": 260.55438232421875,
  "tsnr": 43.32728093722835
}