{
  "aor": 0.004620673913043478,
  "aqi": 0.0038324873260869564,
  "bids_meta": {
    "AccelFactPE": 4,
    "AcquisitionNumber": 1,
    "AcquisitionTime": "22:23:53.692500",
    "BandwidthPerPixelPhaseEncode": 13.355,
    "BodyPartExamined": "BRAIN",
    "ConversionSoftware": "dcm2niix",
    "ConversionSoftwareVersion": "v1.0.20170724 GCC4.4.7",
    "DeviceSerialNumber": "66018",
    "EchoTime": 0.039,
    "EchoTrainLength": 72,
    "EffectiveEchoSpacing": 0.000779983,
    "FlipAngle": 50,
    "ImageType": [
      "ORIGINAL",
      "PRIMARY",
      "M",
      "ND",
      "MOSAIC"
    ],
    "InstitutionAddress": "Stadium_1952_Princeton_NJ_US_08544",
    "InstitutionName": "Princeton_University",
    "MagneticFieldStrength": 3,
    "Manufacturer": "Siemens",
    "ManufacturersModelName": "Prisma",
    "PhaseEncodingDirection": "j-",
    "PhaseEncodingLines": 96,
    "ProcedureStepDescription": "Hasson_Baldassano_040518_SchemaScrambled",
    "ProtocolName": "func_task-CMIYC",
    "RepetitionTime": 1.5,
    "ScanningSequence": "EP",
    "SequenceName": "_epfid2d1_96",
    "SequenceVariant": "SK",
    "SeriesDescription": "func_task-CMIYC",
    "SliceTiming": [
      0.69,
      0,
      0.7875,
      0.0975,
      0.8875,
      0.1975,
      0.985,
      0.295,
      1.085,
      0.395,
      1.1825,
      0.4925,
      1.2825,
      0.5925,
      1.38,
      0.69,
      0,
      0.7875,
      0.0975,
      0.8875,
      0.1975,
      0.985,
      0.295,
      1.085,
      0.395,
      1.1825,
      0.4925,
      1.2825,
      0.5925,
      1.38,
      0.69,
      0,
      0.7875,
      0.0975,
      0.8875,
      0.1975,
      0.985,
      0.295,
      1.085,
      0.395,
      1.1825,
      0.4925,
      1.2825,
      0.5925,
      1.38,
      0.69,
      0,
      0.7875,
      0.0975,
      0.8875,
      0.1975,
      0.985,
      0.295,
      1.085,
      0.395,
      1.1825,
      0.4925,
      1.2825,
      0.5925,
      1.38
    ],
    "SoftwareVersions": "syngo_MR_E11",
    "TotalReadoutTime": 0.0530388,
    "TrueEchoSpacing": 0.00311993,
    "dataset": "ds001511",
    "modality": "bold",
    "subject_id": "sid000013",
    "task_id": "CMIYC"
  },
  "dummy_trs": 0,
  "dvars_nstd": 36.33333477947713,
  "dvars_std": 1.171492085708062,
  "dvars_vstd": 1.0553725593028318,
  "efc": 0.5641079079580038,
  "fber": 367.9478454589844,
  "fd_mean": 0.18248883260999654,
  "fd_num": 135,
  "fd_perc": 29.347826086956523,
  "fwhm_avg": 3.0195516666666666,
  "fwhm_x": 2.871395,
  "fwhm_y": 3.156875,
  "fwhm_z": 3.030385,
  "gcor": 0.0302647,
  "gsr_x": -0.0009152666898444295,
  "gsr_y": 0.041030872613191605,
  "provenance": {
    "md5sum": "752af208e714d7b375ce077c76a00d59",
    "settings": {
      "fd_thres": 0.2,
      "testing": false
    },
    "software": "mriqc",
    "version": "23.0.1",
    "webapi_port": null,
    "webapi_url": "https://mriqc.nimh.nih.gov/api/v1"
  },
  "size_t": 460,
  "size_x": 96,
  "size_y": 96,
  "size_z": 60,
  "snr": 2.14876285485318,
  "spacing_tr": 1.5,
  "spacing_x": 2.0,
  "spacing_y": 2.0,
  "spacing_z": 2.0,
  "summary_bg_k": 39.69572606444127,
  "summary_bg_mad": 8.521739019588713,
  "summary_bg_mean": 44.77072525024414,
  "summary_bg_median": 28.549999237060547,
  "summary_bg_n": 322911.0,
  "summary_bg_p05": 21.14565086364746,
  "summary_bg_p95": 126.28368759155273,
  "summary_bg_stdv": 47.785987854003906,
  "summary_fg_k": 3.0404917570611527,
  "summary_fg_mad": 227.60523043515786,
  "summary_fg_mean": 613.0848999023438,
  "summary_fg_median": 561.2608642578125,
  "summary_fg_n": 144097.0,
  "summary_fg_p05": 301.5191223144531,
  "summary_fg_p95": 1112.9899169921866,
  "summary_fg_stdv": 261.2009582519531,
  "tsnr": 43.235197646543384
}