{
  "aor": 0.00111491124260355,
  "aqi": 0.004914396213017752,
  "bids_meta": {
    "AccelFactPE": 4,
    "AcquisitionNumber": 1,
    "AcquisitionTime": "21:57:41.822500",
    "BandwidthPerPixelPhaseEncode": 13.355,
    "BodyPartExamined": "BRAIN",
    "ConversionSoftware": "dcm2niix",
    "ConversionSoftwareVersion": "v1.0.20170724 GCC4.4.7",
    "DeviceSerialNumber": "66018",
    "EchoTime": 0.039,
    "EchoTrainLength": 72,
    "EffectiveEchoSpacing": 0.000779983,
    "FlipAngle": 50,
    "ImageType": [
      "ORIGINAL",
      "PRIMARY",
      "M",
      "ND",
      "MOSAIC"
    ],
    "InstitutionAddress": "Stadium_1952_Princeton_NJ_US_08544",
    "InstitutionName": "Princeton_University",
    "MagneticFieldStrength": 3,
    "Manufacturer": "Siemens",
    "ManufacturersModelName": "Prisma",
    "PhaseEncodingDirection": "j-",
    "PhaseEncodingLines": 96,
    "ProcedureStepDescription": "Hasson_Baldassano_040518_SchemaScrambled",
    "ProtocolName": "func_task-scrambled_run-03",
    "RepetitionTime": 1.5,
    "ScanningSequence": "EP",
    "SequenceName": "_epfid2d1_96",
    "SequenceVariant": "SK",
    "SeriesDescription": "func_task-scrambled_run-03",
    "SliceTiming": [
      0.69,
      0,
      0.79,
      0.0975,
      0.8875,
      0.1975,
      0.9875,
      0.295,
      1.085,
      0.395,
      1.185,
      0.4925,
      1.2825,
      0.5925,
      1.38,
      0.69,
      0,
      0.79,
      0.0975,
      0.8875,
      0.1975,
      0.9875,
      0.295,
      1.085,
      0.395,
      1.185,
      0.4925,
      1.2825,
      0.5925,
      1.38,
      0.69,
      0,
      0.79,
      0.0975,
      0.8875,
      0.1975,
      0.9875,
      0.295,
      1.085,
      0.395,
      1.185,
      0.4925,
      1.2825,
      0.5925,
      1.38,
      0.69,
      0,
      0.79,
      0.0975,
      0.8875,
      0.1975,
      0.9875,
      0.295,
      1.085,
      0.395,
      1.185,
      0.4925,
      1.2825,
      0.5925,
      1.38
    ],
    "SoftwareVersions": "syngo_MR_E11",
    "TotalReadoutTime": 0.0530388,
    "TrueEchoSpacing": 0.00311993,
    "dataset": "ds001511",
    "modality": "bold",
    "run_id": 3,
    "subject_id": "sid000013",
    "task_id": "scrambled"
  },
  "dummy_trs": 0,
  "dvars_nstd": 36.48634621478259,
  "dvars_std": 1.1262898879644279,
  "dvars_vstd": 1.0072924562055334,
  "efc": 0.5638115472243694,
  "fber": 375.7993469238281,
  "fd_mean": 0.1962503441910627,
  "fd_num": 217,
  "fd_perc": 42.80078895463511,
  "fwhm_avg": 3.0189950000000003,
  "fwhm_x": 2.876655,
  "fwhm_y": 3.16335,
  "fwhm_z": 3.01698,
  "gcor": 0.0206285,
  "gsr_x": -0.0015913201496005058,
  "gsr_y": 0.04226754605770111,
  "provenance": {
    "md5sum": "41613770f10213cfa2f219a776abfd4a",
    "settings": {
      "fd_thres": 0.2,
      "testing": false
    },
    "software": "mriqc",
    "version": "23.0.1",
    "webapi_port": null,
    "webapi_url": "https://mriqc.nimh.nih.gov/api/v1"
  },
  "size_t": 507,
  "size_x": 96,
  "size_y": 96,
  "size_z": 60,
  "snr": 2.157344542074042,
  "spacing_tr": 1.5,
  "spacing_x": 2.0,
  "spacing_y": 2.0,
  "spacing_z": 2.0,
  "summary_bg_k": 45.31668052028584,
  "summary_bg_mad": 8.06512214980238,
  "summary_bg_mean": 44.74149703979492,
  "summary_bg_median": 28.34714126586914,
  "summary_bg_n": 323028.0,
  "summary_bg_p05": 21.28205108642578,
  "summary_bg_p95": 125.00848426818834,
  "summary_bg_stdv": 48.676513671875,
  "summary_fg_k": 3.08032742079643,
  "summary_fg_mad": 227.16562584668742,
  "summary_fg_mean": 613.9681396484375,
  "summary_fg_median": 562.4793090820312,
  "summary_fg_n": 143981.0,
  "summary_fg_p05": 302.7120361328125,
  "summary_fg_p95": 1113.64697265625,
  "summary_fg_stdv": 260.7267150878906,
  "tsnr": 41.303837003186345
}