{
  "bids_meta": {
    "AccelFactPE": 2,
    "AcquisitionNumber": 1,
    "AcquisitionTime": "16:51:12.707500",
    "BodyPartExamined": "BRAIN",
    "ConversionSoftware": "dcm2niix",
    "ConversionSoftwareVersion": "v1.0.20170724 GCC4.4.7",
    "DeviceSerialNumber": "66018",
    "EchoTime": 0.0033,
    "FlipAngle": 7,
    "ImageType": [
      "ORIGINAL",
      "PRIMARY",
      "M",
      "ND",
      "NORM"
    ],
    "InstitutionAddress": "Stadium_1952_Princeton_NJ_US_08544",
    "InstitutionName": "Princeton_University",
    "InversionTime": 1.1,
    "MagneticFieldStrength": 3,
    "Manufacturer": "Siemens",
    "ManufacturersModelName": "Prisma",
    "PhaseEncodingDirection": "i-",
    "PhaseEncodingLines": 256,
    "ProcedureStepDescription": "Hasson_Baldassano_040518_SchemaScrambled",
    "ProtocolName": "anat-T1w",
    "RepetitionTime": 2.53,
    "ScanningSequence": "GR_IR",
    "SequenceName": "_tfl3d1_16ns",
    "SequenceVariant": "SK_SP_MP",
    "SeriesDescription": "anat-T1w",
    "SoftwareVersions": "syngo_MR_E11",
    "dataset": "ds001511",
    "modality": "T1w",
    "subject_id": "sid000011"
  },
  "cjv": 0.3195608325746837,
  "cnr": 4.087372050899548,
  "efc": 0.5837594814469307,
  "fber": -1.0,
  "fwhm_avg": 3.7517600000000004,
  "fwhm_x": 3.80548,
  "fwhm_y": 3.93909,
  "fwhm_z": 3.51071,
  "icvs_csf": 0.19648945763908876,
  "icvs_gm": 0.45646046597947487,
  "icvs_wm": 0.34705007638143637,
  "inu_med": 0.623378574848175,
  "inu_range": 0.32414693832397456,
  "provenance": {
    "md5sum": "092c6005364cefea475ab5e4504a64d7",
    "settings": {
      "testing": false
    },
    "software": "mriqc",
    "version": "23.0.1",
    "warnings": {
      "large_rot_frame": true,
      "small_air_mask": false
    },
    "webapi_port": null,
    "webapi_url": "https://mriqc.nimh.nih.gov/api/v1"
  },
  "qi_1": 6.051631002808209e-06,
  "qi_2": 0.0009588914734395932,
  "rpve_csf": 21.294959234578013,
  "rpve_gm": 9.98509955177299,
  "rpve_wm": 14.928303358127211,
  "size_x": 176,
  "size_y": 256,
  "size_z": 256,
  "snr_csf": 1.7420321426284506,
  "snr_gm": 9.51296234438863,
  "snr_total": 10.734978630854442,
  "snr_wm": 20.949941405546245,
  "snrd_csf": 16.569255140276177,
  "snrd_gm": 54.98153774243647,
  "snrd_total": 51.796800337858144,
  "snrd_wm": 83.83960813086179,
  "spacing_x": 1.0,
  "spacing_y": 1.0,
  "spacing_z": 1.0,
  "summary_bg_k": 13.217912845545587,
  "summary_bg_mad": 0.0,
  "summary_bg_mean": 4.3870141768444695,
  "summary_bg_median": 0.0,
  "summary_bg_n": 3716874.0,
  "summary_bg_p05": 0.0,
  "summary_bg_p95": 19.62983638048172,
  "summary_bg_stdv": 7.814163044841077,
  "summary_csf_k": 1.6683558114124768,
  "summary_csf_mad": 100.84792002624178,
  "summary_csf_mean": 214.79343795014537,
  "summary_csf_median": 197.6303884163499,
  "summary_csf_n": 29584.0,
  "summary_csf_p05": 61.02775917574763,
  "summary_csf_p95": 431.5409208573401,
  "summary_csf_stdv": 113.44626967289462,
  "summary_gm_k": 0.28914895347062775,
  "summary_gm_mad": 65.19645229215168,
  "summary_gm_mean": 657.0366153521502,
  "summary_gm_median": 655.7942748647183,
  "summary_gm_n": 40934.0,
  "summary_gm_p05": 544.6455843521283,
  "summary_gm_p95": 773.2876089217141,
  "summary_gm_stdv": 68.93607276987662,
  "summary_wm_k": 0.5916654289729761,
  "summary_wm_mad": 44.79819998073714,
  "summary_wm_mean": 999.7490504466462,
  "summary_wm_median": 999.9999504685402,
  "summary_wm_n": 244907.0,
  "summary_wm_p05": 921.2001787126064,
  "summary_wm_p95": 1077.3975910544395,
  "summary_wm_stdv": 47.73273058465557,
  "tpm_overlap_csf": 0.15737361015027054,
  "tpm_overlap_gm": 0.46205140113186255,
  "tpm_overlap_wm": 0.4980728698524175,
  "wm2max": 0.5758811417497679
}