{
  "aor": 0.000992865731462926,
  "aqi": 0.00602189490981964,
  "bids_meta": {
    "AccelFactPE": 4,
    "AcquisitionNumber": 1,
    "AcquisitionTime": "22:01:58.432500",
    "BandwidthPerPixelPhaseEncode": 13.355,
    "BodyPartExamined": "BRAIN",
    "ConversionSoftware": "dcm2niix",
    "ConversionSoftwareVersion": "v1.0.20170724 GCC4.4.7",
    "DeviceSerialNumber": "66018",
    "EchoTime": 0.039,
    "EchoTrainLength": 72,
    "EffectiveEchoSpacing": 0.000779983,
    "FlipAngle": 50,
    "ImageType": [
      "ORIGINAL",
      "PRIMARY",
      "M",
      "ND",
      "MOSAIC"
    ],
    "InstitutionAddress": "Stadium_1952_Princeton_NJ_US_08544",
    "InstitutionName": "Princeton_University",
    "MagneticFieldStrength": 3,
    "Manufacturer": "Siemens",
    "ManufacturersModelName": "Prisma",
    "PhaseEncodingDirection": "j-",
    "PhaseEncodingLines": 96,
    "ProcedureStepDescription": "Hasson_Baldassano_040518_SchemaScrambled",
    "ProtocolName": "func_task-scrambled_run-01",
    "RepetitionTime": 1.5,
    "ScanningSequence": "EP",
    "SequenceName": "_epfid2d1_96",
    "SequenceVariant": "SK",
    "SeriesDescription": "func_task-scrambled_run-01",
    "SliceTiming": [
      0.6925,
      0,
      0.79,
      0.1,
      0.89,
      0.1975,
      0.9875,
      0.2975,
      1.085,
      0.395,
      1.185,
      0.495,
      1.2825,
      0.5925,
      1.3825,
      0.6925,
      0,
      0.79,
      0.1,
      0.89,
      0.1975,
      0.9875,
      0.2975,
      1.085,
      0.395,
      1.185,
      0.495,
      1.2825,
      0.5925,
      1.3825,
      0.6925,
      0,
      0.79,
      0.1,
      0.89,
      0.1975,
      0.9875,
      0.2975,
      1.085,
      0.395,
      1.185,
      0.495,
      1.2825,
      0.5925,
      1.3825,
      0.6925,
      0,
      0.79,
      0.1,
      0.89,
      0.1975,
      0.9875,
      0.2975,
      1.085,
      0.395,
      1.185,
      0.495,
      1.2825,
      0.5925,
      1.3825
    ],
    "SoftwareVersions": "syngo_MR_E11",
    "TotalReadoutTime": 0.0530388,
    "TrueEchoSpacing": 0.00311993,
    "dataset": "ds001511",
    "modality": "bold",
    "run_id": 1,
    "subject_id": "sid000012",
    "task_id": "scrambled"
  },
  "dummy_trs": 0,
  "dvars_nstd": 41.11996028700801,
  "dvars_std": 1.1447928212048193,
  "dvars_vstd": 1.0131869095983939,
  "efc": 0.5774322726378821,
  "fber": 287.47650146484375,
  "fd_mean": 0.14019345881219286,
  "fd_num": 53,
  "fd_perc": 10.62124248496994,
  "fwhm_avg": 2.854601666666667,
  "fwhm_x": 2.682855,
  "fwhm_y": 3.02641,
  "fwhm_z": 2.85454,
  "gcor": 0.0093536,
  "gsr_x": -0.010338276624679565,
  "gsr_y": 0.07340819388628006,
  "provenance": {
    "md5sum": "035aa13271ad1260da1fc3360b60daef",
    "settings": {
      "fd_thres": 0.2,
      "testing": false
    },
    "software": "mriqc",
    "version": "23.0.1",
    "webapi_port": null,
    "webapi_url": "https://mriqc.nimh.nih.gov/api/v1"
  },
  "size_t": 499,
  "size_x": 96,
  "size_y": 96,
  "size_z": 60,
  "snr": 1.9156919620956243,
  "spacing_tr": 1.5,
  "spacing_x": 2.0,
  "spacing_y": 2.0,
  "spacing_z": 2.0,
  "summary_bg_k": 87.19731214963814,
  "summary_bg_mad": 8.785681057683535,
  "summary_bg_mean": 50.212825775146484,
  "summary_bg_median": 29.68537139892578,
  "summary_bg_n": 310012.0,
  "summary_bg_p05": 22.110219955444336,
  "summary_bg_p95": 135.24649047851562,
  "summary_bg_stdv": 73.61538696289062,
  "summary_fg_k": 4.5780612230817415,
  "summary_fg_mad": 207.64154453814112,
  "summary_fg_mean": 576.7140502929688,
  "summary_fg_median": 519.0821533203125,
  "summary_fg_n": 156622.0,
  "summary_fg_p05": 268.3829818725586,
  "summary_fg_p95": 1090.109729003906,
  "summary_fg_stdv": 270.96240234375,
  "tsnr": 36.59451677673496
}