{
  "aor": 0.00042724550898203597,
  "aqi": 0.008931228183632733,
  "bids_meta": {
    "AccelFactPE": 4,
    "AcquisitionNumber": 1,
    "AcquisitionTime": "22:27:56.572500",
    "BandwidthPerPixelPhaseEncode": 13.355,
    "BodyPartExamined": "BRAIN",
    "ConversionSoftware": "dcm2niix",
    "ConversionSoftwareVersion": "v1.0.20170724 GCC4.4.7",
    "DeviceSerialNumber": "66018",
    "EchoTime": 0.039,
    "EchoTrainLength": 72,
    "EffectiveEchoSpacing": 0.000779983,
    "FlipAngle": 50,
    "ImageType": [
      "ORIGINAL",
      "PRIMARY",
      "M",
      "ND",
      "MOSAIC"
    ],
    "InstitutionAddress": "Stadium_1952_Princeton_NJ_US_08544",
    "InstitutionName": "Princeton_University",
    "MagneticFieldStrength": 3,
    "Manufacturer": "Siemens",
    "ManufacturersModelName": "Prisma",
    "PhaseEncodingDirection": "j-",
    "PhaseEncodingLines": 96,
    "ProcedureStepDescription": "Hasson_Baldassano_040518_SchemaScrambled",
    "ProtocolName": "func_task-scrambled_run-03",
    "RepetitionTime": 1.5,
    "ScanningSequence": "EP",
    "SequenceName": "_epfid2d1_96",
    "SequenceVariant": "SK",
    "SeriesDescription": "func_task-scrambled_run-03",
    "SliceTiming": [
      0.6925,
      0,
      0.79,
      0.1,
      0.8875,
      0.1975,
      0.9875,
      0.2975,
      1.085,
      0.395,
      1.185,
      0.495,
      1.2825,
      0.5925,
      1.3825,
      0.6925,
      0,
      0.79,
      0.1,
      0.8875,
      0.1975,
      0.9875,
      0.2975,
      1.085,
      0.395,
      1.185,
      0.495,
      1.2825,
      0.5925,
      1.3825,
      0.6925,
      0,
      0.79,
      0.1,
      0.8875,
      0.1975,
      0.9875,
      0.2975,
      1.085,
      0.395,
      1.185,
      0.495,
      1.2825,
      0.5925,
      1.3825,
      0.6925,
      0,
      0.79,
      0.1,
      0.8875,
      0.1975,
      0.9875,
      0.2975,
      1.085,
      0.395,
      1.185,
      0.495,
      1.2825,
      0.5925,
      1.3825
    ],
    "SoftwareVersions": "syngo_MR_E11",
    "TotalReadoutTime": 0.0530388,
    "TrueEchoSpacing": 0.00311993,
    "dataset": "ds001511",
    "modality": "bold",
    "run_id": 3,
    "subject_id": "sid000012",
    "task_id": "scrambled"
  },
  "dummy_trs": 1,
  "dvars_nstd": 41.72067209649999,
  "dvars_std": 1.0736806828199994,
  "dvars_vstd": 0.9491484433600004,
  "efc": 0.575589006204944,
  "fber": 269.715087890625,
  "fd_mean": 0.1446429849753918,
  "fd_num": 69,
  "fd_perc": 13.77245508982036,
  "fwhm_avg": 2.9482649999999997,
  "fwhm_x": 2.769265,
  "fwhm_y": 3.11054,
  "fwhm_z": 2.96499,
  "gcor": 0.0128934,
  "gsr_x": -0.01295365672558546,
  "gsr_y": 0.07409460842609406,
  "provenance": {
    "md5sum": "669ab7d466a0cfbc6e78d754ba201b3d",
    "settings": {
      "fd_thres": 0.2,
      "testing": false
    },
    "software": "mriqc",
    "version": "23.0.1",
    "webapi_port": null,
    "webapi_url": "https://mriqc.nimh.nih.gov/api/v1"
  },
  "size_t": 501,
  "size_x": 96,
  "size_y": 96,
  "size_z": 60,
  "snr": 1.8334122386569567,
  "spacing_tr": 1.5,
  "spacing_x": 2.0,
  "spacing_y": 2.0,
  "spacing_z": 2.0,
  "summary_bg_k": 79.81696651284204,
  "summary_bg_mad": 11.508661262535059,
  "summary_bg_mean": 53.19300079345703,
  "summary_bg_median": 31.25349235534668,
  "summary_bg_n": 310754.0,
  "summary_bg_p05": 20.848302841186523,
  "summary_bg_p95": 151.54899902343737,
  "summary_bg_stdv": 77.5636215209961,
  "summary_fg_k": 4.682378881924687,
  "summary_fg_mad": 217.35953876725205,
  "summary_fg_mean": 591.5918579101562,
  "summary_fg_median": 527.7025756835938,
  "summary_fg_n": 156790.0,
  "summary_fg_p05": 269.51746063232423,
  "summary_fg_p95": 1145.6743286132805,
  "summary_fg_stdv": 287.824462890625,
  "tsnr": 30.758833825588226
}