{
  "aor": 0.002999076620825147,
  "aqi": 0.015588056404715127,
  "bids_meta": {
    "AccelFactPE": 4,
    "AcquisitionNumber": 1,
    "AcquisitionTime": "21:59:33.662500",
    "BandwidthPerPixelPhaseEncode": 13.355,
    "BodyPartExamined": "BRAIN",
    "ConversionSoftware": "dcm2niix",
    "ConversionSoftwareVersion": "v1.0.20170724 GCC4.4.7",
    "DeviceSerialNumber": "66018",
    "EchoTime": 0.039,
    "EchoTrainLength": 72,
    "EffectiveEchoSpacing": 0.000779983,
    "FlipAngle": 50,
    "ImageType": [
      "ORIGINAL",
      "PRIMARY",
      "M",
      "ND",
      "MOSAIC"
    ],
    "InstitutionAddress": "Stadium_1952_Princeton_NJ_US_08544",
    "InstitutionName": "Princeton_University",
    "MagneticFieldStrength": 3,
    "Manufacturer": "Siemens",
    "ManufacturersModelName": "Prisma",
    "PhaseEncodingDirection": "j-",
    "PhaseEncodingLines": 96,
    "ProcedureStepDescription": "Hasson_Baldassano_040518_SchemaScrambled",
    "ProtocolName": "func_task-scrambled_run-01",
    "RepetitionTime": 1.5,
    "ScanningSequence": "EP",
    "SequenceName": "_epfid2d1_96",
    "SequenceVariant": "SK",
    "SeriesDescription": "func_task-scrambled_run-01",
    "SliceTiming": [
      0.69,
      0,
      0.79,
      0.0975,
      0.8875,
      0.1975,
      0.9875,
      0.295,
      1.085,
      0.395,
      1.185,
      0.4925,
      1.2825,
      0.5925,
      1.38,
      0.69,
      0,
      0.79,
      0.0975,
      0.8875,
      0.1975,
      0.9875,
      0.295,
      1.085,
      0.395,
      1.185,
      0.4925,
      1.2825,
      0.5925,
      1.38,
      0.69,
      0,
      0.79,
      0.0975,
      0.8875,
      0.1975,
      0.9875,
      0.295,
      1.085,
      0.395,
      1.185,
      0.4925,
      1.2825,
      0.5925,
      1.38,
      0.69,
      0,
      0.79,
      0.0975,
      0.8875,
      0.1975,
      0.9875,
      0.295,
      1.085,
      0.395,
      1.185,
      0.4925,
      1.2825,
      0.5925,
      1.38
    ],
    "SoftwareVersions": "syngo_MR_E11",
    "TotalReadoutTime": 0.0530388,
    "TrueEchoSpacing": 0.00311993,
    "dataset": "ds001511",
    "modality": "bold",
    "run_id": 1,
    "subject_id": "sid000005",
    "task_id": "scrambled"
  },
  "dummy_trs": 0,
  "dvars_nstd": 56.40379275675196,
  "dvars_std": 1.0777650502362213,
  "dvars_vstd": 0.96654119031496,
  "efc": 0.6176885679616855,
  "fber": 163.34803771972656,
  "fd_mean": 0.3518210169024558,
  "fd_num": 275,
  "fd_perc": 54.02750491159136,
  "fwhm_avg": 2.9819316666666666,
  "fwhm_x": 2.716345,
  "fwhm_y": 3.221595,
  "fwhm_z": 3.007855,
  "gcor": 0.0407837,
  "gsr_x": 0.03676160052418709,
  "gsr_y": 0.05149291828274727,
  "provenance": {
    "md5sum": "3d03246714377e6c9d6c4b790325d51c",
    "settings": {
      "fd_thres": 0.2,
      "testing": false
    },
    "software": "mriqc",
    "version": "23.0.1",
    "webapi_port": null,
    "webapi_url": "https://mriqc.nimh.nih.gov/api/v1"
  },
  "size_t": 509,
  "size_x": 96,
  "size_y": 96,
  "size_z": 60,
  "snr": 1.967578014394043,
  "spacing_tr": 1.5,
  "spacing_x": 2.0,
  "spacing_y": 2.0,
  "spacing_z": 2.0,
  "summary_bg_k": 30.22428551746109,
  "summary_bg_mad": 17.284404293091765,
  "summary_bg_mean": 70.52677154541016,
  "summary_bg_median": 38.28094482421875,
  "summary_bg_n": 298045.0,
  "summary_bg_p05": 23.731239318847656,
  "summary_bg_p95": 230.84323425292948,
  "summary_bg_stdv": 92.4509506225586,
  "summary_fg_k": 3.1232146792684734,
  "summary_fg_mad": 213.66366589681047,
  "summary_fg_mean": 549.885498046875,
  "summary_fg_median": 503.4086608886719,
  "summary_fg_n": 164281.0,
  "summary_fg_p05": 233.17486572265625,
  "summary_fg_p95": 1028.9254150390625,
  "summary_fg_stdv": 255.85116577148438,
  "tsnr": 23.852652376983315
}