{
  "aor": 0.002004248366013072,
  "aqi": 0.018000923529411763,
  "bids_meta": {
    "AccelFactPE": 4,
    "AcquisitionNumber": 1,
    "AcquisitionTime": "22:51:40.632500",
    "BandwidthPerPixelPhaseEncode": 13.355,
    "BodyPartExamined": "BRAIN",
    "ConversionSoftware": "dcm2niix",
    "ConversionSoftwareVersion": "v1.0.20170724 GCC4.4.7",
    "DeviceSerialNumber": "66018",
    "EchoTime": 0.039,
    "EchoTrainLength": 72,
    "EffectiveEchoSpacing": 0.000779983,
    "FlipAngle": 50,
    "ImageType": [
      "ORIGINAL",
      "PRIMARY",
      "M",
      "ND",
      "MOSAIC"
    ],
    "InstitutionAddress": "Stadium_1952_Princeton_NJ_US_08544",
    "InstitutionName": "Princeton_University",
    "MagneticFieldStrength": 3,
    "Manufacturer": "Siemens",
    "ManufacturersModelName": "Prisma",
    "PhaseEncodingDirection": "j-",
    "PhaseEncodingLines": 96,
    "ProcedureStepDescription": "Hasson_Baldassano_040518_SchemaScrambled",
    "ProtocolName": "func_task-CMIYC",
    "RepetitionTime": 1.5,
    "ScanningSequence": "EP",
    "SequenceName": "_epfid2d1_96",
    "SequenceVariant": "SK",
    "SeriesDescription": "func_task-CMIYC",
    "SliceTiming": [
      0.69,
      0,
      0.7875,
      0.0975,
      0.8875,
      0.195,
      0.985,
      0.295,
      1.085,
      0.3925,
      1.1825,
      0.4925,
      1.2825,
      0.59,
      1.38,
      0.69,
      0,
      0.7875,
      0.0975,
      0.8875,
      0.195,
      0.985,
      0.295,
      1.085,
      0.3925,
      1.1825,
      0.4925,
      1.2825,
      0.59,
      1.38,
      0.69,
      0,
      0.7875,
      0.0975,
      0.8875,
      0.195,
      0.985,
      0.295,
      1.085,
      0.3925,
      1.1825,
      0.4925,
      1.2825,
      0.59,
      1.38,
      0.69,
      0,
      0.7875,
      0.0975,
      0.8875,
      0.195,
      0.985,
      0.295,
      1.085,
      0.3925,
      1.1825,
      0.4925,
      1.2825,
      0.59,
      1.38
    ],
    "SoftwareVersions": "syngo_MR_E11",
    "TotalReadoutTime": 0.0530388,
    "TrueEchoSpacing": 0.00311993,
    "dataset": "ds001511",
    "modality": "bold",
    "subject_id": "sid000005",
    "task_id": "CMIYC"
  },
  "dummy_trs": 0,
  "dvars_nstd": 55.9939859714847,
  "dvars_std": 1.0460503781004356,
  "dvars_vstd": 0.9480439195414837,
  "efc": 0.6199037750606629,
  "fber": 153.53497314453125,
  "fd_mean": 0.376098814531239,
  "fd_num": 296,
  "fd_perc": 64.4880174291939,
  "fwhm_avg": 3.0281266666666666,
  "fwhm_x": 2.73868,
  "fwhm_y": 3.27128,
  "fwhm_z": 3.07442,
  "gcor": 0.0319137,
  "gsr_x": 0.038135726004838943,
  "gsr_y": 0.04889138787984848,
  "provenance": {
    "md5sum": "ccd68b4b6381c852eeecd3914b7b83b1",
    "settings": {
      "fd_thres": 0.2,
      "testing": false
    },
    "software": "mriqc",
    "version": "23.0.1",
    "webapi_port": null,
    "webapi_url": "https://mriqc.nimh.nih.gov/api/v1"
  },
  "size_t": 459,
  "size_x": 96,
  "size_y": 96,
  "size_z": 60,
  "snr": 1.9192933486003219,
  "spacing_tr": 1.5,
  "spacing_x": 2.0,
  "spacing_y": 2.0,
  "spacing_z": 2.0,
  "summary_bg_k": 28.637280064232318,
  "summary_bg_mad": 18.663343578007474,
  "summary_bg_mean": 72.84343719482422,
  "summary_bg_median": 39.99346160888672,
  "summary_bg_n": 296742.0,
  "summary_bg_p05": 24.39433479309082,
  "summary_bg_p95": 238.04531021118174,
  "summary_bg_stdv": 90.72435760498047,
  "summary_fg_k": 3.2200619682549148,
  "summary_fg_mad": 219.9226018310309,
  "summary_fg_mean": 553.468505859375,
  "summary_fg_median": 505.2156677246094,
  "summary_fg_n": 165885.0,
  "summary_fg_p05": 228.33158264160159,
  "summary_fg_p95": 1046.1005859374989,
  "summary_fg_stdv": 263.229248046875,
  "tsnr": 21.877931074006483
}