{
  "aor": 0.0015297410358565736,
  "aqi": 0.013154091195219124,
  "bids_meta": {
    "AccelFactPE": 4,
    "AcquisitionNumber": 1,
    "AcquisitionTime": "17:42:35.172500",
    "BandwidthPerPixelPhaseEncode": 13.355,
    "BodyPartExamined": "BRAIN",
    "ConversionSoftware": "dcm2niix",
    "ConversionSoftwareVersion": "v1.0.20170724 GCC4.4.7",
    "DeviceSerialNumber": "66018",
    "EchoTime": 0.039,
    "EchoTrainLength": 72,
    "EffectiveEchoSpacing": 0.000779983,
    "FlipAngle": 50,
    "ImageType": [
      "ORIGINAL",
      "PRIMARY",
      "M",
      "ND",
      "MOSAIC"
    ],
    "InstitutionAddress": "Stadium_1952_Princeton_NJ_US_08544",
    "InstitutionName": "Princeton_University",
    "MagneticFieldStrength": 3,
    "Manufacturer": "Siemens",
    "ManufacturersModelName": "Prisma",
    "PhaseEncodingDirection": "j-",
    "PhaseEncodingLines": 96,
    "ProcedureStepDescription": "Hasson_Baldassano_040518_SchemaScrambled",
    "ProtocolName": "func_task-scrambled_run-04",
    "RepetitionTime": 1.5,
    "ScanningSequence": "EP",
    "SequenceName": "_epfid2d1_96",
    "SequenceVariant": "SK",
    "SeriesDescription": "func_task-scrambled_run-04",
    "SliceTiming": [
      0.69,
      0,
      0.7875,
      0.0975,
      0.8875,
      0.1975,
      0.985,
      0.295,
      1.085,
      0.395,
      1.1825,
      0.4925,
      1.2825,
      0.59,
      1.38,
      0.69,
      0,
      0.7875,
      0.0975,
      0.8875,
      0.1975,
      0.985,
      0.295,
      1.085,
      0.395,
      1.1825,
      0.4925,
      1.2825,
      0.59,
      1.38,
      0.69,
      0,
      0.7875,
      0.0975,
      0.8875,
      0.1975,
      0.985,
      0.295,
      1.085,
      0.395,
      1.1825,
      0.4925,
      1.2825,
      0.59,
      1.38,
      0.69,
      0,
      0.7875,
      0.0975,
      0.8875,
      0.1975,
      0.985,
      0.295,
      1.085,
      0.395,
      1.1825,
      0.4925,
      1.2825,
      0.59,
      1.38
    ],
    "SoftwareVersions": "syngo_MR_E11",
    "TotalReadoutTime": 0.0530388,
    "TrueEchoSpacing": 0.00311993,
    "dataset": "ds001511",
    "modality": "bold",
    "run_id": 4,
    "subject_id": "sid000011",
    "task_id": "scrambled"
  },
  "dummy_trs": 0,
  "dvars_nstd": 57.757084395349274,
  "dvars_std": 1.1640185387824356,
  "dvars_vstd": 0.9977954321357283,
  "efc": 0.6329136040691536,
  "fber": 171.265869140625,
  "fd_mean": 0.46436416258630486,
  "fd_num": 437,
  "fd_perc": 87.05179282868527,
  "fwhm_avg": 3.1005066666666665,
  "fwhm_x": 2.779055,
  "fwhm_y": 3.356125,
  "fwhm_z": 3.16634,
  "gcor": 0.0300926,
  "gsr_x": 0.014632172882556915,
  "gsr_y": 0.07193384319543839,
  "provenance": {
    "md5sum": "99a503997cdeb0639898ac7dab895b94",
    "settings": {
      "fd_thres": 0.2,
      "testing": false
    },
    "software": "mriqc",
    "version": "23.0.1",
    "webapi_port": null,
    "webapi_url": "https://mriqc.nimh.nih.gov/api/v1"
  },
  "size_t": 502,
  "size_x": 96,
  "size_y": 96,
  "size_z": 60,
  "snr": 1.9141182804845025,
  "spacing_tr": 1.5,
  "spacing_x": 2.0,
  "spacing_y": 2.0,
  "spacing_z": 2.0,
  "summary_bg_k": 29.360030954009275,
  "summary_bg_mad": 18.93123610762461,
  "summary_bg_mean": 66.58841705322266,
  "summary_bg_median": 38.12749099731445,
  "summary_bg_n": 271198.0,
  "summary_bg_p05": 22.408367156982422,
  "summary_bg_p95": 201.21972885131834,
  "summary_bg_stdv": 77.86997985839844,
  "summary_fg_k": 3.5808009830796843,
  "summary_fg_mad": 228.12872004905284,
  "summary_fg_mean": 576.5227661132812,
  "summary_fg_median": 521.4223022460938,
  "summary_fg_n": 183155.0,
  "summary_fg_p05": 256.4257049560547,
  "summary_fg_p95": 1089.0057983398433,
  "summary_fg_stdv": 272.4078674316406,
  "tsnr": 25.762186505831778
}