{
  "aor": 0.0015336381709741551,
  "aqi": 0.017389370775347912,
  "bids_meta": {
    "AccelFactPE": 4,
    "AcquisitionNumber": 1,
    "AcquisitionTime": "17:29:31.027500",
    "BandwidthPerPixelPhaseEncode": 13.355,
    "BodyPartExamined": "BRAIN",
    "ConversionSoftware": "dcm2niix",
    "ConversionSoftwareVersion": "v1.0.20170724 GCC4.4.7",
    "DeviceSerialNumber": "66018",
    "EchoTime": 0.039,
    "EchoTrainLength": 72,
    "EffectiveEchoSpacing": 0.000779983,
    "FlipAngle": 50,
    "ImageType": [
      "ORIGINAL",
      "PRIMARY",
      "M",
      "ND",
      "MOSAIC"
    ],
    "InstitutionAddress": "Stadium_1952_Princeton_NJ_US_08544",
    "InstitutionName": "Princeton_University",
    "MagneticFieldStrength": 3,
    "Manufacturer": "Siemens",
    "ManufacturersModelName": "Prisma",
    "PhaseEncodingDirection": "j-",
    "PhaseEncodingLines": 96,
    "ProcedureStepDescription": "Hasson_Baldassano_040518_SchemaScrambled",
    "ProtocolName": "func_task-scrambled_run-03",
    "RepetitionTime": 1.5,
    "ScanningSequence": "EP",
    "SequenceName": "_epfid2d1_96",
    "SequenceVariant": "SK",
    "SeriesDescription": "func_task-scrambled_run-03",
    "SliceTiming": [
      0.69,
      0,
      0.7875,
      0.0975,
      0.8875,
      0.195,
      0.985,
      0.295,
      1.085,
      0.3925,
      1.1825,
      0.4925,
      1.2825,
      0.59,
      1.38,
      0.69,
      0,
      0.7875,
      0.0975,
      0.8875,
      0.195,
      0.985,
      0.295,
      1.085,
      0.3925,
      1.1825,
      0.4925,
      1.2825,
      0.59,
      1.38,
      0.69,
      0,
      0.7875,
      0.0975,
      0.8875,
      0.195,
      0.985,
      0.295,
      1.085,
      0.3925,
      1.1825,
      0.4925,
      1.2825,
      0.59,
      1.38,
      0.69,
      0,
      0.7875,
      0.0975,
      0.8875,
      0.195,
      0.985,
      0.295,
      1.085,
      0.3925,
      1.1825,
      0.4925,
      1.2825,
      0.59,
      1.38
    ],
    "SoftwareVersions": "syngo_MR_E11",
    "TotalReadoutTime": 0.0530388,
    "TrueEchoSpacing": 0.00311993,
    "dataset": "ds001511",
    "modality": "bold",
    "run_id": 3,
    "subject_id": "sid000011",
    "task_id": "scrambled"
  },
  "dummy_trs": 0,
  "dvars_nstd": 62.3248455076892,
  "dvars_std": 1.1118161844023915,
  "dvars_vstd": 0.9675864347609566,
  "efc": 0.631925205268507,
  "fber": 170.3563995361328,
  "fd_mean": 0.5017630149415278,
  "fd_num": 431,
  "fd_perc": 85.68588469184891,
  "fwhm_avg": 3.1237833333333334,
  "fwhm_x": 2.79868,
  "fwhm_y": 3.370615,
  "fwhm_z": 3.202055,
  "gcor": 0.0320309,
  "gsr_x": 0.014952047728002071,
  "gsr_y": 0.07212579250335693,
  "provenance": {
    "md5sum": "c2088b1a0b01c4eed35a4767f2186f21",
    "settings": {
      "fd_thres": 0.2,
      "testing": false
    },
    "software": "mriqc",
    "version": "23.0.1",
    "webapi_port": null,
    "webapi_url": "https://mriqc.nimh.nih.gov/api/v1"
  },
  "size_t": 503,
  "size_x": 96,
  "size_y": 96,
  "size_z": 60,
  "snr": 1.9170807704875947,
  "spacing_tr": 1.5,
  "spacing_x": 2.0,
  "spacing_y": 2.0,
  "spacing_z": 2.0,
  "summary_bg_k": 31.415166269944663,
  "summary_bg_mad": 18.5634756047776,
  "summary_bg_mean": 64.42137908935547,
  "summary_bg_median": 38.02783203125,
  "summary_bg_n": 271384.0,
  "summary_bg_p05": 22.335983276367188,
  "summary_bg_p95": 189.15277862548822,
  "summary_bg_stdv": 73.95284271240234,
  "summary_fg_k": 3.509106122511577,
  "summary_fg_mad": 224.75132975356428,
  "summary_fg_mean": 568.4920043945312,
  "summary_fg_median": 514.2882690429688,
  "summary_fg_n": 183941.0,
  "summary_fg_p05": 251.9821014404297,
  "summary_fg_p95": 1072.3121337890625,
  "summary_fg_stdv": 268.265625,
  "tsnr": 22.343306846916676
}