{
  "bids_meta": {
    "AccelFactPE": 2,
    "AcquisitionNumber": 1,
    "AcquisitionTime": "21:19:44.890000",
    "BodyPartExamined": "BRAIN",
    "ConversionSoftware": "dcm2niix",
    "ConversionSoftwareVersion": "v1.0.20170724 GCC4.4.7",
    "DeviceSerialNumber": "66018",
    "EchoTime": 0.0033,
    "FlipAngle": 7,
    "ImageType": [
      "ORIGINAL",
      "PRIMARY",
      "M",
      "ND",
      "NORM"
    ],
    "InstitutionAddress": "Stadium_1952_Princeton_NJ_US_08544",
    "InstitutionName": "Princeton_University",
    "InversionTime": 1.1,
    "MagneticFieldStrength": 3,
    "Manufacturer": "Siemens",
    "ManufacturersModelName": "Prisma",
    "PhaseEncodingDirection": "i-",
    "PhaseEncodingLines": 256,
    "ProcedureStepDescription": "Hasson_Baldassano_040518_SchemaScrambled",
    "ProtocolName": "anat-T1w",
    "RepetitionTime": 2.53,
    "ScanningSequence": "GR_IR",
    "SequenceName": "_tfl3d1_16ns",
    "SequenceVariant": "SK_SP_MP",
    "SeriesDescription": "anat-T1w",
    "SoftwareVersions": "syngo_MR_E11",
    "dataset": "ds001511",
    "modality": "T1w",
    "subject_id": "sid000009"
  },
  "cjv": 0.3104866784144721,
  "cnr": 4.08085055714685,
  "efc": 0.5308765531536941,
  "fber": 19071.39916088806,
  "fwhm_avg": 3.82772,
  "fwhm_x": 3.90999,
  "fwhm_y": 3.95403,
  "fwhm_z": 3.61914,
  "icvs_csf": 0.24475951649432354,
  "icvs_gm": 0.42870302034800123,
  "icvs_wm": 0.32653746315767523,
  "inu_med": 0.5781866312026978,
  "inu_range": 0.26446446776390076,
  "provenance": {
    "md5sum": "08ab19fe95970440e3adfb74adfffb1e",
    "settings": {
      "testing": false
    },
    "software": "mriqc",
    "version": "23.0.1",
    "warnings": {
      "large_rot_frame": true,
      "small_air_mask": false
    },
    "webapi_port": null,
    "webapi_url": "https://mriqc.nimh.nih.gov/api/v1"
  },
  "qi_1": 1.8572846551407118e-06,
  "qi_2": 0.0009088302752204162,
  "rpve_csf": 24.382539645408322,
  "rpve_gm": 13.93836996840645,
  "rpve_wm": 20.797126173180153,
  "size_x": 176,
  "size_y": 256,
  "size_z": 256,
  "snr_csf": 1.6906851206159248,
  "snr_gm": 9.674310228895331,
  "snr_total": 11.382685768760746,
  "snr_wm": 22.783061956770982,
  "snrd_csf": 19.843030757662273,
  "snrd_gm": 73.70672229457037,
  "snrd_total": 68.07546466350958,
  "snrd_wm": 110.67664093829607,
  "spacing_x": 1.0,
  "spacing_y": 1.0,
  "spacing_z": 1.0,
  "summary_bg_k": 15.08193010389978,
  "summary_bg_mad": 0.0,
  "summary_bg_mean": 3.4015760123216805,
  "summary_bg_median": 0.0,
  "summary_bg_n": 3532795.0,
  "summary_bg_p05": 0.0,
  "summary_bg_p95": 14.839162677526474,
  "summary_bg_stdv": 5.9191848429779,
  "summary_csf_k": 1.0938579442772198,
  "summary_csf_mad": 90.43892490453825,
  "summary_csf_mean": 198.6978451123704,
  "summary_csf_median": 179.2826148867607,
  "summary_csf_n": 47150.0,
  "summary_csf_p05": 57.21853479743004,
  "summary_csf_p95": 410.90120136737823,
  "summary_csf_stdv": 106.04027414468983,
  "summary_gm_k": 0.4561044875319,
  "summary_gm_mad": 63.021003386264695,
  "summary_gm_mean": 666.7896747003105,
  "summary_gm_median": 665.9433263540268,
  "summary_gm_n": 30725.0,
  "summary_gm_p05": 553.8741403520107,
  "summary_gm_p95": 783.9545598626137,
  "summary_gm_stdv": 68.83513897656138,
  "summary_wm_k": 0.6341396843779608,
  "summary_wm_mad": 40.689236420561286,
  "summary_wm_mean": 999.5334674186752,
  "summary_wm_median": 999.9680913984776,
  "summary_wm_n": 172772.0,
  "summary_wm_p05": 926.921116411686,
  "summary_wm_p95": 1070.9407748281956,
  "summary_wm_stdv": 43.890728972099296,
  "tpm_overlap_csf": 0.15382565909250073,
  "tpm_overlap_gm": 0.4674807793821939,
  "tpm_overlap_wm": 0.515639978983383,
  "wm2max": 0.655283464731592
}