{
  "aor": 0.0007566813186813187,
  "aqi": 0.011651904131868132,
  "bids_meta": {
    "AccelFactPE": 4,
    "AcquisitionNumber": 1,
    "AcquisitionTime": "18:30:24.380000",
    "BandwidthPerPixelPhaseEncode": 13.355,
    "BodyPartExamined": "BRAIN",
    "ConversionSoftware": "dcm2niix",
    "ConversionSoftwareVersion": "v1.0.20170724 GCC4.4.7",
    "DeviceSerialNumber": "66018",
    "EchoTime": 0.039,
    "EchoTrainLength": 72,
    "EffectiveEchoSpacing": 0.000779983,
    "FlipAngle": 50,
    "ImageType": [
      "ORIGINAL",
      "PRIMARY",
      "M",
      "ND",
      "MOSAIC"
    ],
    "InstitutionAddress": "Stadium_1952_Princeton_NJ_US_08544",
    "InstitutionName": "Princeton_University",
    "MagneticFieldStrength": 3,
    "Manufacturer": "Siemens",
    "ManufacturersModelName": "Prisma",
    "PhaseEncodingDirection": "j-",
    "PhaseEncodingLines": 96,
    "ProcedureStepDescription": "Hasson_Baldassano_040518_SchemaScrambled",
    "ProtocolName": "func_task-CMIYC",
    "RepetitionTime": 1.5,
    "ScanningSequence": "EP",
    "SequenceName": "_epfid2d1_96",
    "SequenceVariant": "SK",
    "SeriesDescription": "func_task-CMIYC",
    "SliceTiming": [
      0.69,
      0,
      0.7875,
      0.0975,
      0.8875,
      0.1975,
      0.985,
      0.295,
      1.085,
      0.3925,
      1.1825,
      0.4925,
      1.2825,
      0.59,
      1.38,
      0.69,
      0,
      0.7875,
      0.0975,
      0.8875,
      0.1975,
      0.985,
      0.295,
      1.085,
      0.3925,
      1.1825,
      0.4925,
      1.2825,
      0.59,
      1.38,
      0.69,
      0,
      0.7875,
      0.0975,
      0.8875,
      0.1975,
      0.985,
      0.295,
      1.085,
      0.3925,
      1.1825,
      0.4925,
      1.2825,
      0.59,
      1.38,
      0.69,
      0,
      0.7875,
      0.0975,
      0.8875,
      0.1975,
      0.985,
      0.295,
      1.085,
      0.3925,
      1.1825,
      0.4925,
      1.2825,
      0.59,
      1.38
    ],
    "SoftwareVersions": "syngo_MR_E11",
    "TotalReadoutTime": 0.0530388,
    "TrueEchoSpacing": 0.00311993,
    "dataset": "ds001511",
    "modality": "bold",
    "subject_id": "sid000003",
    "task_id": "CMIYC"
  },
  "dummy_trs": 1,
  "dvars_nstd": 37.35408239746695,
  "dvars_std": 1.0131052551321589,
  "dvars_vstd": 0.9586014375550658,
  "efc": 0.5557051773784112,
  "fber": 314.00677490234375,
  "fd_mean": 0.16949000110711426,
  "fd_num": 101,
  "fd_perc": 22.197802197802197,
  "fwhm_avg": 2.7209083333333335,
  "fwhm_x": 2.545915,
  "fwhm_y": 2.857595,
  "fwhm_z": 2.759215,
  "gcor": 0.0130644,
  "gsr_x": 0.0029232155065983534,
  "gsr_y": 0.04080589860677719,
  "provenance": {
    "md5sum": "1e466d99af7d1676811672e893632d60",
    "settings": {
      "fd_thres": 0.2,
      "testing": false
    },
    "software": "mriqc",
    "version": "23.0.1",
    "webapi_port": null,
    "webapi_url": "https://mriqc.nimh.nih.gov/api/v1"
  },
  "size_t": 455,
  "size_x": 96,
  "size_y": 96,
  "size_z": 60,
  "snr": 2.3000060325027967,
  "spacing_tr": 1.5,
  "spacing_x": 2.0,
  "spacing_y": 2.0,
  "spacing_z": 2.0,
  "summary_bg_k": 110.47026517545996,
  "summary_bg_mad": 7.390201740617483,
  "summary_bg_mean": 38.50468826293945,
  "summary_bg_median": 26.71428680419922,
  "summary_bg_n": 337167.0,
  "summary_bg_p05": 19.929670333862305,
  "summary_bg_p95": 91.72088623046875,
  "summary_bg_stdv": 44.58140563964844,
  "summary_fg_k": 2.906342461452345,
  "summary_fg_mad": 184.9310086446194,
  "summary_fg_mean": 518.6163940429688,
  "summary_fg_median": 484.66595458984375,
  "summary_fg_n": 131916.0,
  "summary_fg_p05": 256.5763854980469,
  "summary_fg_p95": 905.0099487304688,
  "summary_fg_stdv": 210.7229766845703,
  "tsnr": 26.880824484862387
}