{
  "aor": 0.0020728542914171654,
  "aqi": 0.017048377744510977,
  "bids_meta": {
    "AccelFactPE": 4,
    "AcquisitionNumber": 1,
    "AcquisitionTime": "18:17:23.795000",
    "BandwidthPerPixelPhaseEncode": 13.355,
    "BodyPartExamined": "BRAIN",
    "ConversionSoftware": "dcm2niix",
    "ConversionSoftwareVersion": "v1.0.20170724 GCC4.4.7",
    "DeviceSerialNumber": "66018",
    "EchoTime": 0.039,
    "EchoTrainLength": 72,
    "EffectiveEchoSpacing": 0.000779983,
    "FlipAngle": 50,
    "ImageType": [
      "ORIGINAL",
      "PRIMARY",
      "M",
      "ND",
      "MOSAIC"
    ],
    "InstitutionAddress": "Stadium_1952_Princeton_NJ_US_08544",
    "InstitutionName": "Princeton_University",
    "MagneticFieldStrength": 3,
    "Manufacturer": "Siemens",
    "ManufacturersModelName": "Prisma",
    "PhaseEncodingDirection": "j-",
    "PhaseEncodingLines": 96,
    "ProcedureStepDescription": "Hasson_Baldassano_040518_SchemaScrambled",
    "ProtocolName": "func_task-scrambled_run-04",
    "RepetitionTime": 1.5,
    "ScanningSequence": "EP",
    "SequenceName": "_epfid2d1_96",
    "SequenceVariant": "SK",
    "SeriesDescription": "func_task-scrambled_run-04",
    "SliceTiming": [
      0.69,
      0,
      0.7875,
      0.0975,
      0.8875,
      0.1975,
      0.985,
      0.295,
      1.085,
      0.3925,
      1.1825,
      0.4925,
      1.2825,
      0.59,
      1.38,
      0.69,
      0,
      0.7875,
      0.0975,
      0.8875,
      0.1975,
      0.985,
      0.295,
      1.085,
      0.3925,
      1.1825,
      0.4925,
      1.2825,
      0.59,
      1.38,
      0.69,
      0,
      0.7875,
      0.0975,
      0.8875,
      0.1975,
      0.985,
      0.295,
      1.085,
      0.3925,
      1.1825,
      0.4925,
      1.2825,
      0.59,
      1.38,
      0.69,
      0,
      0.7875,
      0.0975,
      0.8875,
      0.1975,
      0.985,
      0.295,
      1.085,
      0.3925,
      1.1825,
      0.4925,
      1.2825,
      0.59,
      1.38
    ],
    "SoftwareVersions": "syngo_MR_E11",
    "TotalReadoutTime": 0.0530388,
    "TrueEchoSpacing": 0.00311993,
    "dataset": "ds001511",
    "modality": "bold",
    "run_id": 4,
    "subject_id": "sid000003",
    "task_id": "scrambled"
  },
  "dummy_trs": 0,
  "dvars_nstd": 38.90518054979998,
  "dvars_std": 0.9595218481599994,
  "dvars_vstd": 0.9356776100599992,
  "efc": 0.557277607443849,
  "fber": 310.002685546875,
  "fd_mean": 0.187551347564642,
  "fd_num": 89,
  "fd_perc": 17.764471057884233,
  "fwhm_avg": 2.71218,
  "fwhm_x": 2.54667,
  "fwhm_y": 2.839475,
  "fwhm_z": 2.750395,
  "gcor": 0.0155186,
  "gsr_x": 0.005133751779794693,
  "gsr_y": 0.04510234668850899,
  "provenance": {
    "md5sum": "1a134a66218317f6d9f3e357c4f82fd0",
    "settings": {
      "fd_thres": 0.2,
      "testing": false
    },
    "software": "mriqc",
    "version": "23.0.1",
    "webapi_port": null,
    "webapi_url": "https://mriqc.nimh.nih.gov/api/v1"
  },
  "size_t": 501,
  "size_x": 96,
  "size_y": 96,
  "size_z": 60,
  "snr": 2.3348079338256698,
  "spacing_tr": 1.5,
  "spacing_x": 2.0,
  "spacing_y": 2.0,
  "spacing_z": 2.0,
  "summary_bg_k": 104.61140005076876,
  "summary_bg_mad": 7.315354489642053,
  "summary_bg_mean": 39.61753845214844,
  "summary_bg_median": 26.868263244628906,
  "summary_bg_n": 338755.0,
  "summary_bg_p05": 20.0798397064209,
  "summary_bg_p95": 94.31856460571285,
  "summary_bg_stdv": 49.945560455322266,
  "summary_fg_k": 2.759717483065991,
  "summary_fg_mad": 182.05229084520198,
  "summary_fg_mean": 514.8192138671875,
  "summary_fg_median": 481.61175537109375,
  "summary_fg_n": 131720.0,
  "summary_fg_p05": 256.9011932373047,
  "summary_fg_p95": 891.8098052978512,
  "summary_fg_stdv": 206.27389526367188,
  "tsnr": 23.87617639498785
}