{
  "aor": 0.0015332699619771864,
  "aqi": 0.012238702490494297,
  "bids_meta": {
    "AccelFactPE": 4,
    "AcquisitionNumber": 1,
    "AcquisitionTime": "17:50:16.652500",
    "BandwidthPerPixelPhaseEncode": 13.355,
    "BodyPartExamined": "BRAIN",
    "ConversionSoftware": "dcm2niix",
    "ConversionSoftwareVersion": "v1.0.20170724 GCC4.4.7",
    "DeviceSerialNumber": "66018",
    "EchoTime": 0.039,
    "EchoTrainLength": 72,
    "EffectiveEchoSpacing": 0.000779983,
    "FlipAngle": 50,
    "ImageType": [
      "ORIGINAL",
      "PRIMARY",
      "M",
      "ND",
      "MOSAIC"
    ],
    "InstitutionAddress": "Stadium_1952_Princeton_NJ_US_08544",
    "InstitutionName": "Princeton_University",
    "MagneticFieldStrength": 3,
    "Manufacturer": "Siemens",
    "ManufacturersModelName": "Prisma",
    "PhaseEncodingDirection": "j-",
    "PhaseEncodingLines": 96,
    "ProcedureStepDescription": "Hasson_Baldassano_040518_SchemaScrambled",
    "ProtocolName": "func_task-scrambled_run-02",
    "RepetitionTime": 1.5,
    "ScanningSequence": "EP",
    "SequenceName": "_epfid2d1_96",
    "SequenceVariant": "SK",
    "SeriesDescription": "func_task-scrambled_run-02",
    "SliceTiming": [
      0.69,
      0,
      0.79,
      0.0975,
      0.8875,
      0.1975,
      0.985,
      0.295,
      1.085,
      0.395,
      1.1825,
      0.4925,
      1.2825,
      0.5925,
      1.38,
      0.69,
      0,
      0.79,
      0.0975,
      0.8875,
      0.1975,
      0.985,
      0.295,
      1.085,
      0.395,
      1.1825,
      0.4925,
      1.2825,
      0.5925,
      1.38,
      0.69,
      0,
      0.79,
      0.0975,
      0.8875,
      0.1975,
      0.985,
      0.295,
      1.085,
      0.395,
      1.1825,
      0.4925,
      1.2825,
      0.5925,
      1.38,
      0.69,
      0,
      0.79,
      0.0975,
      0.8875,
      0.1975,
      0.985,
      0.295,
      1.085,
      0.395,
      1.1825,
      0.4925,
      1.2825,
      0.5925,
      1.38
    ],
    "SoftwareVersions": "syngo_MR_E11",
    "TotalReadoutTime": 0.0530388,
    "TrueEchoSpacing": 0.00311993,
    "dataset": "ds001511",
    "modality": "bold",
    "run_id": 2,
    "subject_id": "sid000003",
    "task_id": "scrambled"
  },
  "dummy_trs": 0,
  "dvars_nstd": 39.07847583975239,
  "dvars_std": 1.0502058672761918,
  "dvars_vstd": 0.9551212867047627,
  "efc": 0.5591896009638097,
  "fber": 311.3377990722656,
  "fd_mean": 0.14924404400542113,
  "fd_num": 74,
  "fd_perc": 14.068441064638783,
  "fwhm_avg": 2.6755533333333332,
  "fwhm_x": 2.511725,
  "fwhm_y": 2.82955,
  "fwhm_z": 2.685385,
  "gcor": 0.00951848,
  "gsr_x": 0.009511026553809643,
  "gsr_y": 0.04143454134464264,
  "provenance": {
    "md5sum": "dece8b7325cc70c7cf582bd1b3a14000",
    "settings": {
      "fd_thres": 0.2,
      "testing": false
    },
    "software": "mriqc",
    "version": "23.0.1",
    "webapi_port": null,
    "webapi_url": "https://mriqc.nimh.nih.gov/api/v1"
  },
  "size_t": 526,
  "size_x": 96,
  "size_y": 96,
  "size_z": 60,
  "snr": 2.3494486332630826,
  "spacing_tr": 1.5,
  "spacing_x": 2.0,
  "spacing_y": 2.0,
  "spacing_z": 2.0,
  "summary_bg_k": 84.8941605523694,
  "summary_bg_mad": 7.280532476323652,
  "summary_bg_mean": 39.04627990722656,
  "summary_bg_median": 26.547529220581055,
  "summary_bg_n": 337044.0,
  "summary_bg_p05": 19.893535614013672,
  "summary_bg_p95": 94.54724502563472,
  "summary_bg_stdv": 45.171241760253906,
  "summary_fg_k": 2.6525734785524175,
  "summary_fg_mad": 180.0656771699995,
  "summary_fg_mean": 509.6620788574219,
  "summary_fg_median": 476.06463623046875,
  "summary_fg_n": 132295.0,
  "summary_fg_p05": 256.17567443847656,
  "summary_fg_p95": 881.161975097656,
  "summary_fg_stdv": 202.62747192382812,
  "tsnr": 28.696699130581692
}