{
  "bids_meta": {
    "AccelFactPE": 2,
    "AcquisitionNumber": 1,
    "AcquisitionTime": "19:25:53.980000",
    "BodyPartExamined": "BRAIN",
    "ConversionSoftware": "dcm2niix",
    "ConversionSoftwareVersion": "v1.0.20170724 GCC4.4.7",
    "DeviceSerialNumber": "66018",
    "EchoTime": 0.0033,
    "FlipAngle": 7,
    "ImageType": [
      "ORIGINAL",
      "PRIMARY",
      "M",
      "ND",
      "NORM"
    ],
    "InstitutionAddress": "Stadium_1952_Princeton_NJ_US_08544",
    "InstitutionName": "Princeton_University",
    "InversionTime": 1.1,
    "MagneticFieldStrength": 3,
    "Manufacturer": "Siemens",
    "ManufacturersModelName": "Prisma",
    "PhaseEncodingDirection": "i-",
    "PhaseEncodingLines": 256,
    "ProcedureStepDescription": "Hasson_Baldassano_040518_SchemaScrambled",
    "ProtocolName": "anat-T1w",
    "RepetitionTime": 2.53,
    "ScanningSequence": "GR_IR",
    "SequenceName": "_tfl3d1_16ns",
    "SequenceVariant": "SK_SP_MP",
    "SeriesDescription": "anat-T1w",
    "SoftwareVersions": "syngo_MR_E11",
    "dataset": "ds001511",
    "modality": "T1w",
    "subject_id": "sid000004"
  },
  "cjv": 0.371255384191879,
  "cnr": 3.5344784453971436,
  "efc": 0.5187412994616551,
  "fber": 11859.041163391623,
  "fwhm_avg": 4.090316666666666,
  "fwhm_x": 4.09714,
  "fwhm_y": 4.38919,
  "fwhm_z": 3.78462,
  "icvs_csf": 0.23862440811416555,
  "icvs_gm": 0.41883013439492406,
  "icvs_wm": 0.3425454574909104,
  "inu_med": 0.6355190277099609,
  "inu_range": 0.3447095453739166,
  "provenance": {
    "md5sum": "ff50297f301e570816d0bc72fe2ff331",
    "settings": {
      "testing": false
    },
    "software": "mriqc",
    "version": "23.0.1",
    "warnings": {
      "large_rot_frame": true,
      "small_air_mask": false
    },
    "webapi_port": null,
    "webapi_url": "https://mriqc.nimh.nih.gov/api/v1"
  },
  "qi_1": 1.7653282377372307e-05,
  "qi_2": 0.0010364382360837775,
  "rpve_csf": 20.861782588811494,
  "rpve_gm": 11.923820455569881,
  "rpve_wm": 16.797545904343046,
  "size_x": 176,
  "size_y": 256,
  "size_z": 256,
  "snr_csf": 1.9274788185760057,
  "snr_gm": 8.92836392357103,
  "snr_total": 10.982493166221658,
  "snr_wm": 22.091636756517936,
  "snrd_csf": 15.26581646021291,
  "snrd_gm": 59.59481055008968,
  "snrd_total": 53.984087626636686,
  "snrd_wm": 87.09163586960746,
  "spacing_x": 1.0,
  "spacing_y": 1.0,
  "spacing_z": 1.0,
  "summary_bg_k": 18.127106141582313,
  "summary_bg_mad": 0.0,
  "summary_bg_mean": 4.0614128423534765,
  "summary_bg_median": 0.0,
  "summary_bg_n": 3940652.0,
  "summary_bg_p05": 0.0,
  "summary_bg_p95": 18.921829760074615,
  "summary_bg_stdv": 7.522379993366865,
  "summary_csf_k": 1.5604524019330146,
  "summary_csf_mad": 81.34834171614575,
  "summary_csf_mean": 186.9003131600588,
  "summary_csf_median": 175.28452444821596,
  "summary_csf_n": 70128.0,
  "summary_csf_p05": 62.573179602622986,
  "summary_csf_p95": 357.40713588893414,
  "summary_csf_stdv": 90.93914444475806,
  "summary_gm_k": 0.01430098637477295,
  "summary_gm_mad": 75.20294842388891,
  "summary_gm_mean": 683.8673431059109,
  "summary_gm_median": 684.2770613729954,
  "summary_gm_n": 36342.0,
  "summary_gm_p05": 555.9481815434992,
  "summary_gm_p95": 810.6879983097315,
  "summary_gm_stdv": 76.63975760335948,
  "summary_wm_k": 0.6487834391057805,
  "summary_wm_mad": 42.01088069847903,
  "summary_wm_mean": 999.7708652105149,
  "summary_wm_median": 999.9999683350325,
  "summary_wm_n": 216355.0,
  "summary_wm_p05": 925.1557011157274,
  "summary_wm_p95": 1073.2518043369055,
  "summary_wm_stdv": 45.26589262431082,
  "tpm_overlap_csf": 0.15191051209187847,
  "tpm_overlap_gm": 0.4439174744487849,
  "tpm_overlap_wm": 0.49809016831469344,
  "wm2max": 0.4874342315648037
}