{
  "bids_meta": {
    "AccelFactPE": 2,
    "AcquisitionNumber": 1,
    "AcquisitionTime": "21:48:12.132500",
    "BodyPartExamined": "BRAIN",
    "ConversionSoftware": "dcm2niix",
    "ConversionSoftwareVersion": "v1.0.20170724 GCC4.4.7",
    "DeviceSerialNumber": "66018",
    "EchoTime": 0.0033,
    "FlipAngle": 7,
    "ImageType": [
      "ORIGINAL",
      "PRIMARY",
      "M",
      "ND",
      "NORM"
    ],
    "InstitutionAddress": "Stadium_1952_Princeton_NJ_US_08544",
    "InstitutionName": "Princeton_University",
    "InversionTime": 1.1,
    "MagneticFieldStrength": 3,
    "Manufacturer": "Siemens",
    "ManufacturersModelName": "Prisma",
    "PhaseEncodingDirection": "i-",
    "PhaseEncodingLines": 256,
    "ProcedureStepDescription": "Hasson_Baldassano_040518_SchemaScrambled",
    "ProtocolName": "anat-T1w",
    "RepetitionTime": 2.53,
    "ScanningSequence": "GR_IR",
    "SequenceName": "_tfl3d1_16ns",
    "SequenceVariant": "SK_SP_MP",
    "SeriesDescription": "anat-T1w",
    "SoftwareVersions": "syngo_MR_E11",
    "dataset": "ds001511",
    "modality": "T1w",
    "subject_id": "sid000005"
  },
  "cjv": 0.34088849325701953,
  "cnr": 3.9268363277871243,
  "efc": 0.5655868218143454,
  "fber": -1.0,
  "fwhm_avg": 3.6601466666666664,
  "fwhm_x": 3.72567,
  "fwhm_y": 3.75679,
  "fwhm_z": 3.49798,
  "icvs_csf": 0.2033089532755948,
  "icvs_gm": 0.4599905783407972,
  "icvs_wm": 0.336700468383608,
  "inu_med": 0.645971953868866,
  "inu_range": 0.28195610642433167,
  "provenance": {
    "md5sum": "cca07fc2cfe47b49db697d114743de7d",
    "settings": {
      "testing": false
    },
    "software": "mriqc",
    "version": "23.0.1",
    "warnings": {
      "large_rot_frame": true,
      "small_air_mask": false
    },
    "webapi_port": null,
    "webapi_url": "https://mriqc.nimh.nih.gov/api/v1"
  },
  "qi_1": 9.033452960957416e-06,
  "qi_2": 0.0008071962179870226,
  "rpve_csf": 24.006926470434134,
  "rpve_gm": 11.328243545073702,
  "rpve_wm": 17.140750561918814,
  "size_x": 176,
  "size_y": 256,
  "size_z": 256,
  "snr_csf": 1.7544117879851506,
  "snr_gm": 10.10111820631467,
  "snr_total": 10.589109143941156,
  "snr_wm": 19.91179743752365,
  "snrd_csf": 16.094946809590546,
  "snrd_gm": 54.19738981363492,
  "snrd_total": 50.34091086595322,
  "snrd_wm": 80.7303959746342,
  "spacing_x": 1.0,
  "spacing_y": 1.0,
  "spacing_z": 1.0,
  "summary_bg_k": 16.307580401667334,
  "summary_bg_mad": 0.0,
  "summary_bg_mean": 4.376139624854614,
  "summary_bg_median": 0.0,
  "summary_bg_n": 4067646.0,
  "summary_bg_p05": 0.0,
  "summary_bg_p95": 20.238788157701492,
  "summary_bg_stdv": 8.115114242502159,
  "summary_csf_k": 1.4198265535261374,
  "summary_csf_mad": 97.5197347230377,
  "summary_csf_mean": 217.9915193883544,
  "summary_csf_median": 199.36662363260984,
  "summary_csf_n": 33810.0,
  "summary_csf_p05": 66.12004810981453,
  "summary_csf_p95": 443.39690386503935,
  "summary_csf_stdv": 113.63562228548864,
  "summary_gm_k": 0.17545088916199836,
  "summary_gm_mad": 64.761306954978,
  "summary_gm_mean": 670.7324105977065,
  "summary_gm_median": 671.3380755260587,
  "summary_gm_n": 35609.0,
  "summary_gm_p05": 560.5707511305809,
  "summary_gm_p95": 779.1933440715075,
  "summary_gm_stdv": 66.4608249528011,
  "summary_wm_k": 0.5661863404638812,
  "summary_wm_mad": 47.27575407713393,
  "summary_wm_mean": 999.3290923407487,
  "summary_wm_median": 999.9999788999557,
  "summary_wm_n": 192921.0,
  "summary_wm_p05": 915.6595613434911,
  "summary_wm_p95": 1080.0451140776277,
  "summary_wm_stdv": 50.2213519547825,
  "tpm_overlap_csf": 0.1552849914832981,
  "tpm_overlap_gm": 0.4790175948450027,
  "tpm_overlap_wm": 0.5088717223451208,
  "wm2max": 0.5871716502447261
}