{
  "bids_meta": {
    "AccelFactPE": 2,
    "AcquisitionNumber": 1,
    "AcquisitionTime": "16:09:17.965000",
    "BodyPartExamined": "BRAIN",
    "ConversionSoftware": "dcm2niix",
    "ConversionSoftwareVersion": "v1.0.20170724 GCC4.4.7",
    "DeviceSerialNumber": "66018",
    "EchoTime": 0.0033,
    "FlipAngle": 7,
    "ImageType": [
      "ORIGINAL",
      "PRIMARY",
      "M",
      "ND",
      "NORM"
    ],
    "InstitutionAddress": "Stadium_1952_Princeton_NJ_US_08544",
    "InstitutionName": "Princeton_University",
    "InversionTime": 1.1,
    "MagneticFieldStrength": 3,
    "Manufacturer": "Siemens",
    "ManufacturersModelName": "Prisma",
    "PhaseEncodingDirection": "i-",
    "PhaseEncodingLines": 256,
    "ProcedureStepDescription": "Hasson_Baldassano_040518_SchemaScrambled",
    "ProtocolName": "anat-T1w",
    "RepetitionTime": 2.53,
    "ScanningSequence": "GR_IR",
    "SequenceName": "_tfl3d1_16ns",
    "SequenceVariant": "SK_SP_MP",
    "SeriesDescription": "anat-T1w",
    "SoftwareVersions": "syngo_MR_E11",
    "dataset": "ds001511",
    "modality": "T1w",
    "subject_id": "sid000010"
  },
  "cjv": 0.3491315793671082,
  "cnr": 3.806896663687847,
  "efc": 0.5449109367975001,
  "fber": 16832.01481915229,
  "fwhm_avg": 3.907643333333334,
  "fwhm_x": 4.04157,
  "fwhm_y": 4.01885,
  "fwhm_z": 3.66251,
  "icvs_csf": 0.22716834463027577,
  "icvs_gm": 0.4355369600576757,
  "icvs_wm": 0.33729469531204853,
  "inu_med": 0.5857839584350586,
  "inu_range": 0.26988947838544847,
  "provenance": {
    "md5sum": "027c2dadc41bef7164988a460c2ed8d5",
    "settings": {
      "testing": false
    },
    "software": "mriqc",
    "version": "23.0.1",
    "warnings": {
      "large_rot_frame": true,
      "small_air_mask": false
    },
    "webapi_port": null,
    "webapi_url": "https://mriqc.nimh.nih.gov/api/v1"
  },
  "qi_1": 1.3801994241338148e-05,
  "qi_2": 0.0006984044227815545,
  "rpve_csf": 24.463519423225915,
  "rpve_gm": 13.021352845922388,
  "rpve_wm": 19.06124613492037,
  "size_x": 176,
  "size_y": 256,
  "size_z": 256,
  "snr_csf": 1.4214363582201681,
  "snr_gm": 8.906418358196804,
  "snr_total": 10.574541737731517,
  "snr_wm": 21.39577049677758,
  "snrd_csf": 13.563292601294698,
  "snrd_gm": 55.739918466054704,
  "snrd_total": 51.09186070329863,
  "snrd_wm": 83.9723710425465,
  "spacing_x": 1.0,
  "spacing_y": 1.0,
  "spacing_z": 1.0,
  "summary_bg_k": 18.22120661523948,
  "summary_bg_mad": 0.0,
  "summary_bg_mean": 4.336398128384398,
  "summary_bg_median": 0.0,
  "summary_bg_n": 3177377.0,
  "summary_bg_p05": 0.0,
  "summary_bg_p95": 19.11286285147071,
  "summary_bg_stdv": 7.801808993550611,
  "summary_csf_k": 0.8667435969973778,
  "summary_csf_mad": 99.87437048450846,
  "summary_csf_mean": 190.20927520191245,
  "summary_csf_median": 161.52089579962194,
  "summary_csf_n": 46434.0,
  "summary_csf_p05": 51.98948945850134,
  "summary_csf_p95": 415.9581453977152,
  "summary_csf_stdv": 113.63094492676376,
  "summary_gm_k": 0.04682811509586848,
  "summary_gm_mad": 73.32313895333544,
  "summary_gm_mean": 664.8847629167822,
  "summary_gm_median": 663.7887883931398,
  "summary_gm_n": 36939.0,
  "summary_gm_p05": 543.1650397162884,
  "summary_gm_p95": 790.0713208504021,
  "summary_gm_stdv": 74.52825330057381,
  "summary_wm_k": 0.532293613865471,
  "summary_wm_mad": 44.058812147798015,
  "summary_wm_mean": 999.6981402090045,
  "summary_wm_median": 999.9999994039536,
  "summary_wm_n": 187897.0,
  "summary_wm_p05": 922.353603053838,
  "summary_wm_p95": 1075.450449809432,
  "summary_wm_stdv": 46.738084918168774,
  "tpm_overlap_csf": 0.15023180395379265,
  "tpm_overlap_gm": 0.47314071965193216,
  "tpm_overlap_wm": 0.5310823454181984,
  "wm2max": 0.6092179373404666
}