{
  "aor": 0.0020462173038229376,
  "aqi": 0.011950018309859154,
  "bids_meta": {
    "AccelFactPE": 4,
    "AcquisitionNumber": 1,
    "AcquisitionTime": "19:28:44.042500",
    "BandwidthPerPixelPhaseEncode": 13.355,
    "BodyPartExamined": "BRAIN",
    "ConversionSoftware": "dcm2niix",
    "ConversionSoftwareVersion": "v1.0.20170724 GCC4.4.7",
    "DeviceSerialNumber": "66018",
    "EchoTime": 0.039,
    "EchoTrainLength": 72,
    "EffectiveEchoSpacing": 0.000779983,
    "FlipAngle": 50,
    "ImageType": [
      "ORIGINAL",
      "PRIMARY",
      "M",
      "ND",
      "MOSAIC"
    ],
    "InstitutionAddress": "Stadium_1952_Princeton_NJ_US_08544",
    "InstitutionName": "Princeton_University",
    "MagneticFieldStrength": 3,
    "Manufacturer": "Siemens",
    "ManufacturersModelName": "Prisma",
    "PhaseEncodingDirection": "j-",
    "PhaseEncodingLines": 96,
    "ProcedureStepDescription": "Hasson_Baldassano_040518_SchemaScrambled",
    "ProtocolName": "func_task-scrambled_run-01",
    "RepetitionTime": 1.5,
    "ScanningSequence": "EP",
    "SequenceName": "_epfid2d1_96",
    "SequenceVariant": "SK",
    "SeriesDescription": "func_task-scrambled_run-01",
    "SliceTiming": [
      0.69,
      0,
      0.79,
      0.0975,
      0.8875,
      0.1975,
      0.9875,
      0.295,
      1.085,
      0.395,
      1.185,
      0.4925,
      1.2825,
      0.5925,
      1.38,
      0.69,
      0,
      0.79,
      0.0975,
      0.8875,
      0.1975,
      0.9875,
      0.295,
      1.085,
      0.395,
      1.185,
      0.4925,
      1.2825,
      0.5925,
      1.38,
      0.69,
      0,
      0.79,
      0.0975,
      0.8875,
      0.1975,
      0.9875,
      0.295,
      1.085,
      0.395,
      1.185,
      0.4925,
      1.2825,
      0.5925,
      1.38,
      0.69,
      0,
      0.79,
      0.0975,
      0.8875,
      0.1975,
      0.9875,
      0.295,
      1.085,
      0.395,
      1.185,
      0.4925,
      1.2825,
      0.5925,
      1.38
    ],
    "SoftwareVersions": "syngo_MR_E11",
    "TotalReadoutTime": 0.0530388,
    "TrueEchoSpacing": 0.00311993,
    "dataset": "ds001511",
    "modality": "bold",
    "run_id": 1,
    "subject_id": "sid000008",
    "task_id": "scrambled"
  },
  "dummy_trs": 0,
  "dvars_nstd": 42.73208022112904,
  "dvars_std": 1.0465842373185485,
  "dvars_vstd": 0.9863774861693548,
  "efc": 0.6217957066274753,
  "fber": 201.03013610839844,
  "fd_mean": 0.22390442129979427,
  "fd_num": 209,
  "fd_perc": 42.052313883299796,
  "fwhm_avg": 2.751700054390334,
  "fwhm_x": 2.555105,
  "fwhm_y": 2.96244,
  "fwhm_z": 2.737555163171003,
  "gcor": 0.0160984,
  "gsr_x": 0.009226759895682335,
  "gsr_y": 0.04155521094799042,
  "provenance": {
    "md5sum": "1cb8b87041aa170b614e990b36c77b23",
    "settings": {
      "fd_thres": 0.2,
      "testing": false
    },
    "software": "mriqc",
    "version": "23.0.1",
    "webapi_port": null,
    "webapi_url": "https://mriqc.nimh.nih.gov/api/v1"
  },
  "size_t": 497,
  "size_x": 96,
  "size_y": 96,
  "size_z": 60,
  "snr": 2.406835786141954,
  "spacing_tr": 1.5,
  "spacing_x": 2.0,
  "spacing_y": 2.0,
  "spacing_z": 1.9999998807907104,
  "summary_bg_k": 53.856932577061585,
  "summary_bg_mad": 12.7915445016168,
  "summary_bg_mean": 61.736839294433594,
  "summary_bg_median": 32.66398239135742,
  "summary_bg_n": 310516.0,
  "summary_bg_p05": 21.67203140258789,
  "summary_bg_p95": 203.22533798217773,
  "summary_bg_stdv": 81.85719299316406,
  "summary_fg_k": 2.1687293907893794,
  "summary_fg_mad": 174.79485616039892,
  "summary_fg_mean": 511.35595703125,
  "summary_fg_median": 476.28973388671875,
  "summary_fg_n": 153393.0,
  "summary_fg_p05": 259.9678039550781,
  "summary_fg_p95": 883.2510620117187,
  "summary_fg_stdv": 197.8897705078125,
  "tsnr": 28.74792890343815
}