{
  "bids_meta": {
    "AccelFactPE": 2,
    "AcquisitionNumber": 1,
    "AcquisitionTime": "18:13:39.422500",
    "BodyPartExamined": "BRAIN",
    "ConversionSoftware": "dcm2niix",
    "ConversionSoftwareVersion": "v1.0.20170724 GCC4.4.7",
    "DeviceSerialNumber": "66018",
    "EchoTime": 0.0033,
    "FlipAngle": 7,
    "ImageType": [
      "ORIGINAL",
      "PRIMARY",
      "M",
      "ND",
      "NORM"
    ],
    "InstitutionAddress": "Stadium_1952_Princeton_NJ_US_08544",
    "InstitutionName": "Princeton_University",
    "InversionTime": 1.1,
    "MagneticFieldStrength": 3,
    "Manufacturer": "Siemens",
    "ManufacturersModelName": "Prisma",
    "PhaseEncodingDirection": "i-",
    "PhaseEncodingLines": 256,
    "ProcedureStepDescription": "Hasson_Baldassano_040518_SchemaScrambled",
    "ProtocolName": "anat-T1w",
    "RepetitionTime": 2.53,
    "ScanningSequence": "GR_IR",
    "SequenceName": "_tfl3d1_16ns",
    "SequenceVariant": "SK_SP_MP",
    "SeriesDescription": "anat-T1w",
    "SoftwareVersions": "syngo_MR_E11",
    "dataset": "ds001511",
    "modality": "T1w",
    "subject_id": "sid000007"
  },
  "cjv": 0.3621317721631529,
  "cnr": 3.6987452511610277,
  "efc": 0.5337453469205304,
  "fber": 24894.85087111727,
  "fwhm_avg": 3.705346666666666,
  "fwhm_x": 3.66653,
  "fwhm_y": 3.99251,
  "fwhm_z": 3.457,
  "icvs_csf": 0.2181076302886937,
  "icvs_gm": 0.4470750584967827,
  "icvs_wm": 0.3348173112145236,
  "inu_med": 0.6127416491508484,
  "inu_range": 0.24076559990644458,
  "provenance": {
    "md5sum": "49c888a4b771e2028ad27eacdda7b946",
    "settings": {
      "testing": false
    },
    "software": "mriqc",
    "version": "23.0.1",
    "warnings": {
      "large_rot_frame": true,
      "small_air_mask": false
    },
    "webapi_port": null,
    "webapi_url": "https://mriqc.nimh.nih.gov/api/v1"
  },
  "qi_1": 0.001509806464814061,
  "qi_2": 0.0007417931261445743,
  "rpve_csf": 22.301954022988507,
  "rpve_gm": 11.284387630192434,
  "rpve_wm": 17.036847703992443,
  "size_x": 176,
  "size_y": 256,
  "size_z": 256,
  "snr_csf": 2.0179089293498906,
  "snr_gm": 9.026484684758278,
  "snr_total": 10.571578318756112,
  "snr_wm": 20.670341342160167,
  "snrd_csf": 16.296545676448844,
  "snrd_gm": 56.23925472831293,
  "snrd_total": 52.12655396447019,
  "snrd_wm": 83.8438614886488,
  "spacing_x": 1.0,
  "spacing_y": 1.0,
  "spacing_z": 1.0,
  "summary_bg_k": 251.8387748187903,
  "summary_bg_mad": 0.0,
  "summary_bg_mean": 4.635046187246921,
  "summary_bg_median": 0.0,
  "summary_bg_n": 4391101.0,
  "summary_bg_p05": 0.0,
  "summary_bg_p95": 19.852220714092255,
  "summary_bg_stdv": 7.813766857890239,
  "summary_csf_k": 2.2149000176360305,
  "summary_csf_mad": 81.34756058076637,
  "summary_csf_mean": 206.979523459374,
  "summary_csf_median": 194.36778128147125,
  "summary_csf_n": 44714.0,
  "summary_csf_p05": 73.08822065591812,
  "summary_csf_p95": 388.3794689178467,
  "summary_csf_stdv": 96.32030711931398,
  "summary_gm_k": 0.00941723134789818,
  "summary_gm_mad": 73.64835933596696,
  "summary_gm_mean": 669.592623335254,
  "summary_gm_median": 670.7617294788361,
  "summary_gm_n": 35614.0,
  "summary_gm_p05": 546.1779165714979,
  "summary_gm_p95": 791.3691633492708,
  "summary_gm_stdv": 74.30936136610103,
  "summary_wm_k": 0.5058344434588862,
  "summary_wm_mad": 45.57927136921253,
  "summary_wm_mean": 998.7658344701281,
  "summary_wm_median": 999.9999788403511,
  "summary_wm_n": 192733.0,
  "summary_wm_p05": 917.3862531781197,
  "summary_wm_p95": 1075.9666231274605,
  "summary_wm_stdv": 48.37836821469764,
  "tpm_overlap_csf": 0.15183606398267815,
  "tpm_overlap_gm": 0.46499293451292956,
  "tpm_overlap_wm": 0.49497875493782817,
  "wm2max": 0.6570564275649409
}