{
  "aor": 0.0040359523809523805,
  "aqi": 0.010964654404761905,
  "bids_meta": {
    "AccelFactPE": 4,
    "AcquisitionNumber": 1,
    "AcquisitionTime": "19:50:8.822500",
    "BandwidthPerPixelPhaseEncode": 13.355,
    "BodyPartExamined": "BRAIN",
    "ConversionSoftware": "dcm2niix",
    "ConversionSoftwareVersion": "v1.0.20170724 GCC4.4.7",
    "DeviceSerialNumber": "66018",
    "EchoTime": 0.039,
    "EchoTrainLength": 72,
    "EffectiveEchoSpacing": 0.000779983,
    "FlipAngle": 50,
    "ImageType": [
      "ORIGINAL",
      "PRIMARY",
      "M",
      "ND",
      "MOSAIC"
    ],
    "InstitutionAddress": "Stadium_1952_Princeton_NJ_US_08544",
    "InstitutionName": "Princeton_University",
    "MagneticFieldStrength": 3,
    "Manufacturer": "Siemens",
    "ManufacturersModelName": "Prisma",
    "PhaseEncodingDirection": "j-",
    "PhaseEncodingLines": 96,
    "ProcedureStepDescription": "Hasson_Baldassano_040518_SchemaScrambled",
    "ProtocolName": "func_task-scrambled_run-02",
    "RepetitionTime": 1.5,
    "ScanningSequence": "EP",
    "SequenceName": "_epfid2d1_96",
    "SequenceVariant": "SK",
    "SeriesDescription": "func_task-scrambled_run-02",
    "SliceTiming": [
      0.69,
      0,
      0.7875,
      0.0975,
      0.8875,
      0.1975,
      0.985,
      0.295,
      1.085,
      0.395,
      1.1825,
      0.4925,
      1.2825,
      0.5925,
      1.38,
      0.69,
      0,
      0.7875,
      0.0975,
      0.8875,
      0.1975,
      0.985,
      0.295,
      1.085,
      0.395,
      1.1825,
      0.4925,
      1.2825,
      0.5925,
      1.38,
      0.69,
      0,
      0.7875,
      0.0975,
      0.8875,
      0.1975,
      0.985,
      0.295,
      1.085,
      0.395,
      1.1825,
      0.4925,
      1.2825,
      0.5925,
      1.38,
      0.69,
      0,
      0.7875,
      0.0975,
      0.8875,
      0.1975,
      0.985,
      0.295,
      1.085,
      0.395,
      1.1825,
      0.4925,
      1.2825,
      0.5925,
      1.38
    ],
    "SoftwareVersions": "syngo_MR_E11",
    "TotalReadoutTime": 0.0530388,
    "TrueEchoSpacing": 0.00311993,
    "dataset": "ds001511",
    "modality": "bold",
    "run_id": 2,
    "subject_id": "sid000004",
    "task_id": "scrambled"
  },
  "dummy_trs": 1,
  "dvars_nstd": 50.02528909572565,
  "dvars_std": 1.0837206502385686,
  "dvars_vstd": 0.9761778024055671,
  "efc": 0.5787211041527527,
  "fber": 283.5672912597656,
  "fd_mean": 0.3749678735259939,
  "fd_num": 355,
  "fd_perc": 70.43650793650794,
  "fwhm_avg": 2.9639666666666664,
  "fwhm_x": 2.84337,
  "fwhm_y": 3.04761,
  "fwhm_z": 3.00092,
  "gcor": 0.0218641,
  "gsr_x": 0.005201367195695639,
  "gsr_y": 0.05115679278969765,
  "provenance": {
    "md5sum": "cc5028ac5d6e225dd916427b4fb50626",
    "settings": {
      "fd_thres": 0.2,
      "testing": false
    },
    "software": "mriqc",
    "version": "23.0.1",
    "webapi_port": null,
    "webapi_url": "https://mriqc.nimh.nih.gov/api/v1"
  },
  "size_t": 504,
  "size_x": 96,
  "size_y": 96,
  "size_z": 60,
  "snr": 1.8019373673023296,
  "spacing_tr": 1.5,
  "spacing_x": 2.0,
  "spacing_y": 2.0,
  "spacing_z": 2.0,
  "summary_bg_k": 55.349854499993896,
  "summary_bg_mad": 10.378218357378529,
  "summary_bg_mean": 47.31694412231445,
  "summary_bg_median": 31.301589965820312,
  "summary_bg_n": 297281.0,
  "summary_bg_p05": 22.1170654296875,
  "summary_bg_p95": 113.4384994506836,
  "summary_bg_stdv": 57.75661087036133,
  "summary_fg_k": 5.217204599973867,
  "summary_fg_mad": 227.72359247750438,
  "summary_fg_mean": 611.204345703125,
  "summary_fg_median": 544.4345703125,
  "summary_fg_n": 165783.0,
  "summary_fg_p05": 271.0442657470703,
  "summary_fg_p95": 1190.09267578125,
  "summary_fg_stdv": 302.1375427246094,
  "tsnr": 26.287479735910892
}