{
  "bids_meta": {
    "AccelFactPE": 2,
    "AcquisitionNumber": 1,
    "AcquisitionTime": "21:49:43.120000",
    "BodyPartExamined": "BRAIN",
    "ConversionSoftware": "dcm2niix",
    "ConversionSoftwareVersion": "v1.0.20170724 GCC4.4.7",
    "DeviceSerialNumber": "66018",
    "EchoTime": 0.0033,
    "FlipAngle": 7,
    "ImageType": [
      "ORIGINAL",
      "PRIMARY",
      "M",
      "ND",
      "NORM"
    ],
    "InstitutionAddress": "Stadium_1952_Princeton_NJ_US_08544",
    "InstitutionName": "Princeton_University",
    "InversionTime": 1.1,
    "MagneticFieldStrength": 3,
    "Manufacturer": "Siemens",
    "ManufacturersModelName": "Prisma",
    "PhaseEncodingDirection": "i-",
    "PhaseEncodingLines": 256,
    "ProcedureStepDescription": "Hasson_Baldassano_040518_SchemaScrambled",
    "ProtocolName": "anat-T1w",
    "RepetitionTime": 2.53,
    "ScanningSequence": "GR_IR",
    "SequenceName": "_tfl3d1_16ns",
    "SequenceVariant": "SK_SP_MP",
    "SeriesDescription": "anat-T1w",
    "SoftwareVersions": "syngo_MR_E11",
    "dataset": "ds001511",
    "modality": "T1w",
    "subject_id": "sid000012"
  },
  "cjv": 0.33888660820515487,
  "cnr": 3.891449862860852,
  "efc": 0.5257847712347861,
  "fber": 21296.39257072845,
  "fwhm_avg": 3.8004699999999993,
  "fwhm_x": 3.78863,
  "fwhm_y": 4.00761,
  "fwhm_z": 3.60517,
  "icvs_csf": 0.23494435859835966,
  "icvs_gm": 0.4474772944591196,
  "icvs_wm": 0.31757834694252074,
  "inu_med": 0.6308149099349976,
  "inu_range": 0.2797534421086312,
  "provenance": {
    "md5sum": "daadf1db7fcb6844e9f38974ccb51c3e",
    "settings": {
      "testing": false
    },
    "software": "mriqc",
    "version": "23.0.1",
    "warnings": {
      "large_rot_frame": true,
      "small_air_mask": false
    },
    "webapi_port": null,
    "webapi_url": "https://mriqc.nimh.nih.gov/api/v1"
  },
  "qi_1": 4.476661628077417e-05,
  "qi_2": 0.0008852577246166998,
  "rpve_csf": 22.718935867661727,
  "rpve_gm": 12.267215416427366,
  "rpve_wm": 19.26511941399822,
  "size_x": 176,
  "size_y": 256,
  "size_z": 256,
  "snr_csf": 1.8403561876415575,
  "snr_gm": 9.975218036069684,
  "snr_total": 10.888697879496924,
  "snr_wm": 20.85051941477953,
  "snrd_csf": 16.193926840911523,
  "snrd_gm": 62.17935174261916,
  "snrd_total": 56.79378746307773,
  "snrd_wm": 92.00808380570248,
  "spacing_x": 1.0,
  "spacing_y": 1.0,
  "spacing_z": 1.0,
  "summary_bg_k": 23.628561107696935,
  "summary_bg_mad": 0.0,
  "summary_bg_mean": 3.961311658599573,
  "summary_bg_median": 0.0,
  "summary_bg_n": 3667407.0,
  "summary_bg_p05": 0.0,
  "summary_bg_p95": 17.61922525241971,
  "summary_bg_stdv": 7.120422072192131,
  "summary_csf_k": 2.6282527013069696,
  "summary_csf_mad": 73.52089717138995,
  "summary_csf_mean": 194.25898452158023,
  "summary_csf_median": 176.00547628477216,
  "summary_csf_n": 55349.0,
  "summary_csf_p05": 73.9633908122778,
  "summary_csf_p95": 388.5817402489482,
  "summary_csf_stdv": 95.63577284589749,
  "summary_gm_k": 0.14019473849275288,
  "summary_gm_mad": 65.46728979134754,
  "summary_gm_mean": 675.8300928371541,
  "summary_gm_median": 675.8031282993034,
  "summary_gm_n": 31452.0,
  "summary_gm_p05": 563.1614912394434,
  "summary_gm_p95": 787.8361861123702,
  "summary_gm_stdv": 67.74712917207466,
  "summary_wm_k": 0.6503310421202397,
  "summary_wm_mad": 44.39868366533404,
  "summary_wm_mean": 999.3642018966149,
  "summary_wm_median": 999.9999858811498,
  "summary_wm_n": 165350.0,
  "summary_wm_p05": 919.312650449574,
  "summary_wm_p95": 1076.5471146721393,
  "summary_wm_stdv": 47.96029020164691,
  "tpm_overlap_csf": 0.15273969179791713,
  "tpm_overlap_gm": 0.4372477169046574,
  "tpm_overlap_wm": 0.4718274133959608,
  "wm2max": 0.6661989130716922
}