{
  "aor": 0.0011660121457489879,
  "aqi": 0.007003212186234818,
  "bids_meta": {
    "AccelFactPE": 4,
    "AcquisitionNumber": 1,
    "AcquisitionTime": "21:43:40.475000",
    "BandwidthPerPixelPhaseEncode": 13.355,
    "BodyPartExamined": "BRAIN",
    "ConversionSoftware": "dcm2niix",
    "ConversionSoftwareVersion": "v1.0.20170724 GCC4.4.7",
    "DeviceSerialNumber": "66018",
    "EchoTime": 0.039,
    "EchoTrainLength": 72,
    "EffectiveEchoSpacing": 0.000779983,
    "FlipAngle": 50,
    "ImageType": [
      "ORIGINAL",
      "PRIMARY",
      "M",
      "ND",
      "MOSAIC"
    ],
    "InstitutionAddress": "Stadium_1952_Princeton_NJ_US_08544",
    "InstitutionName": "Princeton_University",
    "MagneticFieldStrength": 3,
    "Manufacturer": "Siemens",
    "ManufacturersModelName": "Prisma",
    "PhaseEncodingDirection": "j-",
    "PhaseEncodingLines": 96,
    "ProcedureStepDescription": "Hasson_Baldassano_040518_SchemaScrambled",
    "ProtocolName": "func_task-scrambled_run-02",
    "RepetitionTime": 1.5,
    "ScanningSequence": "EP",
    "SequenceName": "_epfid2d1_96",
    "SequenceVariant": "SK",
    "SeriesDescription": "func_task-scrambled_run-02",
    "SliceTiming": [
      0.69,
      0,
      0.79,
      0.1,
      0.8875,
      0.1975,
      0.9875,
      0.295,
      1.085,
      0.395,
      1.185,
      0.4925,
      1.2825,
      0.5925,
      1.3825,
      0.69,
      0,
      0.79,
      0.1,
      0.8875,
      0.1975,
      0.9875,
      0.295,
      1.085,
      0.395,
      1.185,
      0.4925,
      1.2825,
      0.5925,
      1.3825,
      0.69,
      0,
      0.79,
      0.1,
      0.8875,
      0.1975,
      0.9875,
      0.295,
      1.085,
      0.395,
      1.185,
      0.4925,
      1.2825,
      0.5925,
      1.3825,
      0.69,
      0,
      0.79,
      0.1,
      0.8875,
      0.1975,
      0.9875,
      0.295,
      1.085,
      0.395,
      1.185,
      0.4925,
      1.2825,
      0.5925,
      1.3825
    ],
    "SoftwareVersions": "syngo_MR_E11",
    "TotalReadoutTime": 0.0530388,
    "TrueEchoSpacing": 0.00311993,
    "dataset": "ds001511",
    "modality": "bold",
    "run_id": 2,
    "subject_id": "sid000009",
    "task_id": "scrambled"
  },
  "dummy_trs": 1,
  "dvars_nstd": 33.91981448711968,
  "dvars_std": 1.0568252167139964,
  "dvars_vstd": 0.9938647244016232,
  "efc": 0.5510856643745451,
  "fber": 288.9988708496094,
  "fd_mean": 0.17474195274106546,
  "fd_num": 193,
  "fd_perc": 39.068825910931174,
  "fwhm_avg": 2.8803,
  "fwhm_x": 2.724495,
  "fwhm_y": 3.01531,
  "fwhm_z": 2.901095,
  "gcor": 0.0134313,
  "gsr_x": 0.0046120816841721535,
  "gsr_y": 0.042631637305021286,
  "provenance": {
    "md5sum": "5a487ba728d2e33c339f681596a5ea6f",
    "settings": {
      "fd_thres": 0.2,
      "testing": false
    },
    "software": "mriqc",
    "version": "23.0.1",
    "webapi_port": null,
    "webapi_url": "https://mriqc.nimh.nih.gov/api/v1"
  },
  "size_t": 494,
  "size_x": 96,
  "size_y": 96,
  "size_z": 60,
  "snr": 2.0552387770871885,
  "spacing_tr": 1.5,
  "spacing_x": 2.0,
  "spacing_y": 2.0,
  "spacing_z": 2.0,
  "summary_bg_k": 59.70881481839651,
  "summary_bg_mad": 9.940036172083236,
  "summary_bg_mean": 47.73335647583008,
  "summary_bg_median": 29.935222625732422,
  "summary_bg_n": 343374.0,
  "summary_bg_p05": 20.951417922973633,
  "summary_bg_p95": 136.3643798828125,
  "summary_bg_stdv": 58.198848724365234,
  "summary_fg_k": 6.182696261546411,
  "summary_fg_mad": 197.47123175500184,
  "summary_fg_mean": 567.3176879882812,
  "summary_fg_median": 517.9109497070312,
  "summary_fg_n": 129160.0,
  "summary_fg_p05": 275.48352203369143,
  "summary_fg_p95": 1030.352545166015,
  "summary_fg_stdv": 251.99453735351562,
  "tsnr": 36.16000518202782
}