{
  "aor": 0.00045892857142857145,
  "aqi": 0.005665517003968254,
  "bids_meta": {
    "AccelFactPE": 4,
    "AcquisitionNumber": 1,
    "AcquisitionTime": "21:30:32.630000",
    "BandwidthPerPixelPhaseEncode": 13.355,
    "BodyPartExamined": "BRAIN",
    "ConversionSoftware": "dcm2niix",
    "ConversionSoftwareVersion": "v1.0.20170724 GCC4.4.7",
    "DeviceSerialNumber": "66018",
    "EchoTime": 0.039,
    "EchoTrainLength": 72,
    "EffectiveEchoSpacing": 0.000779983,
    "FlipAngle": 50,
    "ImageType": [
      "ORIGINAL",
      "PRIMARY",
      "M",
      "ND",
      "MOSAIC"
    ],
    "InstitutionAddress": "Stadium_1952_Princeton_NJ_US_08544",
    "InstitutionName": "Princeton_University",
    "MagneticFieldStrength": 3,
    "Manufacturer": "Siemens",
    "ManufacturersModelName": "Prisma",
    "PhaseEncodingDirection": "j-",
    "PhaseEncodingLines": 96,
    "ProcedureStepDescription": "Hasson_Baldassano_040518_SchemaScrambled",
    "ProtocolName": "func_task-scrambled_run-01",
    "RepetitionTime": 1.5,
    "ScanningSequence": "EP",
    "SequenceName": "_epfid2d1_96",
    "SequenceVariant": "SK",
    "SeriesDescription": "func_task-scrambled_run-01",
    "SliceTiming": [
      0.6925,
      0,
      0.79,
      0.1,
      0.89,
      0.1975,
      0.9875,
      0.2975,
      1.085,
      0.395,
      1.185,
      0.495,
      1.2825,
      0.5925,
      1.3825,
      0.6925,
      0,
      0.79,
      0.1,
      0.89,
      0.1975,
      0.9875,
      0.2975,
      1.085,
      0.395,
      1.185,
      0.495,
      1.2825,
      0.5925,
      1.3825,
      0.6925,
      0,
      0.79,
      0.1,
      0.89,
      0.1975,
      0.9875,
      0.2975,
      1.085,
      0.395,
      1.185,
      0.495,
      1.2825,
      0.5925,
      1.3825,
      0.6925,
      0,
      0.79,
      0.1,
      0.89,
      0.1975,
      0.9875,
      0.2975,
      1.085,
      0.395,
      1.185,
      0.495,
      1.2825,
      0.5925,
      1.3825
    ],
    "SoftwareVersions": "syngo_MR_E11",
    "TotalReadoutTime": 0.0530388,
    "TrueEchoSpacing": 0.00311993,
    "dataset": "ds001511",
    "modality": "bold",
    "run_id": 1,
    "subject_id": "sid000009",
    "task_id": "scrambled"
  },
  "dummy_trs": 1,
  "dvars_nstd": 34.02658453419483,
  "dvars_std": 1.0540868137375752,
  "dvars_vstd": 0.9846729438170976,
  "efc": 0.549222236671859,
  "fber": 300.1436462402344,
  "fd_mean": 0.18009986932620306,
  "fd_num": 198,
  "fd_perc": 39.285714285714285,
  "fwhm_avg": 2.8953333333333333,
  "fwhm_x": 2.74419,
  "fwhm_y": 3.026395,
  "fwhm_z": 2.915415,
  "gcor": 0.0242283,
  "gsr_x": 0.003877699375152588,
  "gsr_y": 0.04271260276436806,
  "provenance": {
    "md5sum": "879a356c1ee0c0da4fa7a0b81b378610",
    "settings": {
      "fd_thres": 0.2,
      "testing": false
    },
    "software": "mriqc",
    "version": "23.0.1",
    "webapi_port": null,
    "webapi_url": "https://mriqc.nimh.nih.gov/api/v1"
  },
  "size_t": 504,
  "size_x": 96,
  "size_y": 96,
  "size_z": 60,
  "snr": 2.044668078888687,
  "spacing_tr": 1.5,
  "spacing_x": 2.0,
  "spacing_y": 2.0,
  "spacing_z": 2.0,
  "summary_bg_k": 62.88430464219266,
  "summary_bg_mad": 8.998572112634202,
  "summary_bg_mean": 47.439613342285156,
  "summary_bg_median": 29.5158748626709,
  "summary_bg_n": 343427.0,
  "summary_bg_p05": 21.93651008605957,
  "summary_bg_p95": 133.08155822753912,
  "summary_bg_stdv": 58.075653076171875,
  "summary_fg_k": 6.407627228592233,
  "summary_fg_mad": 198.69810680862116,
  "summary_fg_mean": 570.9149780273438,
  "summary_fg_median": 520.5397338867188,
  "summary_fg_n": 129129.0,
  "summary_fg_p05": 277.0155029296875,
  "summary_fg_p95": 1038.1456787109369,
  "summary_fg_stdv": 254.58299255371094,
  "tsnr": 39.18758367130067
}