{
  "aor": 0.0006657852882703777,
  "aqi": 0.005758953200795229,
  "bids_meta": {
    "AccelFactPE": 4,
    "AcquisitionNumber": 1,
    "AcquisitionTime": "18:13:9.252500",
    "BandwidthPerPixelPhaseEncode": 13.355,
    "BodyPartExamined": "BRAIN",
    "ConversionSoftware": "dcm2niix",
    "ConversionSoftwareVersion": "v1.0.20170724 GCC4.4.7",
    "DeviceSerialNumber": "66018",
    "EchoTime": 0.039,
    "EchoTrainLength": 72,
    "EffectiveEchoSpacing": 0.000779983,
    "FlipAngle": 50,
    "ImageType": [
      "ORIGINAL",
      "PRIMARY",
      "M",
      "ND",
      "MOSAIC"
    ],
    "InstitutionAddress": "Stadium_1952_Princeton_NJ_US_08544",
    "InstitutionName": "Princeton_University",
    "MagneticFieldStrength": 3,
    "Manufacturer": "Siemens",
    "ManufacturersModelName": "Prisma",
    "PhaseEncodingDirection": "j-",
    "PhaseEncodingLines": 96,
    "ProcedureStepDescription": "Hasson_Baldassano_040518_SchemaScrambled",
    "ProtocolName": "func_task-scrambled_run-04",
    "RepetitionTime": 1.5,
    "ScanningSequence": "EP",
    "SequenceName": "_epfid2d1_96",
    "SequenceVariant": "SK",
    "SeriesDescription": "func_task-scrambled_run-04",
    "SliceTiming": [
      0.6925,
      0,
      0.79,
      0.1,
      0.8875,
      0.1975,
      0.9875,
      0.2975,
      1.085,
      0.395,
      1.185,
      0.495,
      1.2825,
      0.5925,
      1.3825,
      0.6925,
      0,
      0.79,
      0.1,
      0.8875,
      0.1975,
      0.9875,
      0.2975,
      1.085,
      0.395,
      1.185,
      0.495,
      1.2825,
      0.5925,
      1.3825,
      0.6925,
      0,
      0.79,
      0.1,
      0.8875,
      0.1975,
      0.9875,
      0.2975,
      1.085,
      0.395,
      1.185,
      0.495,
      1.2825,
      0.5925,
      1.3825,
      0.6925,
      0,
      0.79,
      0.1,
      0.8875,
      0.1975,
      0.9875,
      0.2975,
      1.085,
      0.395,
      1.185,
      0.495,
      1.2825,
      0.5925,
      1.3825
    ],
    "SoftwareVersions": "syngo_MR_E11",
    "TotalReadoutTime": 0.0530388,
    "TrueEchoSpacing": 0.00311993,
    "dataset": "ds001511",
    "modality": "bold",
    "run_id": 4,
    "subject_id": "sid000002",
    "task_id": "scrambled"
  },
  "dummy_trs": 0,
  "dvars_nstd": 38.30930230342631,
  "dvars_std": 1.1273628303585648,
  "dvars_vstd": 1.0063467881474102,
  "efc": 0.5743950717011284,
  "fber": 264.8189697265625,
  "fd_mean": 0.16331734690046634,
  "fd_num": 154,
  "fd_perc": 30.616302186878727,
  "fwhm_avg": 2.812438333333333,
  "fwhm_x": 2.613245,
  "fwhm_y": 2.956815,
  "fwhm_z": 2.867255,
  "gcor": 0.0125741,
  "gsr_x": 0.006572081241756678,
  "gsr_y": 0.049049731343984604,
  "provenance": {
    "md5sum": "d664da5f39e7eecdb9e13c58753da55f",
    "settings": {
      "fd_thres": 0.2,
      "testing": false
    },
    "software": "mriqc",
    "version": "23.0.1",
    "webapi_port": null,
    "webapi_url": "https://mriqc.nimh.nih.gov/api/v1"
  },
  "size_t": 503,
  "size_x": 96,
  "size_y": 96,
  "size_z": 60,
  "snr": 2.302286078133911,
  "spacing_tr": 1.5,
  "spacing_x": 2.0,
  "spacing_y": 2.0,
  "spacing_z": 2.0,
  "summary_bg_k": 121.10498902812459,
  "summary_bg_mad": 7.805031628853871,
  "summary_bg_mean": 42.831180572509766,
  "summary_bg_median": 27.705764770507812,
  "summary_bg_n": 330457.0,
  "summary_bg_p05": 20.695823669433594,
  "summary_bg_p95": 112.36779022216797,
  "summary_bg_stdv": 53.82206344604492,
  "summary_fg_k": 3.862568546955906,
  "summary_fg_mad": 171.36878178327242,
  "summary_fg_mean": 496.7236633300781,
  "summary_fg_median": 460.0616149902344,
  "summary_fg_n": 139370.0,
  "summary_fg_p05": 256.9567474365235,
  "summary_fg_p95": 869.8311614990234,
  "summary_fg_stdv": 199.82745361328125,
  "tsnr": 39.07853455748409
}