{
  "aor": 0.00030418502202643173,
  "aqi": 0.006782411189427312,
  "bids_meta": {
    "AccelFactPE": 4,
    "AcquisitionNumber": 1,
    "AcquisitionTime": "18:26:20.585000",
    "BandwidthPerPixelPhaseEncode": 13.355,
    "BodyPartExamined": "BRAIN",
    "ConversionSoftware": "dcm2niix",
    "ConversionSoftwareVersion": "v1.0.20170724 GCC4.4.7",
    "DeviceSerialNumber": "66018",
    "EchoTime": 0.039,
    "EchoTrainLength": 72,
    "EffectiveEchoSpacing": 0.000779983,
    "FlipAngle": 50,
    "ImageType": [
      "ORIGINAL",
      "PRIMARY",
      "M",
      "ND",
      "MOSAIC"
    ],
    "InstitutionAddress": "Stadium_1952_Princeton_NJ_US_08544",
    "InstitutionName": "Princeton_University",
    "MagneticFieldStrength": 3,
    "Manufacturer": "Siemens",
    "ManufacturersModelName": "Prisma",
    "PhaseEncodingDirection": "j-",
    "PhaseEncodingLines": 96,
    "ProcedureStepDescription": "Hasson_Baldassano_040518_SchemaScrambled",
    "ProtocolName": "func_task-CMIYC",
    "RepetitionTime": 1.5,
    "ScanningSequence": "EP",
    "SequenceName": "_epfid2d1_96",
    "SequenceVariant": "SK",
    "SeriesDescription": "func_task-CMIYC",
    "SliceTiming": [
      0.69,
      0,
      0.79,
      0.1,
      0.8875,
      0.1975,
      0.9875,
      0.2975,
      1.085,
      0.395,
      1.185,
      0.4925,
      1.2825,
      0.5925,
      1.3825,
      0.69,
      0,
      0.79,
      0.1,
      0.8875,
      0.1975,
      0.9875,
      0.2975,
      1.085,
      0.395,
      1.185,
      0.4925,
      1.2825,
      0.5925,
      1.3825,
      0.69,
      0,
      0.79,
      0.1,
      0.8875,
      0.1975,
      0.9875,
      0.2975,
      1.085,
      0.395,
      1.185,
      0.4925,
      1.2825,
      0.5925,
      1.3825,
      0.69,
      0,
      0.79,
      0.1,
      0.8875,
      0.1975,
      0.9875,
      0.2975,
      1.085,
      0.395,
      1.185,
      0.4925,
      1.2825,
      0.5925,
      1.3825
    ],
    "SoftwareVersions": "syngo_MR_E11",
    "TotalReadoutTime": 0.0530388,
    "TrueEchoSpacing": 0.00311993,
    "dataset": "ds001511",
    "modality": "bold",
    "subject_id": "sid000002",
    "task_id": "CMIYC"
  },
  "dummy_trs": 1,
  "dvars_nstd": 38.738825530618115,
  "dvars_std": 1.086223317284769,
  "dvars_vstd": 0.9715472256291399,
  "efc": 0.573978339248605,
  "fber": 263.5946960449219,
  "fd_mean": 0.16283927910284254,
  "fd_num": 151,
  "fd_perc": 33.25991189427313,
  "fwhm_avg": 2.8457433333333335,
  "fwhm_x": 2.640515,
  "fwhm_y": 2.98195,
  "fwhm_z": 2.914765,
  "gcor": 0.0114633,
  "gsr_x": 0.007124303374439478,
  "gsr_y": 0.04673388972878456,
  "provenance": {
    "md5sum": "8fd811a04dc05f8034cf3aedf1517700",
    "settings": {
      "fd_thres": 0.2,
      "testing": false
    },
    "software": "mriqc",
    "version": "23.0.1",
    "webapi_port": null,
    "webapi_url": "https://mriqc.nimh.nih.gov/api/v1"
  },
  "size_t": 454,
  "size_x": 96,
  "size_y": 96,
  "size_z": 60,
  "snr": 2.29152241910941,
  "spacing_tr": 1.5,
  "spacing_x": 2.0,
  "spacing_y": 2.0,
  "spacing_z": 2.0,
  "summary_bg_k": 115.22160055460753,
  "summary_bg_mad": 8.350250360041223,
  "summary_bg_mean": 42.80787658691406,
  "summary_bg_median": 27.834800720214844,
  "summary_bg_n": 330549.0,
  "summary_bg_p05": 20.38105583190918,
  "summary_bg_p95": 113.28677978515614,
  "summary_bg_stdv": 52.74614715576172,
  "summary_fg_k": 3.8089475904944097,
  "summary_fg_mad": 172.31821186607033,
  "summary_fg_mean": 497.891845703125,
  "summary_fg_median": 460.53741455078125,
  "summary_fg_n": 139179.0,
  "summary_fg_p05": 257.2041748046875,
  "summary_fg_p95": 874.7435729980471,
  "summary_fg_stdv": 200.9737091064453,
  "tsnr": 35.73800476337783
}