{
  "bids_meta": {
    "AccelFactPE": 2,
    "AcquisitionNumber": 1,
    "AcquisitionTime": "17:22:37.827500",
    "BodyPartExamined": "BRAIN",
    "ConversionSoftware": "dcm2niix",
    "ConversionSoftwareVersion": "v1.0.20170724 GCC4.4.7",
    "DeviceSerialNumber": "66018",
    "EchoTime": 0.0033,
    "FlipAngle": 7,
    "ImageType": [
      "ORIGINAL",
      "PRIMARY",
      "M",
      "ND",
      "NORM"
    ],
    "InstitutionAddress": "Stadium_1952_Princeton_NJ_US_08544",
    "InstitutionName": "Princeton_University",
    "InversionTime": 1.1,
    "MagneticFieldStrength": 3,
    "Manufacturer": "Siemens",
    "ManufacturersModelName": "Prisma",
    "PhaseEncodingDirection": "i-",
    "PhaseEncodingLines": 256,
    "ProcedureStepDescription": "Hasson_Baldassano_040518_SchemaScrambled",
    "ProtocolName": "anat-T1w",
    "RepetitionTime": 2.53,
    "ScanningSequence": "GR_IR",
    "SequenceName": "_tfl3d1_16ns",
    "SequenceVariant": "SK_SP_MP",
    "SeriesDescription": "anat-T1w",
    "SoftwareVersions": "syngo_MR_E11",
    "dataset": "ds001511",
    "modality": "T1w",
    "subject_id": "sid000003"
  },
  "cjv": 0.31900943611867794,
  "cnr": 3.9824000569256577,
  "efc": 0.5156373842707375,
  "fber": 20631.202511868276,
  "fwhm_avg": 3.7491866666666667,
  "fwhm_x": 3.79381,
  "fwhm_y": 4.0027,
  "fwhm_z": 3.45105,
  "icvs_csf": 0.2469048976791294,
  "icvs_gm": 0.4286248914349753,
  "icvs_wm": 0.32447021088589534,
  "inu_med": 0.61106738448143,
  "inu_range": 0.24308112561702727,
  "provenance": {
    "md5sum": "d18947a636f9f65d1d995c04cc775b44",
    "settings": {
      "testing": false
    },
    "software": "mriqc",
    "version": "23.0.1",
    "warnings": {
      "large_rot_frame": true,
      "small_air_mask": false
    },
    "webapi_port": null,
    "webapi_url": "https://mriqc.nimh.nih.gov/api/v1"
  },
  "qi_1": 0.0,
  "qi_2": 0.0013919527985477448,
  "rpve_csf": 24.158715470632252,
  "rpve_gm": 14.044714210214442,
  "rpve_wm": 21.215617521628328,
  "size_x": 176,
  "size_y": 256,
  "size_z": 256,
  "snr_csf": 1.7367350611090246,
  "snr_gm": 9.925963286743446,
  "snr_total": 11.248544383554739,
  "snr_wm": 22.082934802811746,
  "snrd_csf": 19.473508900892206,
  "snrd_gm": 75.26734279173377,
  "snrd_total": 68.79896181720115,
  "snrd_wm": 111.65603375897749,
  "spacing_x": 1.0,
  "spacing_y": 1.0,
  "spacing_z": 1.0,
  "summary_bg_k": 11.618756102936338,
  "summary_bg_mad": 0.0,
  "summary_bg_mean": 3.563283820401721,
  "summary_bg_median": 0.0,
  "summary_bg_n": 3307320.0,
  "summary_bg_p05": 0.0,
  "summary_bg_p95": 14.694508999586105,
  "summary_bg_stdv": 5.867262798173704,
  "summary_csf_k": 1.8328636994645109,
  "summary_csf_mad": 82.3667905085658,
  "summary_csf_mean": 193.20181601956972,
  "summary_csf_median": 174.40061996877193,
  "summary_csf_n": 42349.0,
  "summary_csf_p05": 65.07476200386883,
  "summary_csf_p95": 395.7785540156065,
  "summary_csf_stdv": 100.4174814997017,
  "summary_gm_k": 0.5904703785497318,
  "summary_gm_mad": 61.01066791150726,
  "summary_gm_mean": 673.5190834161189,
  "summary_gm_median": 674.0783755555749,
  "summary_gm_n": 21441.0,
  "summary_gm_p05": 557.7146211750805,
  "summary_gm_p95": 784.4805418550968,
  "summary_gm_stdv": 67.90904182512278,
  "summary_wm_k": 0.4579308251258687,
  "summary_wm_mad": 42.951127997216155,
  "summary_wm_mean": 999.8547217521696,
  "summary_wm_median": 999.967782381922,
  "summary_wm_n": 163108.0,
  "summary_wm_p05": 924.9162221625447,
  "summary_wm_p95": 1073.2469785772264,
  "summary_wm_stdv": 45.28223834157671,
  "tpm_overlap_csf": 0.16654715513199844,
  "tpm_overlap_gm": 0.46675777346579056,
  "tpm_overlap_wm": 0.5170533387661361,
  "wm2max": 0.6256796838997567
}