{
  "bids_meta": {
    "AccelFactPE": 2,
    "AcquisitionNumber": 1,
    "AcquisitionTime": "21:20:39.902500",
    "BodyPartExamined": "BRAIN",
    "ConversionSoftware": "dcm2niix",
    "ConversionSoftwareVersion": "v1.0.20170724 GCC4.4.7",
    "DeviceSerialNumber": "66018",
    "EchoTime": 0.0033,
    "FlipAngle": 7,
    "ImageType": [
      "ORIGINAL",
      "PRIMARY",
      "M",
      "ND",
      "NORM"
    ],
    "InstitutionAddress": "Stadium_1952_Princeton_NJ_US_08544",
    "InstitutionName": "Princeton_University",
    "InversionTime": 1.1,
    "MagneticFieldStrength": 3,
    "Manufacturer": "Siemens",
    "ManufacturersModelName": "Prisma",
    "PhaseEncodingDirection": "i-",
    "PhaseEncodingLines": 256,
    "ProcedureStepDescription": "Hasson_Baldassano_040518_SchemaScrambled",
    "ProtocolName": "anat-T1w",
    "RepetitionTime": 2.53,
    "ScanningSequence": "GR_IR",
    "SequenceName": "_tfl3d1_16ns",
    "SequenceVariant": "SK_SP_MP",
    "SeriesDescription": "anat-T1w",
    "SoftwareVersions": "syngo_MR_E11",
    "dataset": "ds001511",
    "modality": "T1w",
    "subject_id": "sid000013"
  },
  "cjv": 0.280712062588582,
  "cnr": 4.542313947949752,
  "efc": 0.5364041436772432,
  "fber": 19861.92187235005,
  "fwhm_avg": 3.9021266666666663,
  "fwhm_x": 3.99272,
  "fwhm_y": 4.05593,
  "fwhm_z": 3.65773,
  "icvs_csf": 0.1930775380849333,
  "icvs_gm": 0.46529497389550806,
  "icvs_wm": 0.34162748801955867,
  "inu_med": 0.5845503807067871,
  "inu_range": 0.2962411314249039,
  "provenance": {
    "md5sum": "88a685f009f2469dc1da1a8b884a58cc",
    "settings": {
      "testing": false
    },
    "software": "mriqc",
    "version": "23.0.1",
    "warnings": {
      "large_rot_frame": true,
      "small_air_mask": false
    },
    "webapi_port": null,
    "webapi_url": "https://mriqc.nimh.nih.gov/api/v1"
  },
  "qi_1": 0.00032789140683571526,
  "qi_2": 0.0007708638658200992,
  "rpve_csf": 24.778640801905674,
  "rpve_gm": 11.382568523744593,
  "rpve_wm": 17.401784399037183,
  "size_x": 176,
  "size_y": 256,
  "size_z": 256,
  "snr_csf": 1.5286137059895888,
  "snr_gm": 9.37851662651008,
  "snr_total": 11.460725587195512,
  "snr_wm": 23.47504642908687,
  "snrd_csf": 10.921950258926778,
  "snrd_gm": 41.67762614142611,
  "snrd_total": 39.439775524351994,
  "snrd_wm": 65.71975017270307,
  "spacing_x": 1.0,
  "spacing_y": 1.0,
  "spacing_z": 1.0,
  "summary_bg_k": 128.8513272495817,
  "summary_bg_mad": 0.0,
  "summary_bg_mean": 4.188996364483389,
  "summary_bg_median": 0.0,
  "summary_bg_n": 2644528.0,
  "summary_bg_p05": 0.0,
  "summary_bg_p95": 15.95132451504469,
  "summary_bg_stdv": 9.968638466119055,
  "summary_csf_k": 1.3087254066917877,
  "summary_csf_mad": 95.13425616829858,
  "summary_csf_mean": 186.52095143018536,
  "summary_csf_median": 166.18977891653776,
  "summary_csf_n": 31789.0,
  "summary_csf_p05": 44.82815528661013,
  "summary_csf_p95": 403.70335647910827,
  "summary_csf_stdv": 108.71756827364013,
  "summary_gm_k": 0.3433851767624465,
  "summary_gm_mad": 63.000235248304335,
  "summary_gm_mean": 637.2144291267618,
  "summary_gm_median": 634.1720397919416,
  "summary_gm_n": 65044.0,
  "summary_gm_p05": 529.5889072988182,
  "summary_gm_p95": 753.7576396614313,
  "summary_gm_stdv": 67.61913318297262,
  "summary_wm_k": 0.6970000738614965,
  "summary_wm_mad": 39.69209867811124,
  "summary_wm_mean": 998.8387929060851,
  "summary_wm_median": 1000.0000451132655,
  "summary_wm_n": 213891.0,
  "summary_wm_p05": 926.9528456330299,
  "summary_wm_p95": 1065.7458135783672,
  "summary_wm_stdv": 42.598327142480585,
  "tpm_overlap_csf": 0.14670178835723022,
  "tpm_overlap_gm": 0.4703169112948738,
  "tpm_overlap_wm": 0.5048977680412342,
  "wm2max": 0.6263282502828517
}