{
  "aor": 0.0007659481037924151,
  "aqi": 0.012360510419161676,
  "bids_meta": {
    "AccelFactPE": 4,
    "AcquisitionNumber": 1,
    "AcquisitionTime": "17:03:15.072500",
    "BandwidthPerPixelPhaseEncode": 13.355,
    "BodyPartExamined": "BRAIN",
    "ConversionSoftware": "dcm2niix",
    "ConversionSoftwareVersion": "v1.0.20170724 GCC4.4.7",
    "DeviceSerialNumber": "66018",
    "EchoTime": 0.039,
    "EchoTrainLength": 72,
    "EffectiveEchoSpacing": 0.000779983,
    "FlipAngle": 50,
    "ImageType": [
      "ORIGINAL",
      "PRIMARY",
      "M",
      "ND",
      "MOSAIC"
    ],
    "InstitutionAddress": "Stadium_1952_Princeton_NJ_US_08544",
    "InstitutionName": "Princeton_University",
    "MagneticFieldStrength": 3,
    "Manufacturer": "Siemens",
    "ManufacturersModelName": "Prisma",
    "PhaseEncodingDirection": "j-",
    "PhaseEncodingLines": 96,
    "ProcedureStepDescription": "Hasson_Baldassano_040518_SchemaScrambled",
    "ProtocolName": "func_task-scrambled_run-01",
    "RepetitionTime": 1.5,
    "ScanningSequence": "EP",
    "SequenceName": "_epfid2d1_96",
    "SequenceVariant": "SK",
    "SeriesDescription": "func_task-scrambled_run-01",
    "SliceTiming": [
      0.69,
      0,
      0.79,
      0.0975,
      0.8875,
      0.1975,
      0.9875,
      0.295,
      1.085,
      0.395,
      1.1825,
      0.4925,
      1.2825,
      0.5925,
      1.38,
      0.69,
      0,
      0.79,
      0.0975,
      0.8875,
      0.1975,
      0.9875,
      0.295,
      1.085,
      0.395,
      1.1825,
      0.4925,
      1.2825,
      0.5925,
      1.38,
      0.69,
      0,
      0.79,
      0.0975,
      0.8875,
      0.1975,
      0.9875,
      0.295,
      1.085,
      0.395,
      1.1825,
      0.4925,
      1.2825,
      0.5925,
      1.38,
      0.69,
      0,
      0.79,
      0.0975,
      0.8875,
      0.1975,
      0.9875,
      0.295,
      1.085,
      0.395,
      1.1825,
      0.4925,
      1.2825,
      0.5925,
      1.38
    ],
    "SoftwareVersions": "syngo_MR_E11",
    "TotalReadoutTime": 0.0530388,
    "TrueEchoSpacing": 0.00311993,
    "dataset": "ds001511",
    "modality": "bold",
    "run_id": 1,
    "subject_id": "sid000011",
    "task_id": "scrambled"
  },
  "dummy_trs": 0,
  "dvars_nstd": 52.914791366499976,
  "dvars_std": 1.1300026138800006,
  "dvars_vstd": 0.9602985509600003,
  "efc": 0.6335541961374987,
  "fber": 165.6382293701172,
  "fd_mean": 0.37362412277716756,
  "fd_num": 423,
  "fd_perc": 84.4311377245509,
  "fwhm_avg": 3.12375,
  "fwhm_x": 2.81648,
  "fwhm_y": 3.36888,
  "fwhm_z": 3.18589,
  "gcor": 0.0158603,
  "gsr_x": 0.007155481725931168,
  "gsr_y": 0.07260709255933762,
  "provenance": {
    "md5sum": "d4cdc9d6b884ec79c5c50e091f6d66f1",
    "settings": {
      "fd_thres": 0.2,
      "testing": false
    },
    "software": "mriqc",
    "version": "23.0.1",
    "webapi_port": null,
    "webapi_url": "https://mriqc.nimh.nih.gov/api/v1"
  },
  "size_t": 501,
  "size_x": 96,
  "size_y": 96,
  "size_z": 60,
  "snr": 1.8634979661075446,
  "spacing_tr": 1.5,
  "spacing_x": 2.0,
  "spacing_y": 2.0,
  "spacing_z": 2.0,
  "summary_bg_k": 30.574958537497565,
  "summary_bg_mad": 19.294542763551327,
  "summary_bg_mean": 65.56884002685547,
  "summary_bg_median": 38.70458984375,
  "summary_bg_n": 265950.0,
  "summary_bg_p05": 22.3013973236084,
  "summary_bg_p95": 192.85978240966784,
  "summary_bg_stdv": 74.8779296875,
  "summary_fg_k": 4.328675066103179,
  "summary_fg_mad": 231.57886499442412,
  "summary_fg_mean": 580.9304809570312,
  "summary_fg_median": 523.5548706054688,
  "summary_fg_n": 187283.0,
  "summary_fg_p05": 255.19660034179688,
  "summary_fg_p95": 1105.621203613281,
  "summary_fg_stdv": 280.9519958496094,
  "tsnr": 26.231739574461244
}