{
  "aor": 0.0016401968503937008,
  "aqi": 0.01592822681102362,
  "bids_meta": {
    "AccelFactPE": 4,
    "AcquisitionNumber": 1,
    "AcquisitionTime": "17:16:16.390000",
    "BandwidthPerPixelPhaseEncode": 13.355,
    "BodyPartExamined": "BRAIN",
    "ConversionSoftware": "dcm2niix",
    "ConversionSoftwareVersion": "v1.0.20170724 GCC4.4.7",
    "DeviceSerialNumber": "66018",
    "EchoTime": 0.039,
    "EchoTrainLength": 72,
    "EffectiveEchoSpacing": 0.000779983,
    "FlipAngle": 50,
    "ImageType": [
      "ORIGINAL",
      "PRIMARY",
      "M",
      "ND",
      "MOSAIC"
    ],
    "InstitutionAddress": "Stadium_1952_Princeton_NJ_US_08544",
    "InstitutionName": "Princeton_University",
    "MagneticFieldStrength": 3,
    "Manufacturer": "Siemens",
    "ManufacturersModelName": "Prisma",
    "PhaseEncodingDirection": "j-",
    "PhaseEncodingLines": 96,
    "ProcedureStepDescription": "Hasson_Baldassano_040518_SchemaScrambled",
    "ProtocolName": "func_task-scrambled_run-02",
    "RepetitionTime": 1.5,
    "ScanningSequence": "EP",
    "SequenceName": "_epfid2d1_96",
    "SequenceVariant": "SK",
    "SeriesDescription": "func_task-scrambled_run-02",
    "SliceTiming": [
      0.69,
      0,
      0.79,
      0.0975,
      0.8875,
      0.1975,
      0.9875,
      0.295,
      1.085,
      0.395,
      1.185,
      0.4925,
      1.2825,
      0.5925,
      1.38,
      0.69,
      0,
      0.79,
      0.0975,
      0.8875,
      0.1975,
      0.9875,
      0.295,
      1.085,
      0.395,
      1.185,
      0.4925,
      1.2825,
      0.5925,
      1.38,
      0.69,
      0,
      0.79,
      0.0975,
      0.8875,
      0.1975,
      0.9875,
      0.295,
      1.085,
      0.395,
      1.185,
      0.4925,
      1.2825,
      0.5925,
      1.38,
      0.69,
      0,
      0.79,
      0.0975,
      0.8875,
      0.1975,
      0.9875,
      0.295,
      1.085,
      0.395,
      1.185,
      0.4925,
      1.2825,
      0.5925,
      1.38
    ],
    "SoftwareVersions": "syngo_MR_E11",
    "TotalReadoutTime": 0.0530388,
    "TrueEchoSpacing": 0.00311993,
    "dataset": "ds001511",
    "modality": "bold",
    "run_id": 2,
    "subject_id": "sid000011",
    "task_id": "scrambled"
  },
  "dummy_trs": 0,
  "dvars_nstd": 56.29915355552269,
  "dvars_std": 1.138007634161736,
  "dvars_vstd": 0.9854450956410252,
  "efc": 0.6342347134789408,
  "fber": 164.24095153808594,
  "fd_mean": 0.4263047286921968,
  "fd_num": 432,
  "fd_perc": 85.03937007874016,
  "fwhm_avg": 3.15541,
  "fwhm_x": 2.83823,
  "fwhm_y": 3.414305,
  "fwhm_z": 3.213695,
  "gcor": 0.0291395,
  "gsr_x": 0.009634300135076046,
  "gsr_y": 0.07343831658363342,
  "provenance": {
    "md5sum": "5b85cd2d17adbe75eabf7c94687192f1",
    "settings": {
      "fd_thres": 0.2,
      "testing": false
    },
    "software": "mriqc",
    "version": "23.0.1",
    "webapi_port": null,
    "webapi_url": "https://mriqc.nimh.nih.gov/api/v1"
  },
  "size_t": 508,
  "size_x": 96,
  "size_y": 96,
  "size_z": 60,
  "snr": 1.8718222986704738,
  "spacing_tr": 1.5,
  "spacing_x": 2.0,
  "spacing_y": 2.0,
  "spacing_z": 2.0,
  "summary_bg_k": 30.05039966932968,
  "summary_bg_mad": 18.450806002971113,
  "summary_bg_mean": 66.80101013183594,
  "summary_bg_median": 38.781494140625,
  "summary_bg_n": 267490.0,
  "summary_bg_p05": 23.27952766418457,
  "summary_bg_p95": 197.65482864379877,
  "summary_bg_stdv": 76.70378875732422,
  "summary_fg_k": 4.2769062244139695,
  "summary_fg_mad": 229.37722241774924,
  "summary_fg_mean": 578.2808227539062,
  "summary_fg_median": 521.3602294921875,
  "summary_fg_n": 186793.0,
  "summary_fg_p05": 255.5090545654297,
  "summary_fg_p95": 1101.503125,
  "summary_fg_stdv": 278.53009033203125,
  "tsnr": 23.491254436783493
}