{
  "aor": 0.0021874725274725272,
  "aqi": 0.014583435956043955,
  "bids_meta": {
    "AccelFactPE": 4,
    "AcquisitionNumber": 1,
    "AcquisitionTime": "17:55:38.392500",
    "BandwidthPerPixelPhaseEncode": 13.355,
    "BodyPartExamined": "BRAIN",
    "ConversionSoftware": "dcm2niix",
    "ConversionSoftwareVersion": "v1.0.20170724 GCC4.4.7",
    "DeviceSerialNumber": "66018",
    "EchoTime": 0.039,
    "EchoTrainLength": 72,
    "EffectiveEchoSpacing": 0.000779983,
    "FlipAngle": 50,
    "ImageType": [
      "ORIGINAL",
      "PRIMARY",
      "M",
      "ND",
      "MOSAIC"
    ],
    "InstitutionAddress": "Stadium_1952_Princeton_NJ_US_08544",
    "InstitutionName": "Princeton_University",
    "MagneticFieldStrength": 3,
    "Manufacturer": "Siemens",
    "ManufacturersModelName": "Prisma",
    "PhaseEncodingDirection": "j-",
    "PhaseEncodingLines": 96,
    "ProcedureStepDescription": "Hasson_Baldassano_040518_SchemaScrambled",
    "ProtocolName": "func_task-CMIYC",
    "RepetitionTime": 1.5,
    "ScanningSequence": "EP",
    "SequenceName": "_epfid2d1_96",
    "SequenceVariant": "SK",
    "SeriesDescription": "func_task-CMIYC",
    "SliceTiming": [
      0.69,
      0,
      0.79,
      0.1,
      0.8875,
      0.1975,
      0.9875,
      0.295,
      1.085,
      0.395,
      1.185,
      0.4925,
      1.2825,
      0.5925,
      1.3825,
      0.69,
      0,
      0.79,
      0.1,
      0.8875,
      0.1975,
      0.9875,
      0.295,
      1.085,
      0.395,
      1.185,
      0.4925,
      1.2825,
      0.5925,
      1.3825,
      0.69,
      0,
      0.79,
      0.1,
      0.8875,
      0.1975,
      0.9875,
      0.295,
      1.085,
      0.395,
      1.185,
      0.4925,
      1.2825,
      0.5925,
      1.3825,
      0.69,
      0,
      0.79,
      0.1,
      0.8875,
      0.1975,
      0.9875,
      0.295,
      1.085,
      0.395,
      1.185,
      0.4925,
      1.2825,
      0.5925,
      1.3825
    ],
    "SoftwareVersions": "syngo_MR_E11",
    "TotalReadoutTime": 0.0530388,
    "TrueEchoSpacing": 0.00311993,
    "dataset": "ds001511",
    "modality": "bold",
    "subject_id": "sid000011",
    "task_id": "CMIYC"
  },
  "dummy_trs": 0,
  "dvars_nstd": 57.39955040013217,
  "dvars_std": 1.1390511531277532,
  "dvars_vstd": 0.988932462555066,
  "efc": 0.6335880630980113,
  "fber": 170.5300750732422,
  "fd_mean": 0.43801157987491923,
  "fd_num": 373,
  "fd_perc": 81.97802197802197,
  "fwhm_avg": 3.104786666666667,
  "fwhm_x": 2.77452,
  "fwhm_y": 3.3671,
  "fwhm_z": 3.17274,
  "gcor": 0.0203715,
  "gsr_x": 0.014596976339817047,
  "gsr_y": 0.07547963410615921,
  "provenance": {
    "md5sum": "78ead5a6e36032dda4ddf1cd06c8a3e6",
    "settings": {
      "fd_thres": 0.2,
      "testing": false
    },
    "software": "mriqc",
    "version": "23.0.1",
    "webapi_port": null,
    "webapi_url": "https://mriqc.nimh.nih.gov/api/v1"
  },
  "size_t": 455,
  "size_x": 96,
  "size_y": 96,
  "size_z": 60,
  "snr": 1.9254623263359196,
  "spacing_tr": 1.5,
  "spacing_x": 2.0,
  "spacing_y": 2.0,
  "spacing_z": 2.0,
  "summary_bg_k": 30.35366619425978,
  "summary_bg_mad": 18.374493931230788,
  "summary_bg_mean": 65.38862609863281,
  "summary_bg_median": 37.68132019042969,
  "summary_bg_n": 271825.0,
  "summary_bg_p05": 22.21538543701172,
  "summary_bg_p95": 196.95297851562495,
  "summary_bg_stdv": 75.9790267944336,
  "summary_fg_k": 3.388768802076968,
  "summary_fg_mad": 224.58817473647653,
  "summary_fg_mean": 570.0860595703125,
  "summary_fg_median": 516.1351928710938,
  "summary_fg_n": 183368.0,
  "summary_fg_p05": 254.02506408691406,
  "summary_fg_p95": 1075.634484863281,
  "summary_fg_stdv": 268.05706787109375,
  "tsnr": 24.794392879121006
}