{
  "aor": 0.0025433732534930137,
  "aqi": 0.01857999011976048,
  "bids_meta": {
    "AccelFactPE": 4,
    "AcquisitionNumber": 1,
    "AcquisitionTime": "18:26:31.672500",
    "BandwidthPerPixelPhaseEncode": 13.355,
    "BodyPartExamined": "BRAIN",
    "ConversionSoftware": "dcm2niix",
    "ConversionSoftwareVersion": "v1.0.20170724 GCC4.4.7",
    "DeviceSerialNumber": "66018",
    "EchoTime": 0.039,
    "EchoTrainLength": 72,
    "EffectiveEchoSpacing": 0.000779983,
    "FlipAngle": 50,
    "ImageType": [
      "ORIGINAL",
      "PRIMARY",
      "M",
      "ND",
      "MOSAIC"
    ],
    "InstitutionAddress": "Stadium_1952_Princeton_NJ_US_08544",
    "InstitutionName": "Princeton_University",
    "MagneticFieldStrength": 3,
    "Manufacturer": "Siemens",
    "ManufacturersModelName": "Prisma",
    "PhaseEncodingDirection": "j-",
    "PhaseEncodingLines": 96,
    "ProcedureStepDescription": "Hasson_Baldassano_040518_SchemaScrambled",
    "ProtocolName": "func_task-scrambled_run-01",
    "RepetitionTime": 1.5,
    "ScanningSequence": "EP",
    "SequenceName": "_epfid2d1_96",
    "SequenceVariant": "SK",
    "SeriesDescription": "func_task-scrambled_run-01",
    "SliceTiming": [
      0.69,
      0,
      0.79,
      0.0975,
      0.8875,
      0.1975,
      0.985,
      0.295,
      1.085,
      0.395,
      1.1825,
      0.4925,
      1.2825,
      0.5925,
      1.38,
      0.69,
      0,
      0.79,
      0.0975,
      0.8875,
      0.1975,
      0.985,
      0.295,
      1.085,
      0.395,
      1.1825,
      0.4925,
      1.2825,
      0.5925,
      1.38,
      0.69,
      0,
      0.79,
      0.0975,
      0.8875,
      0.1975,
      0.985,
      0.295,
      1.085,
      0.395,
      1.1825,
      0.4925,
      1.2825,
      0.5925,
      1.38,
      0.69,
      0,
      0.79,
      0.0975,
      0.8875,
      0.1975,
      0.985,
      0.295,
      1.085,
      0.395,
      1.1825,
      0.4925,
      1.2825,
      0.5925,
      1.38
    ],
    "SoftwareVersions": "syngo_MR_E11",
    "TotalReadoutTime": 0.0530388,
    "TrueEchoSpacing": 0.00311993,
    "dataset": "ds001511",
    "modality": "bold",
    "run_id": 1,
    "subject_id": "sid000007",
    "task_id": "scrambled"
  },
  "dummy_trs": 0,
  "dvars_nstd": 54.940786010779995,
  "dvars_std": 1.0230669165599997,
  "dvars_vstd": 0.9509578536599996,
  "efc": 0.619906406950556,
  "fber": 182.24661254882812,
  "fd_mean": 0.3458953331865851,
  "fd_num": 268,
  "fd_perc": 53.49301397205589,
  "fwhm_avg": 2.7175116666666668,
  "fwhm_x": 2.42887,
  "fwhm_y": 2.978245,
  "fwhm_z": 2.74542,
  "gcor": 0.0406783,
  "gsr_x": 0.007172267884016037,
  "gsr_y": 0.06127564609050751,
  "provenance": {
    "md5sum": "4c2685335a80290bed4b532b6341fe02",
    "settings": {
      "fd_thres": 0.2,
      "testing": false
    },
    "software": "mriqc",
    "version": "23.0.1",
    "webapi_port": null,
    "webapi_url": "https://mriqc.nimh.nih.gov/api/v1"
  },
  "size_t": 501,
  "size_x": 96,
  "size_y": 96,
  "size_z": 60,
  "snr": 2.277117200670084,
  "spacing_tr": 1.5,
  "spacing_x": 2.0,
  "spacing_y": 2.0,
  "spacing_z": 2.0,
  "summary_bg_k": 77.54904899174856,
  "summary_bg_mad": 11.026299743629778,
  "summary_bg_mean": 50.11598587036133,
  "summary_bg_median": 31.842315673828125,
  "summary_bg_n": 296820.0,
  "summary_bg_p05": 22.24151611328125,
  "summary_bg_p95": 134.20957946777344,
  "summary_bg_stdv": 57.27436828613281,
  "summary_fg_k": 6.405746072233894,
  "summary_fg_mad": 159.86060690909946,
  "summary_fg_mean": 467.08154296875,
  "summary_fg_median": 438.2674560546875,
  "summary_fg_n": 163783.0,
  "summary_fg_p05": 218.31236877441407,
  "summary_fg_p95": 799.8544677734374,
  "summary_fg_stdv": 192.46533203125,
  "tsnr": 22.466215811669827
}