{
  "aor": 0.0030675110132158596,
  "aqi": 0.01956986563876652,
  "bids_meta": {
    "AccelFactPE": 4,
    "AcquisitionNumber": 1,
    "AcquisitionTime": "19:18:47.755000",
    "BandwidthPerPixelPhaseEncode": 13.355,
    "BodyPartExamined": "BRAIN",
    "ConversionSoftware": "dcm2niix",
    "ConversionSoftwareVersion": "v1.0.20170724 GCC4.4.7",
    "DeviceSerialNumber": "66018",
    "EchoTime": 0.039,
    "EchoTrainLength": 72,
    "EffectiveEchoSpacing": 0.000779983,
    "FlipAngle": 50,
    "ImageType": [
      "ORIGINAL",
      "PRIMARY",
      "M",
      "ND",
      "MOSAIC"
    ],
    "InstitutionAddress": "Stadium_1952_Princeton_NJ_US_08544",
    "InstitutionName": "Princeton_University",
    "MagneticFieldStrength": 3,
    "Manufacturer": "Siemens",
    "ManufacturersModelName": "Prisma",
    "PhaseEncodingDirection": "j-",
    "PhaseEncodingLines": 96,
    "ProcedureStepDescription": "Hasson_Baldassano_040518_SchemaScrambled",
    "ProtocolName": "func_task-CMIYC",
    "RepetitionTime": 1.5,
    "ScanningSequence": "EP",
    "SequenceName": "_epfid2d1_96",
    "SequenceVariant": "SK",
    "SeriesDescription": "func_task-CMIYC",
    "SliceTiming": [
      0.6925,
      0,
      0.79,
      0.1,
      0.89,
      0.1975,
      0.9875,
      0.2975,
      1.085,
      0.395,
      1.185,
      0.495,
      1.2825,
      0.5925,
      1.3825,
      0.6925,
      0,
      0.79,
      0.1,
      0.89,
      0.1975,
      0.9875,
      0.2975,
      1.085,
      0.395,
      1.185,
      0.495,
      1.2825,
      0.5925,
      1.3825,
      0.6925,
      0,
      0.79,
      0.1,
      0.89,
      0.1975,
      0.9875,
      0.2975,
      1.085,
      0.395,
      1.185,
      0.495,
      1.2825,
      0.5925,
      1.3825,
      0.6925,
      0,
      0.79,
      0.1,
      0.89,
      0.1975,
      0.9875,
      0.2975,
      1.085,
      0.395,
      1.185,
      0.495,
      1.2825,
      0.5925,
      1.3825
    ],
    "SoftwareVersions": "syngo_MR_E11",
    "TotalReadoutTime": 0.0530388,
    "TrueEchoSpacing": 0.00311993,
    "dataset": "ds001511",
    "modality": "bold",
    "subject_id": "sid000007",
    "task_id": "CMIYC"
  },
  "dummy_trs": 0,
  "dvars_nstd": 50.46175173156731,
  "dvars_std": 0.9762585994701987,
  "dvars_vstd": 0.9473008873068444,
  "efc": 0.6237703192635741,
  "fber": 171.25521850585938,
  "fd_mean": 0.3002116264342371,
  "fd_num": 192,
  "fd_perc": 42.290748898678416,
  "fwhm_avg": 2.7408733333333335,
  "fwhm_x": 2.422355,
  "fwhm_y": 2.99514,
  "fwhm_z": 2.805125,
  "gcor": 0.0237154,
  "gsr_x": 0.005851998925209045,
  "gsr_y": 0.0696261003613472,
  "provenance": {
    "md5sum": "fdba47c5c797f01b6fd148b97e1a4a66",
    "settings": {
      "fd_thres": 0.2,
      "testing": false
    },
    "software": "mriqc",
    "version": "23.0.1",
    "webapi_port": null,
    "webapi_url": "https://mriqc.nimh.nih.gov/api/v1"
  },
  "size_t": 454,
  "size_x": 96,
  "size_y": 96,
  "size_z": 60,
  "snr": 2.3032186595395823,
  "spacing_tr": 1.5,
  "spacing_x": 2.0,
  "spacing_y": 2.0,
  "spacing_z": 2.0,
  "summary_bg_k": 93.12586788031123,
  "summary_bg_mad": 11.87714286440726,
  "summary_bg_mean": 51.447532653808594,
  "summary_bg_median": 32.07929229736328,
  "summary_bg_n": 299980.0,
  "summary_bg_p05": 21.682819366455078,
  "summary_bg_p95": 140.7666206359863,
  "summary_bg_stdv": 63.60670471191406,
  "summary_fg_k": 5.493326302464759,
  "summary_fg_mad": 157.854650812986,
  "summary_fg_mean": 458.813232421875,
  "summary_fg_median": 431.1497497558594,
  "summary_fg_n": 163737.0,
  "summary_fg_p05": 214.87135620117186,
  "summary_fg_p95": 786.5215454101559,
  "summary_fg_stdv": 187.19387817382812,
  "tsnr": 21.76437997125322
}