{
  "aor": 0.005549247524752476,
  "aqi": 0.0237666401980198,
  "bids_meta": {
    "AccelFactPE": 4,
    "AcquisitionNumber": 1,
    "AcquisitionTime": "18:52:24.987500",
    "BandwidthPerPixelPhaseEncode": 13.355,
    "BodyPartExamined": "BRAIN",
    "ConversionSoftware": "dcm2niix",
    "ConversionSoftwareVersion": "v1.0.20170724 GCC4.4.7",
    "DeviceSerialNumber": "66018",
    "EchoTime": 0.039,
    "EchoTrainLength": 72,
    "EffectiveEchoSpacing": 0.000779983,
    "FlipAngle": 50,
    "ImageType": [
      "ORIGINAL",
      "PRIMARY",
      "M",
      "ND",
      "MOSAIC"
    ],
    "InstitutionAddress": "Stadium_1952_Princeton_NJ_US_08544",
    "InstitutionName": "Princeton_University",
    "MagneticFieldStrength": 3,
    "Manufacturer": "Siemens",
    "ManufacturersModelName": "Prisma",
    "PhaseEncodingDirection": "j-",
    "PhaseEncodingLines": 96,
    "ProcedureStepDescription": "Hasson_Baldassano_040518_SchemaScrambled",
    "ProtocolName": "func_task-scrambled_run-03",
    "RepetitionTime": 1.5,
    "ScanningSequence": "EP",
    "SequenceName": "_epfid2d1_96",
    "SequenceVariant": "SK",
    "SeriesDescription": "func_task-scrambled_run-03",
    "SliceTiming": [
      0.6925,
      0,
      0.79,
      0.1,
      0.8875,
      0.1975,
      0.9875,
      0.2975,
      1.085,
      0.395,
      1.185,
      0.495,
      1.2825,
      0.5925,
      1.3825,
      0.6925,
      0,
      0.79,
      0.1,
      0.8875,
      0.1975,
      0.9875,
      0.2975,
      1.085,
      0.395,
      1.185,
      0.495,
      1.2825,
      0.5925,
      1.3825,
      0.6925,
      0,
      0.79,
      0.1,
      0.8875,
      0.1975,
      0.9875,
      0.2975,
      1.085,
      0.395,
      1.185,
      0.495,
      1.2825,
      0.5925,
      1.3825,
      0.6925,
      0,
      0.79,
      0.1,
      0.8875,
      0.1975,
      0.9875,
      0.2975,
      1.085,
      0.395,
      1.185,
      0.495,
      1.2825,
      0.5925,
      1.3825
    ],
    "SoftwareVersions": "syngo_MR_E11",
    "TotalReadoutTime": 0.0530388,
    "TrueEchoSpacing": 0.00311993,
    "dataset": "ds001511",
    "modality": "bold",
    "run_id": 3,
    "subject_id": "sid000007",
    "task_id": "scrambled"
  },
  "dummy_trs": 0,
  "dvars_nstd": 66.64580750083331,
  "dvars_std": 1.0366230152182536,
  "dvars_vstd": 0.9587380137499996,
  "efc": 0.62380676845568,
  "fber": 171.6356201171875,
  "fd_mean": 0.49556997088934773,
  "fd_num": 326,
  "fd_perc": 64.55445544554455,
  "fwhm_avg": 2.74788,
  "fwhm_x": 2.450405,
  "fwhm_y": 3.00915,
  "fwhm_z": 2.784085,
  "gcor": 0.0454753,
  "gsr_x": 0.0029687846545130014,
  "gsr_y": 0.0705101415514946,
  "provenance": {
    "md5sum": "b8d0a598900aa042758345f29808c3d0",
    "settings": {
      "fd_thres": 0.2,
      "testing": false
    },
    "software": "mriqc",
    "version": "23.0.1",
    "webapi_port": null,
    "webapi_url": "https://mriqc.nimh.nih.gov/api/v1"
  },
  "size_t": 505,
  "size_x": 96,
  "size_y": 96,
  "size_z": 60,
  "snr": 2.2988294886644782,
  "spacing_tr": 1.5,
  "spacing_x": 2.0,
  "spacing_y": 2.0,
  "spacing_z": 2.0,
  "summary_bg_k": 98.46864998970328,
  "summary_bg_mad": 11.758062550874866,
  "summary_bg_mean": 52.589454650878906,
  "summary_bg_median": 32.390098571777344,
  "summary_bg_n": 299481.0,
  "summary_bg_p05": 21.964357376098633,
  "summary_bg_p95": 144.47525024414062,
  "summary_bg_stdv": 67.49944305419922,
  "summary_fg_k": 5.998793452751293,
  "summary_fg_mad": 159.26377445474435,
  "summary_fg_mean": 463.9474182128906,
  "summary_fg_median": 436.48614501953125,
  "summary_fg_n": 163742.0,
  "summary_fg_p05": 215.88357467651366,
  "summary_fg_p95": 793.7582244873046,
  "summary_fg_stdv": 189.8726348876953,
  "tsnr": 19.75069706130307
}