{
  "aor": 0.006047751479289941,
  "aqi": 0.023828591005917162,
  "bids_meta": {
    "AccelFactPE": 4,
    "AcquisitionNumber": 1,
    "AcquisitionTime": "19:05:32.815000",
    "BandwidthPerPixelPhaseEncode": 13.355,
    "BodyPartExamined": "BRAIN",
    "ConversionSoftware": "dcm2niix",
    "ConversionSoftwareVersion": "v1.0.20170724 GCC4.4.7",
    "DeviceSerialNumber": "66018",
    "EchoTime": 0.039,
    "EchoTrainLength": 72,
    "EffectiveEchoSpacing": 0.000779983,
    "FlipAngle": 50,
    "ImageType": [
      "ORIGINAL",
      "PRIMARY",
      "M",
      "ND",
      "MOSAIC"
    ],
    "InstitutionAddress": "Stadium_1952_Princeton_NJ_US_08544",
    "InstitutionName": "Princeton_University",
    "MagneticFieldStrength": 3,
    "Manufacturer": "Siemens",
    "ManufacturersModelName": "Prisma",
    "PhaseEncodingDirection": "j-",
    "PhaseEncodingLines": 96,
    "ProcedureStepDescription": "Hasson_Baldassano_040518_SchemaScrambled",
    "ProtocolName": "func_task-scrambled_run-04",
    "RepetitionTime": 1.5,
    "ScanningSequence": "EP",
    "SequenceName": "_epfid2d1_96",
    "SequenceVariant": "SK",
    "SeriesDescription": "func_task-scrambled_run-04",
    "SliceTiming": [
      0.6925,
      0,
      0.79,
      0.1,
      0.8875,
      0.1975,
      0.9875,
      0.2975,
      1.085,
      0.395,
      1.185,
      0.495,
      1.2825,
      0.5925,
      1.3825,
      0.6925,
      0,
      0.79,
      0.1,
      0.8875,
      0.1975,
      0.9875,
      0.2975,
      1.085,
      0.395,
      1.185,
      0.495,
      1.2825,
      0.5925,
      1.3825,
      0.6925,
      0,
      0.79,
      0.1,
      0.8875,
      0.1975,
      0.9875,
      0.2975,
      1.085,
      0.395,
      1.185,
      0.495,
      1.2825,
      0.5925,
      1.3825,
      0.6925,
      0,
      0.79,
      0.1,
      0.8875,
      0.1975,
      0.9875,
      0.2975,
      1.085,
      0.395,
      1.185,
      0.495,
      1.2825,
      0.5925,
      1.3825
    ],
    "SoftwareVersions": "syngo_MR_E11",
    "TotalReadoutTime": 0.0530388,
    "TrueEchoSpacing": 0.00311993,
    "dataset": "ds001511",
    "modality": "bold",
    "run_id": 4,
    "subject_id": "sid000007",
    "task_id": "scrambled"
  },
  "dummy_trs": 0,
  "dvars_nstd": 62.83276012084978,
  "dvars_std": 1.0499920847430833,
  "dvars_vstd": 0.9785009440316215,
  "efc": 0.6239430804888279,
  "fber": 171.89378356933594,
  "fd_mean": 0.46668925502087927,
  "fd_num": 298,
  "fd_perc": 58.777120315581854,
  "fwhm_avg": 2.7511883333333333,
  "fwhm_x": 2.430565,
  "fwhm_y": 3.01123,
  "fwhm_z": 2.81177,
  "gcor": 0.0454896,
  "gsr_x": 0.004749506711959839,
  "gsr_y": 0.07221700251102448,
  "provenance": {
    "md5sum": "5da62256070254b61d90db2c27c210d5",
    "settings": {
      "fd_thres": 0.2,
      "testing": false
    },
    "software": "mriqc",
    "version": "23.0.1",
    "webapi_port": null,
    "webapi_url": "https://mriqc.nimh.nih.gov/api/v1"
  },
  "size_t": 507,
  "size_x": 96,
  "size_y": 96,
  "size_z": 60,
  "snr": 2.309091578906728,
  "spacing_tr": 1.5,
  "spacing_x": 2.0,
  "spacing_y": 2.0,
  "spacing_z": 2.0,
  "summary_bg_k": 99.37641986339732,
  "summary_bg_mad": 11.088814787354798,
  "summary_bg_mean": 51.92403793334961,
  "summary_bg_median": 32.059173583984375,
  "summary_bg_n": 300108.0,
  "summary_bg_p05": 22.35897445678711,
  "summary_bg_p95": 140.94398574829074,
  "summary_bg_stdv": 65.83771514892578,
  "summary_fg_k": 5.787560942369719,
  "summary_fg_mad": 157.34885216184236,
  "summary_fg_mean": 459.20025634765625,
  "summary_fg_median": 431.573974609375,
  "summary_fg_n": 163515.0,
  "summary_fg_p05": 215.6449737548828,
  "summary_fg_p95": 784.7364868164059,
  "summary_fg_stdv": 186.9014892578125,
  "tsnr": 20.03353782260092
}