{
  "aor": 0.0004317835671342685,
  "aqi": 0.00632037615230461,
  "bids_meta": {
    "AccelFactPE": 4,
    "AcquisitionNumber": 1,
    "AcquisitionTime": "21:18:33.242500",
    "BandwidthPerPixelPhaseEncode": 13.355,
    "BodyPartExamined": "BRAIN",
    "ConversionSoftware": "dcm2niix",
    "ConversionSoftwareVersion": "v1.0.20170724 GCC4.4.7",
    "DeviceSerialNumber": "66018",
    "EchoTime": 0.039,
    "EchoTrainLength": 72,
    "EffectiveEchoSpacing": 0.000779983,
    "FlipAngle": 50,
    "ImageType": [
      "ORIGINAL",
      "PRIMARY",
      "M",
      "ND",
      "MOSAIC"
    ],
    "InstitutionAddress": "Stadium_1952_Princeton_NJ_US_08544",
    "InstitutionName": "Princeton_University",
    "MagneticFieldStrength": 3,
    "Manufacturer": "Siemens",
    "ManufacturersModelName": "Prisma",
    "PhaseEncodingDirection": "j-",
    "PhaseEncodingLines": 96,
    "ProcedureStepDescription": "Hasson_Baldassano_040518_SchemaScrambled",
    "ProtocolName": "func_task-scrambled_run-01",
    "RepetitionTime": 1.5,
    "ScanningSequence": "EP",
    "SequenceName": "_epfid2d1_96",
    "SequenceVariant": "SK",
    "SeriesDescription": "func_task-scrambled_run-01",
    "SliceTiming": [
      0.6925,
      0,
      0.79,
      0.1,
      0.8875,
      0.1975,
      0.9875,
      0.2975,
      1.085,
      0.395,
      1.185,
      0.495,
      1.2825,
      0.5925,
      1.3825,
      0.6925,
      0,
      0.79,
      0.1,
      0.8875,
      0.1975,
      0.9875,
      0.2975,
      1.085,
      0.395,
      1.185,
      0.495,
      1.2825,
      0.5925,
      1.3825,
      0.6925,
      0,
      0.79,
      0.1,
      0.8875,
      0.1975,
      0.9875,
      0.2975,
      1.085,
      0.395,
      1.185,
      0.495,
      1.2825,
      0.5925,
      1.3825,
      0.6925,
      0,
      0.79,
      0.1,
      0.8875,
      0.1975,
      0.9875,
      0.2975,
      1.085,
      0.395,
      1.185,
      0.495,
      1.2825,
      0.5925,
      1.3825
    ],
    "SoftwareVersions": "syngo_MR_E11",
    "TotalReadoutTime": 0.0530388,
    "TrueEchoSpacing": 0.00311993,
    "dataset": "ds001511",
    "modality": "bold",
    "run_id": 1,
    "subject_id": "sid000001",
    "task_id": "scrambled"
  },
  "dummy_trs": 1,
  "dvars_nstd": 37.35514508267068,
  "dvars_std": 1.0413704615261041,
  "dvars_vstd": 0.9551646883132543,
  "efc": 0.5441793370032866,
  "fber": 295.7386169433594,
  "fd_mean": 0.12149365614352967,
  "fd_num": 34,
  "fd_perc": 6.813627254509018,
  "fwhm_avg": 3.1001083333333335,
  "fwhm_x": 2.944535,
  "fwhm_y": 3.296575,
  "fwhm_z": 3.059215,
  "gcor": 0.00714799,
  "gsr_x": 0.00941577460616827,
  "gsr_y": 0.03299162536859512,
  "provenance": {
    "md5sum": "83df09ae64cdcd643fb7906e9aae982a",
    "settings": {
      "fd_thres": 0.2,
      "testing": false
    },
    "software": "mriqc",
    "version": "23.0.1",
    "webapi_port": null,
    "webapi_url": "https://mriqc.nimh.nih.gov/api/v1"
  },
  "size_t": 499,
  "size_x": 96,
  "size_y": 96,
  "size_z": 60,
  "snr": 1.8396506370105292,
  "spacing_tr": 1.5,
  "spacing_x": 2.0,
  "spacing_y": 2.0,
  "spacing_z": 2.0,
  "summary_bg_k": 43.70323036740269,
  "summary_bg_mad": 8.283555769809414,
  "summary_bg_mean": 43.78963088989258,
  "summary_bg_median": 28.396793365478516,
  "summary_bg_n": 335576.0,
  "summary_bg_p05": 21.232465744018555,
  "summary_bg_p95": 119.53757667541504,
  "summary_bg_stdv": 46.81564712524414,
  "summary_fg_k": 5.382082436956374,
  "summary_fg_mad": 203.93653209103516,
  "summary_fg_mean": 557.2200317382812,
  "summary_fg_median": 500.6793518066406,
  "summary_fg_n": 133133.0,
  "summary_fg_p05": 264.48456420898435,
  "summary_fg_p95": 1088.2953857421876,
  "summary_fg_stdv": 272.15899658203125,
  "tsnr": 34.51879685209133
}