{
  "aor": 0.00036334,
  "aqi": 0.005202264999999999,
  "bids_meta": {
    "AccelFactPE": 4,
    "AcquisitionNumber": 1,
    "AcquisitionTime": "21:44:28.440000",
    "BandwidthPerPixelPhaseEncode": 13.355,
    "BodyPartExamined": "BRAIN",
    "ConversionSoftware": "dcm2niix",
    "ConversionSoftwareVersion": "v1.0.20170724 GCC4.4.7",
    "DeviceSerialNumber": "66018",
    "EchoTime": 0.039,
    "EchoTrainLength": 72,
    "EffectiveEchoSpacing": 0.000779983,
    "FlipAngle": 50,
    "ImageType": [
      "ORIGINAL",
      "PRIMARY",
      "M",
      "ND",
      "MOSAIC"
    ],
    "InstitutionAddress": "Stadium_1952_Princeton_NJ_US_08544",
    "InstitutionName": "Princeton_University",
    "MagneticFieldStrength": 3,
    "Manufacturer": "Siemens",
    "ManufacturersModelName": "Prisma",
    "PhaseEncodingDirection": "j-",
    "PhaseEncodingLines": 96,
    "ProcedureStepDescription": "Hasson_Baldassano_040518_SchemaScrambled",
    "ProtocolName": "func_task-scrambled_run-03",
    "RepetitionTime": 1.5,
    "ScanningSequence": "EP",
    "SequenceName": "_epfid2d1_96",
    "SequenceVariant": "SK",
    "SeriesDescription": "func_task-scrambled_run-03",
    "SliceTiming": [
      0.69,
      0,
      0.79,
      0.0975,
      0.8875,
      0.1975,
      0.9875,
      0.295,
      1.085,
      0.395,
      1.185,
      0.4925,
      1.2825,
      0.5925,
      1.38,
      0.69,
      0,
      0.79,
      0.0975,
      0.8875,
      0.1975,
      0.9875,
      0.295,
      1.085,
      0.395,
      1.185,
      0.4925,
      1.2825,
      0.5925,
      1.38,
      0.69,
      0,
      0.79,
      0.0975,
      0.8875,
      0.1975,
      0.9875,
      0.295,
      1.085,
      0.395,
      1.185,
      0.4925,
      1.2825,
      0.5925,
      1.38,
      0.69,
      0,
      0.79,
      0.0975,
      0.8875,
      0.1975,
      0.9875,
      0.295,
      1.085,
      0.395,
      1.185,
      0.4925,
      1.2825,
      0.5925,
      1.38
    ],
    "SoftwareVersions": "syngo_MR_E11",
    "TotalReadoutTime": 0.0530388,
    "TrueEchoSpacing": 0.00311993,
    "dataset": "ds001511",
    "modality": "bold",
    "run_id": 3,
    "subject_id": "sid000001",
    "task_id": "scrambled"
  },
  "dummy_trs": 4,
  "dvars_nstd": 37.204317226773554,
  "dvars_std": 1.0664090269138287,
  "dvars_vstd": 0.9699394692985962,
  "efc": 0.5447298489156644,
  "fber": 282.1505432128906,
  "fd_mean": 0.11247767660382828,
  "fd_num": 11,
  "fd_perc": 2.2,
  "fwhm_avg": 3.137861666666667,
  "fwhm_x": 2.98673,
  "fwhm_y": 3.35347,
  "fwhm_z": 3.073385,
  "gcor": 0.00752155,
  "gsr_x": 0.0085132522508502,
  "gsr_y": 0.0323881171643734,
  "provenance": {
    "md5sum": "bb2302bee105909525392429a7354ee5",
    "settings": {
      "fd_thres": 0.2,
      "testing": false
    },
    "software": "mriqc",
    "version": "23.0.1",
    "webapi_port": null,
    "webapi_url": "https://mriqc.nimh.nih.gov/api/v1"
  },
  "size_t": 500,
  "size_x": 96,
  "size_y": 96,
  "size_z": 60,
  "snr": 1.7796579436441249,
  "spacing_tr": 1.5,
  "spacing_x": 2.0,
  "spacing_y": 2.0,
  "spacing_z": 2.0,
  "summary_bg_k": 38.54472085442266,
  "summary_bg_mad": 8.978638673306493,
  "summary_bg_mean": 45.49560546875,
  "summary_bg_median": 29.196001052856445,
  "summary_bg_n": 334168.0,
  "summary_bg_p05": 21.4320011138916,
  "summary_bg_p95": 127.4320068359375,
  "summary_bg_stdv": 49.231040954589844,
  "summary_fg_k": 5.604870971085598,
  "summary_fg_mad": 208.59321426967608,
  "summary_fg_mean": 563.2123413085938,
  "summary_fg_median": 503.2540283203125,
  "summary_fg_n": 134676.0,
  "summary_fg_p05": 262.23951721191406,
  "summary_fg_p95": 1117.2850646972656,
  "summary_fg_stdv": 282.7802734375,
  "tsnr": 38.126088042743504
}