{
  "aor": 0.0013050303030303029,
  "aqi": 0.008028390303030304,
  "bids_meta": {
    "AccelFactPE": 4,
    "AcquisitionNumber": 1,
    "AcquisitionTime": "16:19:54.002500",
    "BandwidthPerPixelPhaseEncode": 13.355,
    "BodyPartExamined": "BRAIN",
    "ConversionSoftware": "dcm2niix",
    "ConversionSoftwareVersion": "v1.0.20170724 GCC4.4.7",
    "DeviceSerialNumber": "66018",
    "EchoTime": 0.039,
    "EchoTrainLength": 72,
    "EffectiveEchoSpacing": 0.000779983,
    "FlipAngle": 50,
    "ImageType": [
      "ORIGINAL",
      "PRIMARY",
      "M",
      "ND",
      "MOSAIC"
    ],
    "InstitutionAddress": "Stadium_1952_Princeton_NJ_US_08544",
    "InstitutionName": "Princeton_University",
    "MagneticFieldStrength": 3,
    "Manufacturer": "Siemens",
    "ManufacturersModelName": "Prisma",
    "PhaseEncodingDirection": "j-",
    "PhaseEncodingLines": 96,
    "ProcedureStepDescription": "Hasson_Baldassano_040518_SchemaScrambled",
    "ProtocolName": "func_task-scrambled_run-01",
    "RepetitionTime": 1.5,
    "ScanningSequence": "EP",
    "SequenceName": "_epfid2d1_96",
    "SequenceVariant": "SK",
    "SeriesDescription": "func_task-scrambled_run-01",
    "SliceTiming": [
      0.69,
      0,
      0.79,
      0.0975,
      0.8875,
      0.1975,
      0.9875,
      0.295,
      1.085,
      0.395,
      1.185,
      0.4925,
      1.2825,
      0.5925,
      1.38,
      0.69,
      0,
      0.79,
      0.0975,
      0.8875,
      0.1975,
      0.9875,
      0.295,
      1.085,
      0.395,
      1.185,
      0.4925,
      1.2825,
      0.5925,
      1.38,
      0.69,
      0,
      0.79,
      0.0975,
      0.8875,
      0.1975,
      0.9875,
      0.295,
      1.085,
      0.395,
      1.185,
      0.4925,
      1.2825,
      0.5925,
      1.38,
      0.69,
      0,
      0.79,
      0.0975,
      0.8875,
      0.1975,
      0.9875,
      0.295,
      1.085,
      0.395,
      1.185,
      0.4925,
      1.2825,
      0.5925,
      1.38
    ],
    "SoftwareVersions": "syngo_MR_E11",
    "TotalReadoutTime": 0.0530388,
    "TrueEchoSpacing": 0.00311993,
    "dataset": "ds001511",
    "modality": "bold",
    "run_id": 1,
    "subject_id": "sid000010",
    "task_id": "scrambled"
  },
  "dummy_trs": 1,
  "dvars_nstd": 38.05941604123482,
  "dvars_std": 1.1135719130566806,
  "dvars_vstd": 1.0044723581578943,
  "efc": 0.5627841666583235,
  "fber": 274.18377685546875,
  "fd_mean": 0.19479937405057599,
  "fd_num": 222,
  "fd_perc": 44.84848484848485,
  "fwhm_avg": 2.919055,
  "fwhm_x": 2.706805,
  "fwhm_y": 3.05632,
  "fwhm_z": 2.99404,
  "gcor": 0.0146654,
  "gsr_x": 0.001646193559281528,
  "gsr_y": 0.059606943279504776,
  "provenance": {
    "md5sum": "730f07d22eb2740ef750e1f68772049a",
    "settings": {
      "fd_thres": 0.2,
      "testing": false
    },
    "software": "mriqc",
    "version": "23.0.1",
    "webapi_port": null,
    "webapi_url": "https://mriqc.nimh.nih.gov/api/v1"
  },
  "size_t": 495,
  "size_x": 96,
  "size_y": 96,
  "size_z": 60,
  "snr": 1.8315990838446772,
  "spacing_tr": 1.5,
  "spacing_x": 2.0,
  "spacing_y": 2.0,
  "spacing_z": 2.0,
  "summary_bg_k": 85.4635215858982,
  "summary_bg_mad": 10.608842792670247,
  "summary_bg_mean": 49.120243072509766,
  "summary_bg_median": 30.2242431640625,
  "summary_bg_n": 318662.0,
  "summary_bg_p05": 20.31717300415039,
  "summary_bg_p95": 131.65818099975596,
  "summary_bg_stdv": 72.35154724121094,
  "summary_fg_k": 6.469522114687399,
  "summary_fg_mad": 206.9832687911612,
  "summary_fg_mean": 577.1714477539062,
  "summary_fg_median": 511.5616455078125,
  "summary_fg_n": 146568.0,
  "summary_fg_p05": 278.6673919677734,
  "summary_fg_p95": 1099.5857116699215,
  "summary_fg_stdv": 279.296875,
  "tsnr": 34.06618091231212
}