{
  "aor": 0.0016820971302428254,
  "aqi": 0.009669349514348786,
  "bids_meta": {
    "AccelFactPE": 4,
    "AcquisitionNumber": 1,
    "AcquisitionTime": "17:11:52.652500",
    "BandwidthPerPixelPhaseEncode": 13.355,
    "BodyPartExamined": "BRAIN",
    "ConversionSoftware": "dcm2niix",
    "ConversionSoftwareVersion": "v1.0.20170724 GCC4.4.7",
    "DeviceSerialNumber": "66018",
    "EchoTime": 0.039,
    "EchoTrainLength": 72,
    "EffectiveEchoSpacing": 0.000779983,
    "FlipAngle": 50,
    "ImageType": [
      "ORIGINAL",
      "PRIMARY",
      "M",
      "ND",
      "MOSAIC"
    ],
    "InstitutionAddress": "Stadium_1952_Princeton_NJ_US_08544",
    "InstitutionName": "Princeton_University",
    "MagneticFieldStrength": 3,
    "Manufacturer": "Siemens",
    "ManufacturersModelName": "Prisma",
    "PhaseEncodingDirection": "j-",
    "PhaseEncodingLines": 96,
    "ProcedureStepDescription": "Hasson_Baldassano_040518_SchemaScrambled",
    "ProtocolName": "func_task-CMIYC",
    "RepetitionTime": 1.5,
    "ScanningSequence": "EP",
    "SequenceName": "_epfid2d1_96",
    "SequenceVariant": "SK",
    "SeriesDescription": "func_task-CMIYC",
    "SliceTiming": [
      0.69,
      0,
      0.7875,
      0.0975,
      0.8875,
      0.1975,
      0.985,
      0.295,
      1.085,
      0.3925,
      1.1825,
      0.4925,
      1.2825,
      0.59,
      1.38,
      0.69,
      0,
      0.7875,
      0.0975,
      0.8875,
      0.1975,
      0.985,
      0.295,
      1.085,
      0.3925,
      1.1825,
      0.4925,
      1.2825,
      0.59,
      1.38,
      0.69,
      0,
      0.7875,
      0.0975,
      0.8875,
      0.1975,
      0.985,
      0.295,
      1.085,
      0.3925,
      1.1825,
      0.4925,
      1.2825,
      0.59,
      1.38,
      0.69,
      0,
      0.7875,
      0.0975,
      0.8875,
      0.1975,
      0.985,
      0.295,
      1.085,
      0.3925,
      1.1825,
      0.4925,
      1.2825,
      0.59,
      1.38
    ],
    "SoftwareVersions": "syngo_MR_E11",
    "TotalReadoutTime": 0.0530388,
    "TrueEchoSpacing": 0.00311993,
    "dataset": "ds001511",
    "modality": "bold",
    "subject_id": "sid000010",
    "task_id": "CMIYC"
  },
  "dummy_trs": 0,
  "dvars_nstd": 37.78034439329648,
  "dvars_std": 1.06296410573009,
  "dvars_vstd": 0.9775842485619467,
  "efc": 0.5640851147983628,
  "fber": 263.3710632324219,
  "fd_mean": 0.20856211179584896,
  "fd_num": 204,
  "fd_perc": 45.033112582781456,
  "fwhm_avg": 2.9624216666666663,
  "fwhm_x": 2.75211,
  "fwhm_y": 3.095585,
  "fwhm_z": 3.03957,
  "gcor": 0.0116585,
  "gsr_x": 0.00043046745122410357,
  "gsr_y": 0.057688843458890915,
  "provenance": {
    "md5sum": "80029a5ed3e5902ea379a24128bdf186",
    "settings": {
      "fd_thres": 0.2,
      "testing": false
    },
    "software": "mriqc",
    "version": "23.0.1",
    "webapi_port": null,
    "webapi_url": "https://mriqc.nimh.nih.gov/api/v1"
  },
  "size_t": 453,
  "size_x": 96,
  "size_y": 96,
  "size_z": 60,
  "snr": 1.7992657010715472,
  "spacing_tr": 1.5,
  "spacing_x": 2.0,
  "spacing_y": 2.0,
  "spacing_z": 2.0,
  "summary_bg_k": 76.26950553864758,
  "summary_bg_mad": 11.418981994355226,
  "summary_bg_mean": 50.905967712402344,
  "summary_bg_median": 31.04414939880371,
  "summary_bg_n": 317854.0,
  "summary_bg_p05": 20.7880802154541,
  "summary_bg_p95": 141.34525527954082,
  "summary_bg_stdv": 73.3687744140625,
  "summary_fg_k": 6.542622851757395,
  "summary_fg_mad": 209.94856371903046,
  "summary_fg_mean": 584.0286254882812,
  "summary_fg_median": 515.6854248046875,
  "summary_fg_n": 147152.0,
  "summary_fg_p05": 279.9683334350586,
  "summary_fg_p95": 1124.0547363281248,
  "summary_fg_stdv": 286.60784912109375,
  "tsnr": 31.009941681055352
}