{
  "aor": 0.0026042743538767397,
  "aqi": 0.013834007176938369,
  "bids_meta": {
    "AccelFactPE": 4,
    "AcquisitionNumber": 1,
    "AcquisitionTime": "22:12:41.872500",
    "BandwidthPerPixelPhaseEncode": 13.355,
    "BodyPartExamined": "BRAIN",
    "ConversionSoftware": "dcm2niix",
    "ConversionSoftwareVersion": "v1.0.20170724 GCC4.4.7",
    "DeviceSerialNumber": "66018",
    "EchoTime": 0.039,
    "EchoTrainLength": 72,
    "EffectiveEchoSpacing": 0.000779983,
    "FlipAngle": 50,
    "ImageType": [
      "ORIGINAL",
      "PRIMARY",
      "M",
      "ND",
      "MOSAIC"
    ],
    "InstitutionAddress": "Stadium_1952_Princeton_NJ_US_08544",
    "InstitutionName": "Princeton_University",
    "MagneticFieldStrength": 3,
    "Manufacturer": "Siemens",
    "ManufacturersModelName": "Prisma",
    "PhaseEncodingDirection": "j-",
    "PhaseEncodingLines": 96,
    "ProcedureStepDescription": "Hasson_Baldassano_040518_SchemaScrambled",
    "ProtocolName": "func_task-scrambled_run-02",
    "RepetitionTime": 1.5,
    "ScanningSequence": "EP",
    "SequenceName": "_epfid2d1_96",
    "SequenceVariant": "SK",
    "SeriesDescription": "func_task-scrambled_run-02",
    "SliceTiming": [
      0.69,
      0,
      0.7875,
      0.0975,
      0.8875,
      0.1975,
      0.985,
      0.295,
      1.085,
      0.3925,
      1.1825,
      0.4925,
      1.2825,
      0.59,
      1.38,
      0.69,
      0,
      0.7875,
      0.0975,
      0.8875,
      0.1975,
      0.985,
      0.295,
      1.085,
      0.3925,
      1.1825,
      0.4925,
      1.2825,
      0.59,
      1.38,
      0.69,
      0,
      0.7875,
      0.0975,
      0.8875,
      0.1975,
      0.985,
      0.295,
      1.085,
      0.3925,
      1.1825,
      0.4925,
      1.2825,
      0.59,
      1.38,
      0.69,
      0,
      0.7875,
      0.0975,
      0.8875,
      0.1975,
      0.985,
      0.295,
      1.085,
      0.3925,
      1.1825,
      0.4925,
      1.2825,
      0.59,
      1.38
    ],
    "SoftwareVersions": "syngo_MR_E11",
    "TotalReadoutTime": 0.0530388,
    "TrueEchoSpacing": 0.00311993,
    "dataset": "ds001511",
    "modality": "bold",
    "run_id": 2,
    "subject_id": "sid000005",
    "task_id": "scrambled"
  },
  "dummy_trs": 0,
  "dvars_nstd": 54.20166308191234,
  "dvars_std": 1.1004466862350595,
  "dvars_vstd": 0.9951830913346621,
  "efc": 0.6195365022748116,
  "fber": 163.07093811035156,
  "fd_mean": 0.3630390252694101,
  "fd_num": 343,
  "fd_perc": 68.19085487077535,
  "fwhm_avg": 2.99701,
  "fwhm_x": 2.64482,
  "fwhm_y": 3.267345,
  "fwhm_z": 3.078865,
  "gcor": 0.020661,
  "gsr_x": 0.006196477450430393,
  "gsr_y": 0.07107417285442352,
  "provenance": {
    "md5sum": "dffdc550b58ef0a6275966383cbcc627",
    "settings": {
      "fd_thres": 0.2,
      "testing": false
    },
    "software": "mriqc",
    "version": "23.0.1",
    "webapi_port": null,
    "webapi_url": "https://mriqc.nimh.nih.gov/api/v1"
  },
  "size_t": 503,
  "size_x": 96,
  "size_y": 96,
  "size_z": 60,
  "snr": 1.923464191205037,
  "spacing_tr": 1.5,
  "spacing_x": 2.0,
  "spacing_y": 2.0,
  "spacing_z": 2.0,
  "summary_bg_k": 76.05926092460771,
  "summary_bg_mad": 16.193672735428358,
  "summary_bg_mean": 60.08383560180664,
  "summary_bg_median": 37.05963897705078,
  "summary_bg_n": 283934.0,
  "summary_bg_p05": 22.862821578979492,
  "summary_bg_p95": 172.0431365966796,
  "summary_bg_stdv": 70.43331146240234,
  "summary_fg_k": 2.8791324810619825,
  "summary_fg_mad": 211.49335577973991,
  "summary_fg_mean": 531.6400146484375,
  "summary_fg_median": 490.40057373046875,
  "summary_fg_n": 173980.0,
  "summary_fg_p05": 196.04769897460938,
  "summary_fg_p95": 1005.6781158447266,
  "summary_fg_stdv": 254.9562225341797,
  "tsnr": 23.65707456925884
}