{
  "aor": 0.0034502004008016033,
  "aqi": 0.016735129498997994,
  "bids_meta": {
    "AccelFactPE": 4,
    "AcquisitionNumber": 1,
    "AcquisitionTime": "22:38:45.752500",
    "BandwidthPerPixelPhaseEncode": 13.355,
    "BodyPartExamined": "BRAIN",
    "ConversionSoftware": "dcm2niix",
    "ConversionSoftwareVersion": "v1.0.20170724 GCC4.4.7",
    "DeviceSerialNumber": "66018",
    "EchoTime": 0.039,
    "EchoTrainLength": 72,
    "EffectiveEchoSpacing": 0.000779983,
    "FlipAngle": 50,
    "ImageType": [
      "ORIGINAL",
      "PRIMARY",
      "M",
      "ND",
      "MOSAIC"
    ],
    "InstitutionAddress": "Stadium_1952_Princeton_NJ_US_08544",
    "InstitutionName": "Princeton_University",
    "MagneticFieldStrength": 3,
    "Manufacturer": "Siemens",
    "ManufacturersModelName": "Prisma",
    "PhaseEncodingDirection": "j-",
    "PhaseEncodingLines": 96,
    "ProcedureStepDescription": "Hasson_Baldassano_040518_SchemaScrambled",
    "ProtocolName": "func_task-scrambled_run-04",
    "RepetitionTime": 1.5,
    "ScanningSequence": "EP",
    "SequenceName": "_epfid2d1_96",
    "SequenceVariant": "SK",
    "SeriesDescription": "func_task-scrambled_run-04",
    "SliceTiming": [
      0.69,
      0,
      0.79,
      0.0975,
      0.8875,
      0.1975,
      0.985,
      0.295,
      1.085,
      0.395,
      1.1825,
      0.4925,
      1.2825,
      0.5925,
      1.38,
      0.69,
      0,
      0.79,
      0.0975,
      0.8875,
      0.1975,
      0.985,
      0.295,
      1.085,
      0.395,
      1.1825,
      0.4925,
      1.2825,
      0.5925,
      1.38,
      0.69,
      0,
      0.79,
      0.0975,
      0.8875,
      0.1975,
      0.985,
      0.295,
      1.085,
      0.395,
      1.1825,
      0.4925,
      1.2825,
      0.5925,
      1.38,
      0.69,
      0,
      0.79,
      0.0975,
      0.8875,
      0.1975,
      0.985,
      0.295,
      1.085,
      0.395,
      1.1825,
      0.4925,
      1.2825,
      0.5925,
      1.38
    ],
    "SoftwareVersions": "syngo_MR_E11",
    "TotalReadoutTime": 0.0530388,
    "TrueEchoSpacing": 0.00311993,
    "dataset": "ds001511",
    "modality": "bold",
    "run_id": 4,
    "subject_id": "sid000005",
    "task_id": "scrambled"
  },
  "dummy_trs": 0,
  "dvars_nstd": 60.60297168582334,
  "dvars_std": 1.0614837748795176,
  "dvars_vstd": 0.9550399019076308,
  "efc": 0.617203356713639,
  "fber": 155.32855224609375,
  "fd_mean": 0.46555879511128484,
  "fd_num": 308,
  "fd_perc": 61.723446893787575,
  "fwhm_avg": 3.1059316666666668,
  "fwhm_x": 2.74914,
  "fwhm_y": 3.372905,
  "fwhm_z": 3.19575,
  "gcor": 0.0317671,
  "gsr_x": 0.008623755536973476,
  "gsr_y": 0.06356051564216614,
  "provenance": {
    "md5sum": "86e838fcf75aa6a6badd669ceb3219fa",
    "settings": {
      "fd_thres": 0.2,
      "testing": false
    },
    "software": "mriqc",
    "version": "23.0.1",
    "webapi_port": null,
    "webapi_url": "https://mriqc.nimh.nih.gov/api/v1"
  },
  "size_t": 499,
  "size_x": 96,
  "size_y": 96,
  "size_z": 60,
  "snr": 1.8402043504702084,
  "spacing_tr": 1.5,
  "spacing_x": 2.0,
  "spacing_y": 2.0,
  "spacing_z": 2.0,
  "summary_bg_k": 75.78380511894851,
  "summary_bg_mad": 17.36041095818613,
  "summary_bg_mean": 61.040435791015625,
  "summary_bg_median": 38.57314682006836,
  "summary_bg_n": 281178.0,
  "summary_bg_p05": 23.158016872406005,
  "summary_bg_p95": 175.1683349609375,
  "summary_bg_stdv": 67.6637954711914,
  "summary_fg_k": 3.1944312515847804,
  "summary_fg_mad": 225.21880552631816,
  "summary_fg_mean": 546.4769287109375,
  "summary_fg_median": 499.2445068359375,
  "summary_fg_n": 176633.0,
  "summary_fg_p05": 196.94789123535156,
  "summary_fg_p95": 1051.1511230468748,
  "summary_fg_stdv": 271.2976379394531,
  "tsnr": 20.735414070892148
}