{
  "aor": 0.003556592741935484,
  "aqi": 0.01893554052419355,
  "bids_meta": {
    "AccelFactPE": 4,
    "AcquisitionNumber": 1,
    "AcquisitionTime": "22:25:40.687500",
    "BandwidthPerPixelPhaseEncode": 13.355,
    "BodyPartExamined": "BRAIN",
    "ConversionSoftware": "dcm2niix",
    "ConversionSoftwareVersion": "v1.0.20170724 GCC4.4.7",
    "DeviceSerialNumber": "66018",
    "EchoTime": 0.039,
    "EchoTrainLength": 72,
    "EffectiveEchoSpacing": 0.000779983,
    "FlipAngle": 50,
    "ImageType": [
      "ORIGINAL",
      "PRIMARY",
      "M",
      "ND",
      "MOSAIC"
    ],
    "InstitutionAddress": "Stadium_1952_Princeton_NJ_US_08544",
    "InstitutionName": "Princeton_University",
    "MagneticFieldStrength": 3,
    "Manufacturer": "Siemens",
    "ManufacturersModelName": "Prisma",
    "PhaseEncodingDirection": "j-",
    "PhaseEncodingLines": 96,
    "ProcedureStepDescription": "Hasson_Baldassano_040518_SchemaScrambled",
    "ProtocolName": "func_task-scrambled_run-03",
    "RepetitionTime": 1.5,
    "ScanningSequence": "EP",
    "SequenceName": "_epfid2d1_96",
    "SequenceVariant": "SK",
    "SeriesDescription": "func_task-scrambled_run-03",
    "SliceTiming": [
      0.6925,
      0,
      0.79,
      0.1,
      0.89,
      0.1975,
      0.9875,
      0.2975,
      1.0875,
      0.395,
      1.185,
      0.495,
      1.285,
      0.5925,
      1.3825,
      0.6925,
      0,
      0.79,
      0.1,
      0.89,
      0.1975,
      0.9875,
      0.2975,
      1.0875,
      0.395,
      1.185,
      0.495,
      1.285,
      0.5925,
      1.3825,
      0.6925,
      0,
      0.79,
      0.1,
      0.89,
      0.1975,
      0.9875,
      0.2975,
      1.0875,
      0.395,
      1.185,
      0.495,
      1.285,
      0.5925,
      1.3825,
      0.6925,
      0,
      0.79,
      0.1,
      0.89,
      0.1975,
      0.9875,
      0.2975,
      1.0875,
      0.395,
      1.185,
      0.495,
      1.285,
      0.5925,
      1.3825
    ],
    "SoftwareVersions": "syngo_MR_E11",
    "TotalReadoutTime": 0.0530388,
    "TrueEchoSpacing": 0.00311993,
    "dataset": "ds001511",
    "modality": "bold",
    "run_id": 3,
    "subject_id": "sid000005",
    "task_id": "scrambled"
  },
  "dummy_trs": 9,
  "dvars_nstd": 60.45395682747472,
  "dvars_std": 1.0819231968282823,
  "dvars_vstd": 0.9650788224646457,
  "efc": 0.6196213186509925,
  "fber": 160.60816955566406,
  "fd_mean": 0.4304519707017578,
  "fd_num": 358,
  "fd_perc": 72.1774193548387,
  "fwhm_avg": 3.034781666666667,
  "fwhm_x": 2.67787,
  "fwhm_y": 3.325415,
  "fwhm_z": 3.10106,
  "gcor": 0.0615226,
  "gsr_x": 0.008294224739074707,
  "gsr_y": 0.06028173118829727,
  "provenance": {
    "md5sum": "5ad1bf818182e2c432ad28d8b0dc9956",
    "settings": {
      "fd_thres": 0.2,
      "testing": false
    },
    "software": "mriqc",
    "version": "23.0.1",
    "webapi_port": null,
    "webapi_url": "https://mriqc.nimh.nih.gov/api/v1"
  },
  "size_t": 496,
  "size_x": 96,
  "size_y": 96,
  "size_z": 60,
  "snr": 1.9240971540270435,
  "spacing_tr": 1.5,
  "spacing_x": 2.0,
  "spacing_y": 2.0,
  "spacing_z": 2.0,
  "summary_bg_k": 41.93455943491092,
  "summary_bg_mad": 16.036611712063298,
  "summary_bg_mean": 57.496734619140625,
  "summary_bg_median": 37.18951416015625,
  "summary_bg_n": 280734.0,
  "summary_bg_p05": 22.85211572647095,
  "summary_bg_p95": 163.61964721679684,
  "summary_bg_stdv": 56.764732360839844,
  "summary_fg_k": 2.8834163485969615,
  "summary_fg_mad": 212.5725949984293,
  "summary_fg_mean": 533.4921875,
  "summary_fg_median": 491.11187744140625,
  "summary_fg_n": 174838.0,
  "summary_fg_p05": 202.51048431396487,
  "summary_fg_p95": 1009.446563720703,
  "summary_fg_stdv": 255.24203491210938,
  "tsnr": 19.708560647442937
}