{
  "aor": 0.0032611587982832612,
  "aqi": 0.01707031212446352,
  "bids_meta": {
    "AccelFactPE": 4,
    "AcquisitionNumber": 1,
    "AcquisitionTime": "20:29:19.070000",
    "BandwidthPerPixelPhaseEncode": 13.355,
    "BodyPartExamined": "BRAIN",
    "ConversionSoftware": "dcm2niix",
    "ConversionSoftwareVersion": "v1.0.20170724 GCC4.4.7",
    "DeviceSerialNumber": "66018",
    "EchoTime": 0.039,
    "EchoTrainLength": 72,
    "EffectiveEchoSpacing": 0.000779983,
    "FlipAngle": 50,
    "ImageType": [
      "ORIGINAL",
      "PRIMARY",
      "M",
      "ND",
      "MOSAIC"
    ],
    "InstitutionAddress": "Stadium_1952_Princeton_NJ_US_08544",
    "InstitutionName": "Princeton_University",
    "MagneticFieldStrength": 3,
    "Manufacturer": "Siemens",
    "ManufacturersModelName": "Prisma",
    "PhaseEncodingDirection": "j-",
    "PhaseEncodingLines": 96,
    "ProcedureStepDescription": "Hasson_Baldassano_040518_SchemaScrambled",
    "ProtocolName": "func_task-CMIYC",
    "RepetitionTime": 1.5,
    "ScanningSequence": "EP",
    "SequenceName": "_epfid2d1_96",
    "SequenceVariant": "SK",
    "SeriesDescription": "func_task-CMIYC",
    "SliceTiming": [
      0.69,
      0,
      0.79,
      0.0975,
      0.8875,
      0.1975,
      0.9875,
      0.295,
      1.085,
      0.395,
      1.185,
      0.4925,
      1.2825,
      0.5925,
      1.38,
      0.69,
      0,
      0.79,
      0.0975,
      0.8875,
      0.1975,
      0.9875,
      0.295,
      1.085,
      0.395,
      1.185,
      0.4925,
      1.2825,
      0.5925,
      1.38,
      0.69,
      0,
      0.79,
      0.0975,
      0.8875,
      0.1975,
      0.9875,
      0.295,
      1.085,
      0.395,
      1.185,
      0.4925,
      1.2825,
      0.5925,
      1.38,
      0.69,
      0,
      0.79,
      0.0975,
      0.8875,
      0.1975,
      0.9875,
      0.295,
      1.085,
      0.395,
      1.185,
      0.4925,
      1.2825,
      0.5925,
      1.38
    ],
    "SoftwareVersions": "syngo_MR_E11",
    "TotalReadoutTime": 0.0530388,
    "TrueEchoSpacing": 0.00311993,
    "dataset": "ds001511",
    "modality": "bold",
    "subject_id": "sid000004",
    "task_id": "CMIYC"
  },
  "dummy_trs": 0,
  "dvars_nstd": 59.279511462021546,
  "dvars_std": 1.0345150567526886,
  "dvars_vstd": 0.9345185007956981,
  "efc": 0.5779800036854672,
  "fber": 288.46295166015625,
  "fd_mean": 0.5666448074379108,
  "fd_num": 360,
  "fd_perc": 77.25321888412017,
  "fwhm_avg": 2.951965,
  "fwhm_x": 2.82956,
  "fwhm_y": 3.04534,
  "fwhm_z": 2.980995,
  "gcor": 0.021043,
  "gsr_x": 0.009299058467149734,
  "gsr_y": 0.04941777512431145,
  "provenance": {
    "md5sum": "ab8b8c7c84174222c62fbb7f3425b0a5",
    "settings": {
      "fd_thres": 0.2,
      "testing": false
    },
    "software": "mriqc",
    "version": "23.0.1",
    "webapi_port": null,
    "webapi_url": "https://mriqc.nimh.nih.gov/api/v1"
  },
  "size_t": 466,
  "size_x": 96,
  "size_y": 96,
  "size_z": 60,
  "snr": 1.8997795438032503,
  "spacing_tr": 1.5,
  "spacing_x": 2.0,
  "spacing_y": 2.0,
  "spacing_z": 2.0,
  "summary_bg_k": 56.227504939882365,
  "summary_bg_mad": 11.259503168376295,
  "summary_bg_mean": 46.127010345458984,
  "summary_bg_median": 31.2446346282959,
  "summary_bg_n": 299964.0,
  "summary_bg_p05": 18.98068618774414,
  "summary_bg_p95": 112.62811050415029,
  "summary_bg_stdv": 57.4808235168457,
  "summary_fg_k": 4.651575590117045,
  "summary_fg_mad": 221.12726137899574,
  "summary_fg_mean": 602.7114868164062,
  "summary_fg_median": 541.5429077148438,
  "summary_fg_n": 162177.0,
  "summary_fg_p05": 277.63433227539065,
  "summary_fg_p95": 1149.3918701171835,
  "summary_fg_stdv": 285.0547790527344,
  "tsnr": 20.463296206959058
}