{
  "aor": 0.006230901960784314,
  "aqi": 0.014986980411764706,
  "bids_meta": {
    "AccelFactPE": 4,
    "AcquisitionNumber": 1,
    "AcquisitionTime": "20:03:9.577500",
    "BandwidthPerPixelPhaseEncode": 13.355,
    "BodyPartExamined": "BRAIN",
    "ConversionSoftware": "dcm2niix",
    "ConversionSoftwareVersion": "v1.0.20170724 GCC4.4.7",
    "DeviceSerialNumber": "66018",
    "EchoTime": 0.039,
    "EchoTrainLength": 72,
    "EffectiveEchoSpacing": 0.000779983,
    "FlipAngle": 50,
    "ImageType": [
      "ORIGINAL",
      "PRIMARY",
      "M",
      "ND",
      "MOSAIC"
    ],
    "InstitutionAddress": "Stadium_1952_Princeton_NJ_US_08544",
    "InstitutionName": "Princeton_University",
    "MagneticFieldStrength": 3,
    "Manufacturer": "Siemens",
    "ManufacturersModelName": "Prisma",
    "PhaseEncodingDirection": "j-",
    "PhaseEncodingLines": 96,
    "ProcedureStepDescription": "Hasson_Baldassano_040518_SchemaScrambled",
    "ProtocolName": "func_task-scrambled_run-03",
    "RepetitionTime": 1.5,
    "ScanningSequence": "EP",
    "SequenceName": "_epfid2d1_96",
    "SequenceVariant": "SK",
    "SeriesDescription": "func_task-scrambled_run-03",
    "SliceTiming": [
      0.69,
      0,
      0.79,
      0.0975,
      0.8875,
      0.1975,
      0.985,
      0.295,
      1.085,
      0.395,
      1.1825,
      0.4925,
      1.2825,
      0.5925,
      1.38,
      0.69,
      0,
      0.79,
      0.0975,
      0.8875,
      0.1975,
      0.985,
      0.295,
      1.085,
      0.395,
      1.1825,
      0.4925,
      1.2825,
      0.5925,
      1.38,
      0.69,
      0,
      0.79,
      0.0975,
      0.8875,
      0.1975,
      0.985,
      0.295,
      1.085,
      0.395,
      1.1825,
      0.4925,
      1.2825,
      0.5925,
      1.38,
      0.69,
      0,
      0.79,
      0.0975,
      0.8875,
      0.1975,
      0.985,
      0.295,
      1.085,
      0.395,
      1.1825,
      0.4925,
      1.2825,
      0.5925,
      1.38
    ],
    "SoftwareVersions": "syngo_MR_E11",
    "TotalReadoutTime": 0.0530388,
    "TrueEchoSpacing": 0.00311993,
    "dataset": "ds001511",
    "modality": "bold",
    "run_id": 3,
    "subject_id": "sid000004",
    "task_id": "scrambled"
  },
  "dummy_trs": 0,
  "dvars_nstd": 64.20525383726914,
  "dvars_std": 1.1368228111591363,
  "dvars_vstd": 0.9992694196070734,
  "efc": 0.5793995855038999,
  "fber": 283.45855712890625,
  "fd_mean": 0.5655637226947647,
  "fd_num": 386,
  "fd_perc": 75.68627450980392,
  "fwhm_avg": 2.97221,
  "fwhm_x": 2.85147,
  "fwhm_y": 3.05961,
  "fwhm_z": 3.00555,
  "gcor": 0.0214846,
  "gsr_x": 0.006064529996365309,
  "gsr_y": 0.05198216810822487,
  "provenance": {
    "md5sum": "d262ff90fb4c014277f23f7e2985a5fd",
    "settings": {
      "fd_thres": 0.2,
      "testing": false
    },
    "software": "mriqc",
    "version": "23.0.1",
    "webapi_port": null,
    "webapi_url": "https://mriqc.nimh.nih.gov/api/v1"
  },
  "size_t": 510,
  "size_x": 96,
  "size_y": 96,
  "size_z": 60,
  "snr": 1.8407815389260125,
  "spacing_tr": 1.5,
  "spacing_x": 2.0,
  "spacing_y": 2.0,
  "spacing_z": 2.0,
  "summary_bg_k": 58.242065831251054,
  "summary_bg_mad": 10.500315975459461,
  "summary_bg_mean": 46.83238220214844,
  "summary_bg_median": 31.184314727783203,
  "summary_bg_n": 298140.0,
  "summary_bg_p05": 21.85686492919922,
  "summary_bg_p95": 110.8844211578369,
  "summary_bg_stdv": 57.358516693115234,
  "summary_fg_k": 4.939744428247328,
  "summary_fg_mad": 225.63171531166003,
  "summary_fg_mean": 607.0632934570312,
  "summary_fg_median": 542.998046875,
  "summary_fg_n": 164743.0,
  "summary_fg_p05": 271.88843994140626,
  "summary_fg_p95": 1170.5463256835935,
  "summary_fg_stdv": 294.9814453125,
  "tsnr": 22.392946186941117
}