{
  "aor": 0.004154083665338645,
  "aqi": 0.007317839322709164,
  "bids_meta": {
    "AccelFactPE": 4,
    "AcquisitionNumber": 1,
    "AcquisitionTime": "19:37:10.907500",
    "BandwidthPerPixelPhaseEncode": 13.355,
    "BodyPartExamined": "BRAIN",
    "ConversionSoftware": "dcm2niix",
    "ConversionSoftwareVersion": "v1.0.20170724 GCC4.4.7",
    "DeviceSerialNumber": "66018",
    "EchoTime": 0.039,
    "EchoTrainLength": 72,
    "EffectiveEchoSpacing": 0.000779983,
    "FlipAngle": 50,
    "ImageType": [
      "ORIGINAL",
      "PRIMARY",
      "M",
      "ND",
      "MOSAIC"
    ],
    "InstitutionAddress": "Stadium_1952_Princeton_NJ_US_08544",
    "InstitutionName": "Princeton_University",
    "MagneticFieldStrength": 3,
    "Manufacturer": "Siemens",
    "ManufacturersModelName": "Prisma",
    "PhaseEncodingDirection": "j-",
    "PhaseEncodingLines": 96,
    "ProcedureStepDescription": "Hasson_Baldassano_040518_SchemaScrambled",
    "ProtocolName": "func_task-scrambled_run-01",
    "RepetitionTime": 1.5,
    "ScanningSequence": "EP",
    "SequenceName": "_epfid2d1_96",
    "SequenceVariant": "SK",
    "SeriesDescription": "func_task-scrambled_run-01",
    "SliceTiming": [
      0.69,
      0,
      0.79,
      0.0975,
      0.8875,
      0.1975,
      0.985,
      0.295,
      1.085,
      0.395,
      1.1825,
      0.4925,
      1.2825,
      0.5925,
      1.38,
      0.69,
      0,
      0.79,
      0.0975,
      0.8875,
      0.1975,
      0.985,
      0.295,
      1.085,
      0.395,
      1.1825,
      0.4925,
      1.2825,
      0.5925,
      1.38,
      0.69,
      0,
      0.79,
      0.0975,
      0.8875,
      0.1975,
      0.985,
      0.295,
      1.085,
      0.395,
      1.1825,
      0.4925,
      1.2825,
      0.5925,
      1.38,
      0.69,
      0,
      0.79,
      0.0975,
      0.8875,
      0.1975,
      0.985,
      0.295,
      1.085,
      0.395,
      1.1825,
      0.4925,
      1.2825,
      0.5925,
      1.38
    ],
    "SoftwareVersions": "syngo_MR_E11",
    "TotalReadoutTime": 0.0530388,
    "TrueEchoSpacing": 0.00311993,
    "dataset": "ds001511",
    "modality": "bold",
    "run_id": 1,
    "subject_id": "sid000004",
    "task_id": "scrambled"
  },
  "dummy_trs": 1,
  "dvars_nstd": 43.067395444411154,
  "dvars_std": 1.136989310918163,
  "dvars_vstd": 1.0365715317964077,
  "efc": 0.5796976842780298,
  "fber": 286.0458679199219,
  "fd_mean": 0.2544005388899832,
  "fd_num": 254,
  "fd_perc": 50.59760956175299,
  "fwhm_avg": 2.93268,
  "fwhm_x": 2.805735,
  "fwhm_y": 3.03022,
  "fwhm_z": 2.962085,
  "gcor": 0.0123721,
  "gsr_x": 0.0023022943641990423,
  "gsr_y": 0.05505814403295517,
  "provenance": {
    "md5sum": "4685214376b85637732c31bbe5cd7e30",
    "settings": {
      "fd_thres": 0.2,
      "testing": false
    },
    "software": "mriqc",
    "version": "23.0.1",
    "webapi_port": null,
    "webapi_url": "https://mriqc.nimh.nih.gov/api/v1"
  },
  "size_t": 502,
  "size_x": 96,
  "size_y": 96,
  "size_z": 60,
  "snr": 1.821190892094543,
  "spacing_tr": 1.5,
  "spacing_x": 2.0,
  "spacing_y": 2.0,
  "spacing_z": 2.0,
  "summary_bg_k": 56.09030513254178,
  "summary_bg_mad": 10.66764771121468,
  "summary_bg_mean": 45.94282150268555,
  "summary_bg_median": 30.980079650878906,
  "summary_bg_n": 296415.0,
  "summary_bg_p05": 21.13545799255371,
  "summary_bg_p95": 108.79681396484375,
  "summary_bg_stdv": 54.293418884277344,
  "summary_fg_k": 5.172603701679806,
  "summary_fg_mad": 225.74982850414688,
  "summary_fg_mean": 606.387451171875,
  "summary_fg_median": 541.62451171875,
  "summary_fg_n": 166244.0,
  "summary_fg_p05": 270.9468231201172,
  "summary_fg_p95": 1175.2995910644531,
  "summary_fg_stdv": 297.400390625,
  "tsnr": 32.00155514664948
}