{
  "aor": 0.002760400801603206,
  "aqi": 0.020380607815631262,
  "bids_meta": {
    "AccelFactPE": 4,
    "AcquisitionNumber": 1,
    "AcquisitionTime": "20:16:25.577500",
    "BandwidthPerPixelPhaseEncode": 13.355,
    "BodyPartExamined": "BRAIN",
    "ConversionSoftware": "dcm2niix",
    "ConversionSoftwareVersion": "v1.0.20170724 GCC4.4.7",
    "DeviceSerialNumber": "66018",
    "EchoTime": 0.039,
    "EchoTrainLength": 72,
    "EffectiveEchoSpacing": 0.000779983,
    "FlipAngle": 50,
    "ImageType": [
      "ORIGINAL",
      "PRIMARY",
      "M",
      "ND",
      "MOSAIC"
    ],
    "InstitutionAddress": "Stadium_1952_Princeton_NJ_US_08544",
    "InstitutionName": "Princeton_University",
    "MagneticFieldStrength": 3,
    "Manufacturer": "Siemens",
    "ManufacturersModelName": "Prisma",
    "PhaseEncodingDirection": "j-",
    "PhaseEncodingLines": 96,
    "ProcedureStepDescription": "Hasson_Baldassano_040518_SchemaScrambled",
    "ProtocolName": "func_task-scrambled_run-04",
    "RepetitionTime": 1.5,
    "ScanningSequence": "EP",
    "SequenceName": "_epfid2d1_96",
    "SequenceVariant": "SK",
    "SeriesDescription": "func_task-scrambled_run-04",
    "SliceTiming": [
      0.69,
      0,
      0.79,
      0.1,
      0.8875,
      0.1975,
      0.9875,
      0.2975,
      1.085,
      0.395,
      1.185,
      0.495,
      1.2825,
      0.5925,
      1.3825,
      0.69,
      0,
      0.79,
      0.1,
      0.8875,
      0.1975,
      0.9875,
      0.2975,
      1.085,
      0.395,
      1.185,
      0.495,
      1.2825,
      0.5925,
      1.3825,
      0.69,
      0,
      0.79,
      0.1,
      0.8875,
      0.1975,
      0.9875,
      0.2975,
      1.085,
      0.395,
      1.185,
      0.495,
      1.2825,
      0.5925,
      1.3825,
      0.69,
      0,
      0.79,
      0.1,
      0.8875,
      0.1975,
      0.9875,
      0.2975,
      1.085,
      0.395,
      1.185,
      0.495,
      1.2825,
      0.5925,
      1.3825
    ],
    "SoftwareVersions": "syngo_MR_E11",
    "TotalReadoutTime": 0.0530388,
    "TrueEchoSpacing": 0.00311993,
    "dataset": "ds001511",
    "modality": "bold",
    "run_id": 4,
    "subject_id": "sid000004",
    "task_id": "scrambled"
  },
  "dummy_trs": 0,
  "dvars_nstd": 68.62884635636547,
  "dvars_std": 1.0835099462650606,
  "dvars_vstd": 0.9430679458634558,
  "efc": 0.5779303950438953,
  "fber": 274.3853759765625,
  "fd_mean": 0.6661515316821865,
  "fd_num": 426,
  "fd_perc": 85.37074148296593,
  "fwhm_avg": 2.9607949999999996,
  "fwhm_x": 2.83146,
  "fwhm_y": 3.05637,
  "fwhm_z": 2.994555,
  "gcor": 0.036418,
  "gsr_x": 0.0050432197749614716,
  "gsr_y": 0.05405393987894058,
  "provenance": {
    "md5sum": "adb0b4c95729cbfd4814c96774fa516e",
    "settings": {
      "fd_thres": 0.2,
      "testing": false
    },
    "software": "mriqc",
    "version": "23.0.1",
    "webapi_port": null,
    "webapi_url": "https://mriqc.nimh.nih.gov/api/v1"
  },
  "size_t": 499,
  "size_x": 96,
  "size_y": 96,
  "size_z": 60,
  "snr": 1.8897441968879938,
  "spacing_tr": 1.5,
  "spacing_x": 2.0,
  "spacing_y": 2.0,
  "spacing_z": 2.0,
  "summary_bg_k": 56.2862966914984,
  "summary_bg_mad": 11.854873629805796,
  "summary_bg_mean": 46.42942810058594,
  "summary_bg_median": 31.96793556213379,
  "summary_bg_n": 299071.0,
  "summary_bg_p05": 14.66733455657959,
  "summary_bg_p95": 111.4418830871582,
  "summary_bg_stdv": 57.88523483276367,
  "summary_fg_k": 4.767645553345534,
  "summary_fg_mad": 220.66557702115787,
  "summary_fg_mean": 603.7893676757812,
  "summary_fg_median": 541.6182861328125,
  "summary_fg_n": 162090.0,
  "summary_fg_p05": 276.0917770385742,
  "summary_fg_p95": 1153.5502136230468,
  "summary_fg_stdv": 286.6084289550781,
  "tsnr": 18.30349536659196
}