{
  "aor": 0.002107216699801193,
  "aqi": 0.019445138866799206,
  "bids_meta": {
    "AccelFactPE": 4,
    "AcquisitionNumber": 1,
    "AcquisitionTime": "17:51:56.075000",
    "BandwidthPerPixelPhaseEncode": 13.355,
    "BodyPartExamined": "BRAIN",
    "ConversionSoftware": "dcm2niix",
    "ConversionSoftwareVersion": "v1.0.20170724 GCC4.4.7",
    "DeviceSerialNumber": "66018",
    "EchoTime": 0.039,
    "EchoTrainLength": 72,
    "EffectiveEchoSpacing": 0.000779983,
    "FlipAngle": 50,
    "ImageType": [
      "ORIGINAL",
      "PRIMARY",
      "M",
      "ND",
      "MOSAIC"
    ],
    "InstitutionAddress": "Stadium_1952_Princeton_NJ_US_08544",
    "InstitutionName": "Princeton_University",
    "MagneticFieldStrength": 3,
    "Manufacturer": "Siemens",
    "ManufacturersModelName": "Prisma",
    "PhaseEncodingDirection": "j-",
    "PhaseEncodingLines": 96,
    "ProcedureStepDescription": "Hasson_Baldassano_040518_SchemaScrambled",
    "ProtocolName": "func_task-scrambled_run-03",
    "RepetitionTime": 1.5,
    "ScanningSequence": "EP",
    "SequenceName": "_epfid2d1_96",
    "SequenceVariant": "SK",
    "SeriesDescription": "func_task-scrambled_run-03",
    "SliceTiming": [
      0.6925,
      0,
      0.79,
      0.1,
      0.8875,
      0.1975,
      0.9875,
      0.2975,
      1.085,
      0.395,
      1.185,
      0.495,
      1.2825,
      0.5925,
      1.3825,
      0.6925,
      0,
      0.79,
      0.1,
      0.8875,
      0.1975,
      0.9875,
      0.2975,
      1.085,
      0.395,
      1.185,
      0.495,
      1.2825,
      0.5925,
      1.3825,
      0.6925,
      0,
      0.79,
      0.1,
      0.8875,
      0.1975,
      0.9875,
      0.2975,
      1.085,
      0.395,
      1.185,
      0.495,
      1.2825,
      0.5925,
      1.3825,
      0.6925,
      0,
      0.79,
      0.1,
      0.8875,
      0.1975,
      0.9875,
      0.2975,
      1.085,
      0.395,
      1.185,
      0.495,
      1.2825,
      0.5925,
      1.3825
    ],
    "SoftwareVersions": "syngo_MR_E11",
    "TotalReadoutTime": 0.0530388,
    "TrueEchoSpacing": 0.00311993,
    "dataset": "ds001511",
    "modality": "bold",
    "run_id": 3,
    "subject_id": "sid000006",
    "task_id": "scrambled"
  },
  "dummy_trs": 0,
  "dvars_nstd": 40.45780376037849,
  "dvars_std": 0.977072343764941,
  "dvars_vstd": 0.9482026019521916,
  "efc": 0.5534610194906087,
  "fber": 296.4385070800781,
  "fd_mean": 0.2865239571079653,
  "fd_num": 183,
  "fd_perc": 36.381709741550694,
  "fwhm_avg": 2.7683650540269444,
  "fwhm_x": 2.6539,
  "fwhm_y": 2.93193,
  "fwhm_z": 2.719265162080834,
  "gcor": 0.0214578,
  "gsr_x": 0.00469854986295104,
  "gsr_y": 0.03606019541621208,
  "provenance": {
    "md5sum": "10ba1d16726dd3a253f22d2bd0ccd1a4",
    "settings": {
      "fd_thres": 0.2,
      "testing": false
    },
    "software": "mriqc",
    "version": "23.0.1",
    "webapi_port": null,
    "webapi_url": "https://mriqc.nimh.nih.gov/api/v1"
  },
  "size_t": 503,
  "size_x": 96,
  "size_y": 96,
  "size_z": 60,
  "snr": 2.3204757765652833,
  "spacing_tr": 1.5,
  "spacing_x": 2.0,
  "spacing_y": 2.0,
  "spacing_z": 1.9999998807907104,
  "summary_bg_k": 65.85449407842646,
  "summary_bg_mad": 9.072463553921342,
  "summary_bg_mean": 43.21516036987305,
  "summary_bg_median": 28.998010635375977,
  "summary_bg_n": 343682.0,
  "summary_bg_p05": 20.693836212158203,
  "summary_bg_p95": 110.60377349853529,
  "summary_bg_stdv": 48.56742477416992,
  "summary_fg_k": 5.994933091845853,
  "summary_fg_mad": 161.09960773769922,
  "summary_fg_mean": 547.2250366210938,
  "summary_fg_median": 505.6560363769531,
  "summary_fg_n": 126339.0,
  "summary_fg_p05": 294.0,
  "summary_fg_p95": 949.4087158203115,
  "summary_fg_stdv": 217.90963745117188,
  "tsnr": 24.88149252720177
}