{
  "aor": 0.0013210756972111555,
  "aqi": 0.012125020099601595,
  "bids_meta": {
    "AccelFactPE": 4,
    "AcquisitionNumber": 1,
    "AcquisitionTime": "17:25:49.922500",
    "BandwidthPerPixelPhaseEncode": 13.355,
    "BodyPartExamined": "BRAIN",
    "ConversionSoftware": "dcm2niix",
    "ConversionSoftwareVersion": "v1.0.20170724 GCC4.4.7",
    "DeviceSerialNumber": "66018",
    "EchoTime": 0.039,
    "EchoTrainLength": 72,
    "EffectiveEchoSpacing": 0.000779983,
    "FlipAngle": 50,
    "ImageType": [
      "ORIGINAL",
      "PRIMARY",
      "M",
      "ND",
      "MOSAIC"
    ],
    "InstitutionAddress": "Stadium_1952_Princeton_NJ_US_08544",
    "InstitutionName": "Princeton_University",
    "MagneticFieldStrength": 3,
    "Manufacturer": "Siemens",
    "ManufacturersModelName": "Prisma",
    "PhaseEncodingDirection": "j-",
    "PhaseEncodingLines": 96,
    "ProcedureStepDescription": "Hasson_Baldassano_040518_SchemaScrambled",
    "ProtocolName": "func_task-scrambled_run-01",
    "RepetitionTime": 1.5,
    "ScanningSequence": "EP",
    "SequenceName": "_epfid2d1_96",
    "SequenceVariant": "SK",
    "SeriesDescription": "func_task-scrambled_run-01",
    "SliceTiming": [
      0.6925,
      0,
      0.79,
      0.1,
      0.89,
      0.1975,
      0.9875,
      0.2975,
      1.085,
      0.395,
      1.185,
      0.495,
      1.2825,
      0.5925,
      1.3825,
      0.6925,
      0,
      0.79,
      0.1,
      0.89,
      0.1975,
      0.9875,
      0.2975,
      1.085,
      0.395,
      1.185,
      0.495,
      1.2825,
      0.5925,
      1.3825,
      0.6925,
      0,
      0.79,
      0.1,
      0.89,
      0.1975,
      0.9875,
      0.2975,
      1.085,
      0.395,
      1.185,
      0.495,
      1.2825,
      0.5925,
      1.3825,
      0.6925,
      0,
      0.79,
      0.1,
      0.89,
      0.1975,
      0.9875,
      0.2975,
      1.085,
      0.395,
      1.185,
      0.495,
      1.2825,
      0.5925,
      1.3825
    ],
    "SoftwareVersions": "syngo_MR_E11",
    "TotalReadoutTime": 0.0530388,
    "TrueEchoSpacing": 0.00311993,
    "dataset": "ds001511",
    "modality": "bold",
    "run_id": 1,
    "subject_id": "sid000006",
    "task_id": "scrambled"
  },
  "dummy_trs": 3,
  "dvars_nstd": 34.740223901716554,
  "dvars_std": 0.9917707920558877,
  "dvars_vstd": 0.9608218804790425,
  "efc": 0.5532783762636805,
  "fber": 302.4830017089844,
  "fd_mean": 0.1941775718056954,
  "fd_num": 121,
  "fd_perc": 24.10358565737052,
  "fwhm_avg": 2.7012933859150636,
  "fwhm_x": 2.588585,
  "fwhm_y": 2.86877,
  "fwhm_z": 2.646525157745192,
  "gcor": 0.00957668,
  "gsr_x": 0.006390307564288378,
  "gsr_y": 0.03829065337777138,
  "provenance": {
    "md5sum": "cd48bfce004881ea6980a6471de11e94",
    "settings": {
      "fd_thres": 0.2,
      "testing": false
    },
    "software": "mriqc",
    "version": "23.0.1",
    "webapi_port": null,
    "webapi_url": "https://mriqc.nimh.nih.gov/api/v1"
  },
  "size_t": 502,
  "size_x": 96,
  "size_y": 96,
  "size_z": 60,
  "snr": 2.363830191514817,
  "spacing_tr": 1.5,
  "spacing_x": 2.0,
  "spacing_y": 2.0,
  "spacing_z": 1.9999998807907104,
  "summary_bg_k": 72.88837933079444,
  "summary_bg_mad": 9.111213436047542,
  "summary_bg_mean": 42.79280471801758,
  "summary_bg_median": 28.55577850341797,
  "summary_bg_n": 343943.0,
  "summary_bg_p05": 19.89442253112793,
  "summary_bg_p95": 109.84063720703125,
  "summary_bg_stdv": 50.79574966430664,
  "summary_fg_k": 5.818813747526317,
  "summary_fg_mad": 159.34433394113503,
  "summary_fg_mean": 542.1843872070312,
  "summary_fg_median": 502.237060546875,
  "summary_fg_n": 126058.0,
  "summary_fg_p05": 292.7785980224609,
  "summary_fg_p95": 932.1473236083983,
  "summary_fg_stdv": 212.46664428710938,
  "tsnr": 29.891458733123727
}