{
  "aor": 0.0014897167755991286,
  "aqi": 0.014563330326797387,
  "bids_meta": {
    "AccelFactPE": 4,
    "AcquisitionNumber": 1,
    "AcquisitionTime": "18:17:53.305000",
    "BandwidthPerPixelPhaseEncode": 13.355,
    "BodyPartExamined": "BRAIN",
    "ConversionSoftware": "dcm2niix",
    "ConversionSoftwareVersion": "v1.0.20170724 GCC4.4.7",
    "DeviceSerialNumber": "66018",
    "EchoTime": 0.039,
    "EchoTrainLength": 72,
    "EffectiveEchoSpacing": 0.000779983,
    "FlipAngle": 50,
    "ImageType": [
      "ORIGINAL",
      "PRIMARY",
      "M",
      "ND",
      "MOSAIC"
    ],
    "InstitutionAddress": "Stadium_1952_Princeton_NJ_US_08544",
    "InstitutionName": "Princeton_University",
    "MagneticFieldStrength": 3,
    "Manufacturer": "Siemens",
    "ManufacturersModelName": "Prisma",
    "PhaseEncodingDirection": "j-",
    "PhaseEncodingLines": 96,
    "ProcedureStepDescription": "Hasson_Baldassano_040518_SchemaScrambled",
    "ProtocolName": "func_task-CMIYC",
    "RepetitionTime": 1.5,
    "ScanningSequence": "EP",
    "SequenceName": "_epfid2d1_96",
    "SequenceVariant": "SK",
    "SeriesDescription": "func_task-CMIYC",
    "SliceTiming": [
      0.69,
      0,
      0.79,
      0.1,
      0.8875,
      0.1975,
      0.9875,
      0.295,
      1.085,
      0.395,
      1.185,
      0.4925,
      1.2825,
      0.5925,
      1.3825,
      0.69,
      0,
      0.79,
      0.1,
      0.8875,
      0.1975,
      0.9875,
      0.295,
      1.085,
      0.395,
      1.185,
      0.4925,
      1.2825,
      0.5925,
      1.3825,
      0.69,
      0,
      0.79,
      0.1,
      0.8875,
      0.1975,
      0.9875,
      0.295,
      1.085,
      0.395,
      1.185,
      0.4925,
      1.2825,
      0.5925,
      1.3825,
      0.69,
      0,
      0.79,
      0.1,
      0.8875,
      0.1975,
      0.9875,
      0.295,
      1.085,
      0.395,
      1.185,
      0.4925,
      1.2825,
      0.5925,
      1.3825
    ],
    "SoftwareVersions": "syngo_MR_E11",
    "TotalReadoutTime": 0.0530388,
    "TrueEchoSpacing": 0.00311993,
    "dataset": "ds001511",
    "modality": "bold",
    "subject_id": "sid000006",
    "task_id": "CMIYC"
  },
  "dummy_trs": 0,
  "dvars_nstd": 37.933904768406094,
  "dvars_std": 0.9683127157423583,
  "dvars_vstd": 0.9402730963973792,
  "efc": 0.5521069369697067,
  "fber": 295.73907470703125,
  "fd_mean": 0.27220449193739826,
  "fd_num": 196,
  "fd_perc": 42.70152505446623,
  "fwhm_avg": 2.784931721185648,
  "fwhm_x": 2.66385,
  "fwhm_y": 2.946915,
  "fwhm_z": 2.744030163556943,
  "gcor": 0.00961396,
  "gsr_x": 0.00606826227158308,
  "gsr_y": 0.03581441938877106,
  "provenance": {
    "md5sum": "3dc744839c1ea6e72127b3fe47166b61",
    "settings": {
      "fd_thres": 0.2,
      "testing": false
    },
    "software": "mriqc",
    "version": "23.0.1",
    "webapi_port": null,
    "webapi_url": "https://mriqc.nimh.nih.gov/api/v1"
  },
  "size_t": 459,
  "size_x": 96,
  "size_y": 96,
  "size_z": 60,
  "snr": 2.274106230817436,
  "spacing_tr": 1.5,
  "spacing_x": 2.0,
  "spacing_y": 2.0,
  "spacing_z": 1.9999998807907104,
  "summary_bg_k": 60.47426179404475,
  "summary_bg_mad": 9.441493756620549,
  "summary_bg_mean": 43.47593688964844,
  "summary_bg_median": 29.161218643188477,
  "summary_bg_n": 343238.0,
  "summary_bg_p05": 20.254575157165533,
  "summary_bg_p95": 114.46633796691842,
  "summary_bg_stdv": 48.88465118408203,
  "summary_fg_k": 6.340287257405732,
  "summary_fg_mad": 164.15865119452184,
  "summary_fg_mean": 549.9683227539062,
  "summary_fg_median": 506.8823547363281,
  "summary_fg_n": 127037.0,
  "summary_fg_p05": 292.5224243164063,
  "summary_fg_p95": 961.3969238281247,
  "summary_fg_stdv": 222.89212036132812,
  "tsnr": 25.545214891433716
}