{
  "aor": 0.0012540157480314957,
  "aqi": 0.016759534685039372,
  "bids_meta": {
    "AccelFactPE": 4,
    "AcquisitionNumber": 1,
    "AcquisitionTime": "17:38:51.127500",
    "BandwidthPerPixelPhaseEncode": 13.355,
    "BodyPartExamined": "BRAIN",
    "ConversionSoftware": "dcm2niix",
    "ConversionSoftwareVersion": "v1.0.20170724 GCC4.4.7",
    "DeviceSerialNumber": "66018",
    "EchoTime": 0.039,
    "EchoTrainLength": 72,
    "EffectiveEchoSpacing": 0.000779983,
    "FlipAngle": 50,
    "ImageType": [
      "ORIGINAL",
      "PRIMARY",
      "M",
      "ND",
      "MOSAIC"
    ],
    "InstitutionAddress": "Stadium_1952_Princeton_NJ_US_08544",
    "InstitutionName": "Princeton_University",
    "MagneticFieldStrength": 3,
    "Manufacturer": "Siemens",
    "ManufacturersModelName": "Prisma",
    "PhaseEncodingDirection": "j-",
    "PhaseEncodingLines": 96,
    "ProcedureStepDescription": "Hasson_Baldassano_040518_SchemaScrambled",
    "ProtocolName": "func_task-scrambled_run-02",
    "RepetitionTime": 1.5,
    "ScanningSequence": "EP",
    "SequenceName": "_epfid2d1_96",
    "SequenceVariant": "SK",
    "SeriesDescription": "func_task-scrambled_run-02",
    "SliceTiming": [
      0.69,
      0,
      0.7875,
      0.0975,
      0.8875,
      0.1975,
      0.985,
      0.295,
      1.085,
      0.3925,
      1.1825,
      0.4925,
      1.2825,
      0.59,
      1.38,
      0.69,
      0,
      0.7875,
      0.0975,
      0.8875,
      0.1975,
      0.985,
      0.295,
      1.085,
      0.3925,
      1.1825,
      0.4925,
      1.2825,
      0.59,
      1.38,
      0.69,
      0,
      0.7875,
      0.0975,
      0.8875,
      0.1975,
      0.985,
      0.295,
      1.085,
      0.3925,
      1.1825,
      0.4925,
      1.2825,
      0.59,
      1.38,
      0.69,
      0,
      0.7875,
      0.0975,
      0.8875,
      0.1975,
      0.985,
      0.295,
      1.085,
      0.3925,
      1.1825,
      0.4925,
      1.2825,
      0.59,
      1.38
    ],
    "SoftwareVersions": "syngo_MR_E11",
    "TotalReadoutTime": 0.0530388,
    "TrueEchoSpacing": 0.00311993,
    "dataset": "ds001511",
    "modality": "bold",
    "run_id": 2,
    "subject_id": "sid000006",
    "task_id": "scrambled"
  },
  "dummy_trs": 0,
  "dvars_nstd": 35.706605234240655,
  "dvars_std": 0.9565863778500983,
  "dvars_vstd": 0.9348888771794879,
  "efc": 0.5525180580343446,
  "fber": 305.30743408203125,
  "fd_mean": 0.2066434788526038,
  "fd_num": 155,
  "fd_perc": 30.511811023622048,
  "fwhm_avg": 2.75771338690172,
  "fwhm_x": 2.64681,
  "fwhm_y": 2.930145,
  "fwhm_z": 2.696185160705159,
  "gcor": 0.0241488,
  "gsr_x": 0.0065290918573737144,
  "gsr_y": 0.03808177262544632,
  "provenance": {
    "md5sum": "5d6b23740a4665277dfd631fbf7706ae",
    "settings": {
      "fd_thres": 0.2,
      "testing": false
    },
    "software": "mriqc",
    "version": "23.0.1",
    "webapi_port": null,
    "webapi_url": "https://mriqc.nimh.nih.gov/api/v1"
  },
  "size_t": 508,
  "size_x": 96,
  "size_y": 96,
  "size_z": 60,
  "snr": 2.31948098324754,
  "spacing_tr": 1.5,
  "spacing_x": 2.0,
  "spacing_y": 2.0,
  "spacing_z": 1.9999998807907104,
  "summary_bg_k": 66.84541111119663,
  "summary_bg_mad": 8.799302759661343,
  "summary_bg_mean": 42.96548843383789,
  "summary_bg_median": 28.692913055419922,
  "summary_bg_n": 343659.0,
  "summary_bg_p05": 20.751968383789062,
  "summary_bg_p95": 108.54960327148429,
  "summary_bg_stdv": 48.91816329956055,
  "summary_fg_k": 6.131320328639836,
  "summary_fg_mad": 162.1756571536419,
  "summary_fg_mean": 547.8587646484375,
  "summary_fg_median": 507.0157470703125,
  "summary_fg_n": 126748.0,
  "summary_fg_p05": 292.7107208251953,
  "summary_fg_p95": 948.3507659912107,
  "summary_fg_stdv": 218.5893096923828,
  "tsnr": 25.512407477013767
}