{
  "aor": 0.008860242424242425,
  "aqi": 0.014676823393939394,
  "bids_meta": {
    "AccelFactPE": 4,
    "AcquisitionNumber": 1,
    "AcquisitionTime": "18:04:58.835000",
    "BandwidthPerPixelPhaseEncode": 13.355,
    "BodyPartExamined": "BRAIN",
    "ConversionSoftware": "dcm2niix",
    "ConversionSoftwareVersion": "v1.0.20170724 GCC4.4.7",
    "DeviceSerialNumber": "66018",
    "EchoTime": 0.039,
    "EchoTrainLength": 72,
    "EffectiveEchoSpacing": 0.000779983,
    "FlipAngle": 50,
    "ImageType": [
      "ORIGINAL",
      "PRIMARY",
      "M",
      "ND",
      "MOSAIC"
    ],
    "InstitutionAddress": "Stadium_1952_Princeton_NJ_US_08544",
    "InstitutionName": "Princeton_University",
    "MagneticFieldStrength": 3,
    "Manufacturer": "Siemens",
    "ManufacturersModelName": "Prisma",
    "PhaseEncodingDirection": "j-",
    "PhaseEncodingLines": 96,
    "ProcedureStepDescription": "Hasson_Baldassano_040518_SchemaScrambled",
    "ProtocolName": "func_task-scrambled_run-04",
    "RepetitionTime": 1.5,
    "ScanningSequence": "EP",
    "SequenceName": "_epfid2d1_96",
    "SequenceVariant": "SK",
    "SeriesDescription": "func_task-scrambled_run-04",
    "SliceTiming": [
      0.6925,
      0,
      0.79,
      0.1,
      0.89,
      0.1975,
      0.9875,
      0.2975,
      1.0875,
      0.395,
      1.185,
      0.495,
      1.285,
      0.5925,
      1.3825,
      0.6925,
      0,
      0.79,
      0.1,
      0.89,
      0.1975,
      0.9875,
      0.2975,
      1.0875,
      0.395,
      1.185,
      0.495,
      1.285,
      0.5925,
      1.3825,
      0.6925,
      0,
      0.79,
      0.1,
      0.89,
      0.1975,
      0.9875,
      0.2975,
      1.0875,
      0.395,
      1.185,
      0.495,
      1.285,
      0.5925,
      1.3825,
      0.6925,
      0,
      0.79,
      0.1,
      0.89,
      0.1975,
      0.9875,
      0.2975,
      1.0875,
      0.395,
      1.185,
      0.495,
      1.285,
      0.5925,
      1.3825
    ],
    "SoftwareVersions": "syngo_MR_E11",
    "TotalReadoutTime": 0.0530388,
    "TrueEchoSpacing": 0.00311993,
    "dataset": "ds001511",
    "modality": "bold",
    "run_id": 4,
    "subject_id": "sid000006",
    "task_id": "scrambled"
  },
  "dummy_trs": 2,
  "dvars_nstd": 49.21687352417005,
  "dvars_std": 1.094458786639676,
  "dvars_vstd": 1.0291312527732792,
  "efc": 0.553494936109421,
  "fber": 299.4342041015625,
  "fd_mean": 0.44191347789345115,
  "fd_num": 252,
  "fd_perc": 50.90909090909091,
  "fwhm_avg": 2.751110053551995,
  "fwhm_x": 2.64122,
  "fwhm_y": 2.91675,
  "fwhm_z": 2.695360160655985,
  "gcor": 0.0208094,
  "gsr_x": 0.005276714917272329,
  "gsr_y": 0.03644004091620445,
  "provenance": {
    "md5sum": "ebe13293ef640751aceca0fca07d59f3",
    "settings": {
      "fd_thres": 0.2,
      "testing": false
    },
    "software": "mriqc",
    "version": "23.0.1",
    "webapi_port": null,
    "webapi_url": "https://mriqc.nimh.nih.gov/api/v1"
  },
  "size_t": 495,
  "size_x": 96,
  "size_y": 96,
  "size_z": 60,
  "snr": 2.3105392937510256,
  "spacing_tr": 1.5,
  "spacing_x": 2.0,
  "spacing_y": 2.0,
  "spacing_z": 1.9999998807907104,
  "summary_bg_k": 66.79029406694659,
  "summary_bg_mad": 8.760830005787959,
  "summary_bg_mean": 43.40700912475586,
  "summary_bg_median": 28.886869430541992,
  "summary_bg_n": 344388.0,
  "summary_bg_p05": 21.268688201904297,
  "summary_bg_p95": 112.56364440917969,
  "summary_bg_stdv": 48.009368896484375,
  "summary_fg_k": 6.2866490251503695,
  "summary_fg_mad": 161.209735111962,
  "summary_fg_mean": 548.2243041992188,
  "summary_fg_median": 506.5495300292969,
  "summary_fg_n": 126170.0,
  "summary_fg_p05": 293.359619140625,
  "summary_fg_p95": 951.5045013427726,
  "summary_fg_stdv": 219.23345947265625,
  "tsnr": 25.806902643525973
}