{
  "aor": 0.00043824351297405185,
  "aqi": 0.005099459560878244,
  "bids_meta": {
    "AccelFactPE": 4,
    "AcquisitionNumber": 1,
    "AcquisitionTime": "21:56:26.395000",
    "BandwidthPerPixelPhaseEncode": 13.355,
    "BodyPartExamined": "BRAIN",
    "ConversionSoftware": "dcm2niix",
    "ConversionSoftwareVersion": "v1.0.20170724 GCC4.4.7",
    "DeviceSerialNumber": "66018",
    "EchoTime": 0.039,
    "EchoTrainLength": 72,
    "EffectiveEchoSpacing": 0.000779983,
    "FlipAngle": 50,
    "ImageType": [
      "ORIGINAL",
      "PRIMARY",
      "M",
      "ND",
      "MOSAIC"
    ],
    "InstitutionAddress": "Stadium_1952_Princeton_NJ_US_08544",
    "InstitutionName": "Princeton_University",
    "MagneticFieldStrength": 3,
    "Manufacturer": "Siemens",
    "ManufacturersModelName": "Prisma",
    "PhaseEncodingDirection": "j-",
    "PhaseEncodingLines": 96,
    "ProcedureStepDescription": "Hasson_Baldassano_040518_SchemaScrambled",
    "ProtocolName": "func_task-scrambled_run-03",
    "RepetitionTime": 1.5,
    "ScanningSequence": "EP",
    "SequenceName": "_epfid2d1_96",
    "SequenceVariant": "SK",
    "SeriesDescription": "func_task-scrambled_run-03",
    "SliceTiming": [
      0.6925,
      0,
      0.79,
      0.1,
      0.89,
      0.1975,
      0.9875,
      0.2975,
      1.0875,
      0.395,
      1.185,
      0.495,
      1.2825,
      0.5925,
      1.3825,
      0.6925,
      0,
      0.79,
      0.1,
      0.89,
      0.1975,
      0.9875,
      0.2975,
      1.0875,
      0.395,
      1.185,
      0.495,
      1.2825,
      0.5925,
      1.3825,
      0.6925,
      0,
      0.79,
      0.1,
      0.89,
      0.1975,
      0.9875,
      0.2975,
      1.0875,
      0.395,
      1.185,
      0.495,
      1.2825,
      0.5925,
      1.3825,
      0.6925,
      0,
      0.79,
      0.1,
      0.89,
      0.1975,
      0.9875,
      0.2975,
      1.0875,
      0.395,
      1.185,
      0.495,
      1.2825,
      0.5925,
      1.3825
    ],
    "SoftwareVersions": "syngo_MR_E11",
    "TotalReadoutTime": 0.0530388,
    "TrueEchoSpacing": 0.00311993,
    "dataset": "ds001511",
    "modality": "bold",
    "run_id": 3,
    "subject_id": "sid000009",
    "task_id": "scrambled"
  },
  "dummy_trs": 0,
  "dvars_nstd": 34.218591239879984,
  "dvars_std": 1.0753723276799998,
  "dvars_vstd": 0.9972687872799992,
  "efc": 0.5516754063438215,
  "fber": 288.2838134765625,
  "fd_mean": 0.16013922986865214,
  "fd_num": 137,
  "fd_perc": 27.345309381237524,
  "fwhm_avg": 2.88621,
  "fwhm_x": 2.749315,
  "fwhm_y": 2.997955,
  "fwhm_z": 2.91136,
  "gcor": 0.0156424,
  "gsr_x": 0.0038491664454340935,
  "gsr_y": 0.0432908795773983,
  "provenance": {
    "md5sum": "6efa36794b589aaded2a8dac638f803f",
    "settings": {
      "fd_thres": 0.2,
      "testing": false
    },
    "software": "mriqc",
    "version": "23.0.1",
    "webapi_port": null,
    "webapi_url": "https://mriqc.nimh.nih.gov/api/v1"
  },
  "size_t": 501,
  "size_x": 96,
  "size_y": 96,
  "size_z": 60,
  "snr": 2.060254870538791,
  "spacing_tr": 1.5,
  "spacing_x": 2.0,
  "spacing_y": 2.0,
  "spacing_z": 2.0,
  "summary_bg_k": 63.52002297991763,
  "summary_bg_mad": 9.105721772098839,
  "summary_bg_mean": 47.66591262817383,
  "summary_bg_median": 29.800399780273438,
  "summary_bg_n": 342587.0,
  "summary_bg_p05": 22.17165756225586,
  "summary_bg_p95": 134.4704544067383,
  "summary_bg_stdv": 57.90869140625,
  "summary_fg_k": 6.088855453990929,
  "summary_fg_mad": 197.96737050704724,
  "summary_fg_mean": 566.4203491210938,
  "summary_fg_median": 517.531982421875,
  "summary_fg_n": 129310.0,
  "summary_fg_p05": 274.73034515380857,
  "summary_fg_p95": 1026.4821350097652,
  "summary_fg_stdv": 251.1970672607422,
  "tsnr": 41.50458553340286
}