{
  "aor": 0.0004009271523178808,
  "aqi": 0.005790789646799117,
  "bids_meta": {
    "AccelFactPE": 4,
    "AcquisitionNumber": 1,
    "AcquisitionTime": "22:22:58.385000",
    "BandwidthPerPixelPhaseEncode": 13.355,
    "BodyPartExamined": "BRAIN",
    "ConversionSoftware": "dcm2niix",
    "ConversionSoftwareVersion": "v1.0.20170724 GCC4.4.7",
    "DeviceSerialNumber": "66018",
    "EchoTime": 0.039,
    "EchoTrainLength": 72,
    "EffectiveEchoSpacing": 0.000779983,
    "FlipAngle": 50,
    "ImageType": [
      "ORIGINAL",
      "PRIMARY",
      "M",
      "ND",
      "MOSAIC"
    ],
    "InstitutionAddress": "Stadium_1952_Princeton_NJ_US_08544",
    "InstitutionName": "Princeton_University",
    "MagneticFieldStrength": 3,
    "Manufacturer": "Siemens",
    "ManufacturersModelName": "Prisma",
    "PhaseEncodingDirection": "j-",
    "PhaseEncodingLines": 96,
    "ProcedureStepDescription": "Hasson_Baldassano_040518_SchemaScrambled",
    "ProtocolName": "func_task-CMIYC",
    "RepetitionTime": 1.5,
    "ScanningSequence": "EP",
    "SequenceName": "_epfid2d1_96",
    "SequenceVariant": "SK",
    "SeriesDescription": "func_task-CMIYC",
    "SliceTiming": [
      0.69,
      0,
      0.79,
      0.0975,
      0.8875,
      0.1975,
      0.9875,
      0.295,
      1.085,
      0.395,
      1.185,
      0.4925,
      1.2825,
      0.5925,
      1.38,
      0.69,
      0,
      0.79,
      0.0975,
      0.8875,
      0.1975,
      0.9875,
      0.295,
      1.085,
      0.395,
      1.185,
      0.4925,
      1.2825,
      0.5925,
      1.38,
      0.69,
      0,
      0.79,
      0.0975,
      0.8875,
      0.1975,
      0.9875,
      0.295,
      1.085,
      0.395,
      1.185,
      0.4925,
      1.2825,
      0.5925,
      1.38,
      0.69,
      0,
      0.79,
      0.0975,
      0.8875,
      0.1975,
      0.9875,
      0.295,
      1.085,
      0.395,
      1.185,
      0.4925,
      1.2825,
      0.5925,
      1.38
    ],
    "SoftwareVersions": "syngo_MR_E11",
    "TotalReadoutTime": 0.0530388,
    "TrueEchoSpacing": 0.00311993,
    "dataset": "ds001511",
    "modality": "bold",
    "subject_id": "sid000009",
    "task_id": "CMIYC"
  },
  "dummy_trs": 0,
  "dvars_nstd": 34.17139623429203,
  "dvars_std": 1.045274335663716,
  "dvars_vstd": 0.9792954654646019,
  "efc": 0.5528394962094143,
  "fber": 283.8558349609375,
  "fd_mean": 0.16588215224421812,
  "fd_num": 160,
  "fd_perc": 35.32008830022075,
  "fwhm_avg": 2.90634,
  "fwhm_x": 2.77118,
  "fwhm_y": 3.01074,
  "fwhm_z": 2.9371,
  "gcor": 0.0106442,
  "gsr_x": 0.004539281129837036,
  "gsr_y": 0.04237765073776245,
  "provenance": {
    "md5sum": "c656466158e2d313c70a4157b933519a",
    "settings": {
      "fd_thres": 0.2,
      "testing": false
    },
    "software": "mriqc",
    "version": "23.0.1",
    "webapi_port": null,
    "webapi_url": "https://mriqc.nimh.nih.gov/api/v1"
  },
  "size_t": 453,
  "size_x": 96,
  "size_y": 96,
  "size_z": 60,
  "snr": 2.0522297648395695,
  "spacing_tr": 1.5,
  "spacing_x": 2.0,
  "spacing_y": 2.0,
  "spacing_z": 2.0,
  "summary_bg_k": 59.40727592376082,
  "summary_bg_mad": 9.373450287035737,
  "summary_bg_mean": 48.08045196533203,
  "summary_bg_median": 29.980133056640625,
  "summary_bg_n": 342337.0,
  "summary_bg_p05": 22.08167839050293,
  "summary_bg_p95": 137.17924499511722,
  "summary_bg_stdv": 57.667396545410156,
  "summary_fg_k": 6.113616618767233,
  "summary_fg_mad": 198.53943108900754,
  "summary_fg_mean": 565.701171875,
  "summary_fg_median": 516.4139404296875,
  "summary_fg_n": 129646.0,
  "summary_fg_p05": 273.10816955566406,
  "summary_fg_p95": 1026.3388366699219,
  "summary_fg_stdv": 251.6345672607422,
  "tsnr": 39.2084847074002
}