{
  "aor": 0.0004446887159533075,
  "aqi": 0.006141247879377432,
  "bids_meta": {
    "AccelFactPE": 4,
    "AcquisitionNumber": 1,
    "AcquisitionTime": "22:09:28.215000",
    "BandwidthPerPixelPhaseEncode": 13.355,
    "BodyPartExamined": "BRAIN",
    "ConversionSoftware": "dcm2niix",
    "ConversionSoftwareVersion": "v1.0.20170724 GCC4.4.7",
    "DeviceSerialNumber": "66018",
    "EchoTime": 0.039,
    "EchoTrainLength": 72,
    "EffectiveEchoSpacing": 0.000779983,
    "FlipAngle": 50,
    "ImageType": [
      "ORIGINAL",
      "PRIMARY",
      "M",
      "ND",
      "MOSAIC"
    ],
    "InstitutionAddress": "Stadium_1952_Princeton_NJ_US_08544",
    "InstitutionName": "Princeton_University",
    "MagneticFieldStrength": 3,
    "Manufacturer": "Siemens",
    "ManufacturersModelName": "Prisma",
    "PhaseEncodingDirection": "j-",
    "PhaseEncodingLines": 96,
    "ProcedureStepDescription": "Hasson_Baldassano_040518_SchemaScrambled",
    "ProtocolName": "func_task-scrambled_run-04",
    "RepetitionTime": 1.5,
    "ScanningSequence": "EP",
    "SequenceName": "_epfid2d1_96",
    "SequenceVariant": "SK",
    "SeriesDescription": "func_task-scrambled_run-04",
    "SliceTiming": [
      0.69,
      0,
      0.79,
      0.0975,
      0.8875,
      0.1975,
      0.9875,
      0.295,
      1.085,
      0.395,
      1.185,
      0.4925,
      1.2825,
      0.5925,
      1.3825,
      0.69,
      0,
      0.79,
      0.0975,
      0.8875,
      0.1975,
      0.9875,
      0.295,
      1.085,
      0.395,
      1.185,
      0.4925,
      1.2825,
      0.5925,
      1.3825,
      0.69,
      0,
      0.79,
      0.0975,
      0.8875,
      0.1975,
      0.9875,
      0.295,
      1.085,
      0.395,
      1.185,
      0.4925,
      1.2825,
      0.5925,
      1.3825,
      0.69,
      0,
      0.79,
      0.0975,
      0.8875,
      0.1975,
      0.9875,
      0.295,
      1.085,
      0.395,
      1.185,
      0.4925,
      1.2825,
      0.5925,
      1.3825
    ],
    "SoftwareVersions": "syngo_MR_E11",
    "TotalReadoutTime": 0.0530388,
    "TrueEchoSpacing": 0.00311993,
    "dataset": "ds001511",
    "modality": "bold",
    "run_id": 4,
    "subject_id": "sid000009",
    "task_id": "scrambled"
  },
  "dummy_trs": 0,
  "dvars_nstd": 34.576785892690076,
  "dvars_std": 1.0612376931384015,
  "dvars_vstd": 0.9867770284210522,
  "efc": 0.5527327805229899,
  "fber": 285.44989013671875,
  "fd_mean": 0.16206624946981849,
  "fd_num": 157,
  "fd_perc": 30.544747081712064,
  "fwhm_avg": 2.896355,
  "fwhm_x": 2.765155,
  "fwhm_y": 2.99987,
  "fwhm_z": 2.92404,
  "gcor": 0.0118292,
  "gsr_x": 0.00501398928463459,
  "gsr_y": 0.04219884052872658,
  "provenance": {
    "md5sum": "9f657c9e8ffaa5adf130ba429d93e18f",
    "settings": {
      "fd_thres": 0.2,
      "testing": false
    },
    "software": "mriqc",
    "version": "23.0.1",
    "webapi_port": null,
    "webapi_url": "https://mriqc.nimh.nih.gov/api/v1"
  },
  "size_t": 514,
  "size_x": 96,
  "size_y": 96,
  "size_z": 60,
  "snr": 2.064499662733422,
  "spacing_tr": 1.5,
  "spacing_x": 2.0,
  "spacing_y": 2.0,
  "spacing_z": 2.0,
  "summary_bg_k": 59.01108574353501,
  "summary_bg_mad": 9.403275508285468,
  "summary_bg_mean": 48.33167266845703,
  "summary_bg_median": 29.988327026367188,
  "summary_bg_n": 343016.0,
  "summary_bg_p05": 21.875486373901367,
  "summary_bg_p95": 138.28988647460938,
  "summary_bg_stdv": 58.89720153808594,
  "summary_fg_k": 5.937376003718871,
  "summary_fg_mad": 197.99666692234516,
  "summary_fg_mean": 565.7200927734375,
  "summary_fg_median": 516.8949584960938,
  "summary_fg_n": 129335.0,
  "summary_fg_p05": 274.5482513427735,
  "summary_fg_p95": 1026.2886718749992,
  "summary_fg_stdv": 250.3720245361328,
  "tsnr": 38.03385500796139
}