{
  "aor": 0.0009581854043392504,
  "aqi": 0.00861130431952663,
  "bids_meta": {
    "AccelFactPE": 4,
    "AcquisitionNumber": 1,
    "AcquisitionTime": "16:32:42.682500",
    "BandwidthPerPixelPhaseEncode": 13.355,
    "BodyPartExamined": "BRAIN",
    "ConversionSoftware": "dcm2niix",
    "ConversionSoftwareVersion": "v1.0.20170724 GCC4.4.7",
    "DeviceSerialNumber": "66018",
    "EchoTime": 0.039,
    "EchoTrainLength": 72,
    "EffectiveEchoSpacing": 0.000779983,
    "FlipAngle": 50,
    "ImageType": [
      "ORIGINAL",
      "PRIMARY",
      "M",
      "ND",
      "MOSAIC"
    ],
    "InstitutionAddress": "Stadium_1952_Princeton_NJ_US_08544",
    "InstitutionName": "Princeton_University",
    "MagneticFieldStrength": 3,
    "Manufacturer": "Siemens",
    "ManufacturersModelName": "Prisma",
    "PhaseEncodingDirection": "j-",
    "PhaseEncodingLines": 96,
    "ProcedureStepDescription": "Hasson_Baldassano_040518_SchemaScrambled",
    "ProtocolName": "func_task-scrambled_run-02",
    "RepetitionTime": 1.5,
    "ScanningSequence": "EP",
    "SequenceName": "_epfid2d1_96",
    "SequenceVariant": "SK",
    "SeriesDescription": "func_task-scrambled_run-02",
    "SliceTiming": [
      0.69,
      0,
      0.7875,
      0.0975,
      0.8875,
      0.1975,
      0.985,
      0.295,
      1.085,
      0.395,
      1.1825,
      0.4925,
      1.2825,
      0.59,
      1.38,
      0.69,
      0,
      0.7875,
      0.0975,
      0.8875,
      0.1975,
      0.985,
      0.295,
      1.085,
      0.395,
      1.1825,
      0.4925,
      1.2825,
      0.59,
      1.38,
      0.69,
      0,
      0.7875,
      0.0975,
      0.8875,
      0.1975,
      0.985,
      0.295,
      1.085,
      0.395,
      1.1825,
      0.4925,
      1.2825,
      0.59,
      1.38,
      0.69,
      0,
      0.7875,
      0.0975,
      0.8875,
      0.1975,
      0.985,
      0.295,
      1.085,
      0.395,
      1.1825,
      0.4925,
      1.2825,
      0.59,
      1.38
    ],
    "SoftwareVersions": "syngo_MR_E11",
    "TotalReadoutTime": 0.0530388,
    "TrueEchoSpacing": 0.00311993,
    "dataset": "ds001511",
    "modality": "bold",
    "run_id": 2,
    "subject_id": "sid000010",
    "task_id": "scrambled"
  },
  "dummy_trs": 0,
  "dvars_nstd": 38.24951010916996,
  "dvars_std": 1.0821648474308303,
  "dvars_vstd": 0.9772995480039528,
  "efc": 0.5627754267975461,
  "fber": 276.30401611328125,
  "fd_mean": 0.20153855701292978,
  "fd_num": 239,
  "fd_perc": 47.14003944773175,
  "fwhm_avg": 2.943056666666667,
  "fwhm_x": 2.735895,
  "fwhm_y": 3.084715,
  "fwhm_z": 3.00856,
  "gcor": 0.0164432,
  "gsr_x": 0.0021120531018823385,
  "gsr_y": 0.05975590646266937,
  "provenance": {
    "md5sum": "7826449d2e15cbb1a4ad40f25ff6b5f7",
    "settings": {
      "fd_thres": 0.2,
      "testing": false
    },
    "software": "mriqc",
    "version": "23.0.1",
    "webapi_port": null,
    "webapi_url": "https://mriqc.nimh.nih.gov/api/v1"
  },
  "size_t": 507,
  "size_x": 96,
  "size_y": 96,
  "size_z": 60,
  "snr": 1.8196705015792156,
  "spacing_tr": 1.5,
  "spacing_x": 2.0,
  "spacing_y": 2.0,
  "spacing_z": 2.0,
  "summary_bg_k": 84.22284627619018,
  "summary_bg_mad": 10.632627749144266,
  "summary_bg_mean": 49.892398834228516,
  "summary_bg_median": 30.315582275390625,
  "summary_bg_n": 318555.0,
  "summary_bg_p05": 20.820512771606445,
  "summary_bg_p95": 134.8710083007812,
  "summary_bg_stdv": 73.47584533691406,
  "summary_fg_k": 6.447566283455291,
  "summary_fg_mad": 207.94009650160575,
  "summary_fg_mean": 579.2587890625,
  "summary_fg_median": 512.9181518554688,
  "summary_fg_n": 146542.0,
  "summary_fg_p05": 278.60403900146486,
  "summary_fg_p95": 1104.2438354492185,
  "summary_fg_stdv": 281.87322998046875,
  "tsnr": 33.18239641143009
}