{
  "aor": 0.0007998602794411177,
  "aqi": 0.007517888403193612,
  "bids_meta": {
    "AccelFactPE": 4,
    "AcquisitionNumber": 1,
    "AcquisitionTime": "16:58:53.627500",
    "BandwidthPerPixelPhaseEncode": 13.355,
    "BodyPartExamined": "BRAIN",
    "ConversionSoftware": "dcm2niix",
    "ConversionSoftwareVersion": "v1.0.20170724 GCC4.4.7",
    "DeviceSerialNumber": "66018",
    "EchoTime": 0.039,
    "EchoTrainLength": 72,
    "EffectiveEchoSpacing": 0.000779983,
    "FlipAngle": 50,
    "ImageType": [
      "ORIGINAL",
      "PRIMARY",
      "M",
      "ND",
      "MOSAIC"
    ],
    "InstitutionAddress": "Stadium_1952_Princeton_NJ_US_08544",
    "InstitutionName": "Princeton_University",
    "MagneticFieldStrength": 3,
    "Manufacturer": "Siemens",
    "ManufacturersModelName": "Prisma",
    "PhaseEncodingDirection": "j-",
    "PhaseEncodingLines": 96,
    "ProcedureStepDescription": "Hasson_Baldassano_040518_SchemaScrambled",
    "ProtocolName": "func_task-scrambled_run-04",
    "RepetitionTime": 1.5,
    "ScanningSequence": "EP",
    "SequenceName": "_epfid2d1_96",
    "SequenceVariant": "SK",
    "SeriesDescription": "func_task-scrambled_run-04",
    "SliceTiming": [
      0.69,
      0,
      0.7875,
      0.0975,
      0.8875,
      0.1975,
      0.985,
      0.295,
      1.085,
      0.3925,
      1.1825,
      0.4925,
      1.2825,
      0.59,
      1.38,
      0.69,
      0,
      0.7875,
      0.0975,
      0.8875,
      0.1975,
      0.985,
      0.295,
      1.085,
      0.3925,
      1.1825,
      0.4925,
      1.2825,
      0.59,
      1.38,
      0.69,
      0,
      0.7875,
      0.0975,
      0.8875,
      0.1975,
      0.985,
      0.295,
      1.085,
      0.3925,
      1.1825,
      0.4925,
      1.2825,
      0.59,
      1.38,
      0.69,
      0,
      0.7875,
      0.0975,
      0.8875,
      0.1975,
      0.985,
      0.295,
      1.085,
      0.3925,
      1.1825,
      0.4925,
      1.2825,
      0.59,
      1.38
    ],
    "SoftwareVersions": "syngo_MR_E11",
    "TotalReadoutTime": 0.0530388,
    "TrueEchoSpacing": 0.00311993,
    "dataset": "ds001511",
    "modality": "bold",
    "run_id": 4,
    "subject_id": "sid000010",
    "task_id": "scrambled"
  },
  "dummy_trs": 0,
  "dvars_nstd": 37.69775119018002,
  "dvars_std": 1.1000822749599999,
  "dvars_vstd": 0.9952622629199995,
  "efc": 0.564165561244155,
  "fber": 267.69677734375,
  "fd_mean": 0.1948906687884228,
  "fd_num": 224,
  "fd_perc": 44.71057884231537,
  "fwhm_avg": 2.938055,
  "fwhm_x": 2.724985,
  "fwhm_y": 3.087475,
  "fwhm_z": 3.001705,
  "gcor": 0.027169,
  "gsr_x": 0.0007106287521310151,
  "gsr_y": 0.05907297134399414,
  "provenance": {
    "md5sum": "3e7d949c92f661c53eefaabcebe3450e",
    "settings": {
      "fd_thres": 0.2,
      "testing": false
    },
    "software": "mriqc",
    "version": "23.0.1",
    "webapi_port": null,
    "webapi_url": "https://mriqc.nimh.nih.gov/api/v1"
  },
  "size_t": 501,
  "size_x": 96,
  "size_y": 96,
  "size_z": 60,
  "snr": 1.7999196163552702,
  "spacing_tr": 1.5,
  "spacing_x": 2.0,
  "spacing_y": 2.0,
  "spacing_z": 2.0,
  "summary_bg_k": 78.18905767887462,
  "summary_bg_mad": 10.863537796206746,
  "summary_bg_mean": 51.0493278503418,
  "summary_bg_median": 30.780439376831055,
  "summary_bg_n": 318066.0,
  "summary_bg_p05": 20.700599670410156,
  "summary_bg_p95": 141.33882522583008,
  "summary_bg_stdv": 75.0982894897461,
  "summary_fg_k": 6.609499878432413,
  "summary_fg_mad": 209.12686148238862,
  "summary_fg_mean": 580.8939208984375,
  "summary_fg_median": 513.6806640625,
  "summary_fg_n": 147341.0,
  "summary_fg_p05": 277.6806335449219,
  "summary_fg_p95": 1116.7305908203125,
  "summary_fg_stdv": 285.3899230957031,
  "tsnr": 35.76084835175425
}