{
  "aor": 0.0007032475247524752,
  "aqi": 0.009586823207920791,
  "bids_meta": {
    "AccelFactPE": 4,
    "AcquisitionNumber": 1,
    "AcquisitionTime": "16:45:47.775000",
    "BandwidthPerPixelPhaseEncode": 13.355,
    "BodyPartExamined": "BRAIN",
    "ConversionSoftware": "dcm2niix",
    "ConversionSoftwareVersion": "v1.0.20170724 GCC4.4.7",
    "DeviceSerialNumber": "66018",
    "EchoTime": 0.039,
    "EchoTrainLength": 72,
    "EffectiveEchoSpacing": 0.000779983,
    "FlipAngle": 50,
    "ImageType": [
      "ORIGINAL",
      "PRIMARY",
      "M",
      "ND",
      "MOSAIC"
    ],
    "InstitutionAddress": "Stadium_1952_Princeton_NJ_US_08544",
    "InstitutionName": "Princeton_University",
    "MagneticFieldStrength": 3,
    "Manufacturer": "Siemens",
    "ManufacturersModelName": "Prisma",
    "PhaseEncodingDirection": "j-",
    "PhaseEncodingLines": 96,
    "ProcedureStepDescription": "Hasson_Baldassano_040518_SchemaScrambled",
    "ProtocolName": "func_task-scrambled_run-03",
    "RepetitionTime": 1.5,
    "ScanningSequence": "EP",
    "SequenceName": "_epfid2d1_96",
    "SequenceVariant": "SK",
    "SeriesDescription": "func_task-scrambled_run-03",
    "SliceTiming": [
      0.69,
      0,
      0.7875,
      0.0975,
      0.8875,
      0.195,
      0.985,
      0.295,
      1.085,
      0.3925,
      1.1825,
      0.4925,
      1.2825,
      0.59,
      1.38,
      0.69,
      0,
      0.7875,
      0.0975,
      0.8875,
      0.195,
      0.985,
      0.295,
      1.085,
      0.3925,
      1.1825,
      0.4925,
      1.2825,
      0.59,
      1.38,
      0.69,
      0,
      0.7875,
      0.0975,
      0.8875,
      0.195,
      0.985,
      0.295,
      1.085,
      0.3925,
      1.1825,
      0.4925,
      1.2825,
      0.59,
      1.38,
      0.69,
      0,
      0.7875,
      0.0975,
      0.8875,
      0.195,
      0.985,
      0.295,
      1.085,
      0.3925,
      1.1825,
      0.4925,
      1.2825,
      0.59,
      1.38
    ],
    "SoftwareVersions": "syngo_MR_E11",
    "TotalReadoutTime": 0.0530388,
    "TrueEchoSpacing": 0.00311993,
    "dataset": "ds001511",
    "modality": "bold",
    "run_id": 3,
    "subject_id": "sid000010",
    "task_id": "scrambled"
  },
  "dummy_trs": 0,
  "dvars_nstd": 37.85695317813491,
  "dvars_std": 1.0709008803769846,
  "dvars_vstd": 0.9734060441468255,
  "efc": 0.5639941904512976,
  "fber": 271.855224609375,
  "fd_mean": 0.2125210115322601,
  "fd_num": 282,
  "fd_perc": 55.84158415841584,
  "fwhm_avg": 2.9409333333333336,
  "fwhm_x": 2.73203,
  "fwhm_y": 3.07966,
  "fwhm_z": 3.01111,
  "gcor": 0.0176216,
  "gsr_x": 0.00079728924902156,
  "gsr_y": 0.059076860547065735,
  "provenance": {
    "md5sum": "0939a1f375b24f7da0961bdabb2bbcb4",
    "settings": {
      "fd_thres": 0.2,
      "testing": false
    },
    "software": "mriqc",
    "version": "23.0.1",
    "webapi_port": null,
    "webapi_url": "https://mriqc.nimh.nih.gov/api/v1"
  },
  "size_t": 505,
  "size_x": 96,
  "size_y": 96,
  "size_z": 60,
  "snr": 1.817604682749849,
  "spacing_tr": 1.5,
  "spacing_x": 2.0,
  "spacing_y": 2.0,
  "spacing_z": 2.0,
  "summary_bg_k": 82.68112570294184,
  "summary_bg_mad": 10.413444751718899,
  "summary_bg_mean": 50.42120361328125,
  "summary_bg_median": 30.46930694580078,
  "summary_bg_n": 318421.0,
  "summary_bg_p05": 21.28316879272461,
  "summary_bg_p95": 136.6336669921875,
  "summary_bg_stdv": 74.10374450683594,
  "summary_fg_k": 6.567783623974133,
  "summary_fg_mad": 207.85498984959742,
  "summary_fg_mean": 579.2855224609375,
  "summary_fg_median": 512.7455444335938,
  "summary_fg_n": 146630.0,
  "summary_fg_p05": 278.68653869628906,
  "summary_fg_p95": 1107.123876953125,
  "summary_fg_stdv": 282.0986328125,
  "tsnr": 31.16392031405121
}