{
  "aor": 0.0026548686868686873,
  "aqi": 0.0189441301010101,
  "bids_meta": {
    "AccelFactPE": 4,
    "AcquisitionNumber": 1,
    "AcquisitionTime": "18:39:37.945000",
    "BandwidthPerPixelPhaseEncode": 13.355,
    "BodyPartExamined": "BRAIN",
    "ConversionSoftware": "dcm2niix",
    "ConversionSoftwareVersion": "v1.0.20170724 GCC4.4.7",
    "DeviceSerialNumber": "66018",
    "EchoTime": 0.039,
    "EchoTrainLength": 72,
    "EffectiveEchoSpacing": 0.000779983,
    "FlipAngle": 50,
    "ImageType": [
      "ORIGINAL",
      "PRIMARY",
      "M",
      "ND",
      "MOSAIC"
    ],
    "InstitutionAddress": "Stadium_1952_Princeton_NJ_US_08544",
    "InstitutionName": "Princeton_University",
    "MagneticFieldStrength": 3,
    "Manufacturer": "Siemens",
    "ManufacturersModelName": "Prisma",
    "PhaseEncodingDirection": "j-",
    "PhaseEncodingLines": 96,
    "ProcedureStepDescription": "Hasson_Baldassano_040518_SchemaScrambled",
    "ProtocolName": "func_task-scrambled_run-02",
    "RepetitionTime": 1.5,
    "ScanningSequence": "EP",
    "SequenceName": "_epfid2d1_96",
    "SequenceVariant": "SK",
    "SeriesDescription": "func_task-scrambled_run-02",
    "SliceTiming": [
      0.6925,
      0,
      0.79,
      0.1,
      0.89,
      0.1975,
      0.9875,
      0.2975,
      1.085,
      0.395,
      1.185,
      0.495,
      1.2825,
      0.5925,
      1.3825,
      0.6925,
      0,
      0.79,
      0.1,
      0.89,
      0.1975,
      0.9875,
      0.2975,
      1.085,
      0.395,
      1.185,
      0.495,
      1.2825,
      0.5925,
      1.3825,
      0.6925,
      0,
      0.79,
      0.1,
      0.89,
      0.1975,
      0.9875,
      0.2975,
      1.085,
      0.395,
      1.185,
      0.495,
      1.2825,
      0.5925,
      1.3825,
      0.6925,
      0,
      0.79,
      0.1,
      0.89,
      0.1975,
      0.9875,
      0.2975,
      1.085,
      0.395,
      1.185,
      0.495,
      1.2825,
      0.5925,
      1.3825
    ],
    "SoftwareVersions": "syngo_MR_E11",
    "TotalReadoutTime": 0.0530388,
    "TrueEchoSpacing": 0.00311993,
    "dataset": "ds001511",
    "modality": "bold",
    "run_id": 2,
    "subject_id": "sid000007",
    "task_id": "scrambled"
  },
  "dummy_trs": 0,
  "dvars_nstd": 54.03627566309718,
  "dvars_std": 0.9945539326720649,
  "dvars_vstd": 0.9447013364372475,
  "efc": 0.6225941127728126,
  "fber": 175.2461700439453,
  "fd_mean": 0.32177670008989184,
  "fd_num": 257,
  "fd_perc": 51.91919191919192,
  "fwhm_avg": 2.7336916666666666,
  "fwhm_x": 2.43885,
  "fwhm_y": 2.989465,
  "fwhm_z": 2.77276,
  "gcor": 0.0431678,
  "gsr_x": 0.0027206498198211193,
  "gsr_y": 0.06799929589033127,
  "provenance": {
    "md5sum": "3c69ea8b48e6a91c5d55e12e03804cf9",
    "settings": {
      "fd_thres": 0.2,
      "testing": false
    },
    "software": "mriqc",
    "version": "23.0.1",
    "webapi_port": null,
    "webapi_url": "https://mriqc.nimh.nih.gov/api/v1"
  },
  "size_t": 495,
  "size_x": 96,
  "size_y": 96,
  "size_z": 60,
  "snr": 2.2848553659187516,
  "spacing_tr": 1.5,
  "spacing_x": 2.0,
  "spacing_y": 2.0,
  "spacing_z": 2.0,
  "summary_bg_k": 101.5392849518903,
  "summary_bg_mad": 11.312708965078075,
  "summary_bg_mean": 52.32176971435547,
  "summary_bg_median": 32.09696960449219,
  "summary_bg_n": 299370.0,
  "summary_bg_p05": 22.42828369140625,
  "summary_bg_p95": 142.63899612426744,
  "summary_bg_stdv": 67.20552062988281,
  "summary_fg_k": 6.525795267743915,
  "summary_fg_mad": 159.7317026817886,
  "summary_fg_mean": 465.43084716796875,
  "summary_fg_median": 437.0222473144531,
  "summary_fg_n": 163859.0,
  "summary_fg_p05": 217.47374572753904,
  "summary_fg_p95": 796.6830688476564,
  "summary_fg_stdv": 191.26852416992188,
  "tsnr": 22.046555331267882
}