{
  "bids_meta": {
    "AccelFactPE": 2,
    "AcquisitionNumber": 1,
    "AcquisitionTime": "17:14:25.927500",
    "BodyPartExamined": "BRAIN",
    "ConversionSoftware": "dcm2niix",
    "ConversionSoftwareVersion": "v1.0.20170724 GCC4.4.7",
    "DeviceSerialNumber": "66018",
    "EchoTime": 0.0033,
    "FlipAngle": 7,
    "ImageType": [
      "ORIGINAL",
      "PRIMARY",
      "M",
      "ND",
      "NORM"
    ],
    "InstitutionAddress": "Stadium_1952_Princeton_NJ_US_08544",
    "InstitutionName": "Princeton_University",
    "InversionTime": 1.1,
    "MagneticFieldStrength": 3,
    "Manufacturer": "Siemens",
    "ManufacturersModelName": "Prisma",
    "PhaseEncodingDirection": "i-",
    "PhaseEncodingLines": 256,
    "ProcedureStepDescription": "Hasson_Baldassano_040518_SchemaScrambled",
    "ProtocolName": "anat-T1w",
    "RepetitionTime": 2.53,
    "ScanningSequence": "GR_IR",
    "SequenceName": "_tfl3d1_16ns",
    "SequenceVariant": "SK_SP_MP",
    "SeriesDescription": "anat-T1w",
    "SoftwareVersions": "syngo_MR_E11",
    "dataset": "ds001511",
    "modality": "T1w",
    "subject_id": "sid000006"
  },
  "cjv": 0.3393368026153212,
  "cnr": 3.964784573406848,
  "efc": 0.5041202326166087,
  "fber": 23175.304931640625,
  "fwhm_avg": 3.97848,
  "fwhm_x": 4.00571,
  "fwhm_y": 4.15951,
  "fwhm_z": 3.77022,
  "icvs_csf": 0.2409646065667244,
  "icvs_gm": 0.43489542389893276,
  "icvs_wm": 0.3241399695343428,
  "inu_med": 0.5822555720806122,
  "inu_range": 0.23537810146808624,
  "provenance": {
    "md5sum": "4675742d091891e74c085160d770ecfd",
    "settings": {
      "testing": false
    },
    "software": "mriqc",
    "version": "23.0.1",
    "warnings": {
      "large_rot_frame": true,
      "small_air_mask": false
    },
    "webapi_port": null,
    "webapi_url": "https://mriqc.nimh.nih.gov/api/v1"
  },
  "qi_1": 0.0,
  "qi_2": 0.0006914767320697593,
  "rpve_csf": 25.369754127011518,
  "rpve_gm": 14.017970822770337,
  "rpve_wm": 21.000531084951618,
  "size_x": 176,
  "size_y": 256,
  "size_z": 256,
  "snr_csf": 1.543504625796164,
  "snr_gm": 9.73481258873402,
  "snr_total": 11.145547588702788,
  "snr_wm": 22.158325551578177,
  "snrd_csf": 12.491668927108512,
  "snrd_gm": 56.61904377612497,
  "snrd_total": 51.13535716032592,
  "snrd_wm": 84.29535877774428,
  "spacing_x": 1.0,
  "spacing_y": 1.0,
  "spacing_z": 1.0,
  "summary_bg_k": 42.561288748122635,
  "summary_bg_mad": 0.0,
  "summary_bg_mean": 3.949814655946688,
  "summary_bg_median": 0.0,
  "summary_bg_n": 4009991.0,
  "summary_bg_p05": 0.0,
  "summary_bg_p95": 17.0695348829031,
  "summary_bg_stdv": 7.771915394588314,
  "summary_csf_k": 2.2561748486510735,
  "summary_csf_mad": 79.86542759856233,
  "summary_csf_mean": 169.2044762978694,
  "summary_csf_median": 148.18928400054574,
  "summary_csf_n": 58985.0,
  "summary_csf_p05": 52.93309533037245,
  "summary_csf_p95": 361.9618254844098,
  "summary_csf_stdv": 96.00750484180193,
  "summary_gm_k": 0.0375825587022498,
  "summary_gm_mad": 68.42512760614754,
  "summary_gm_mean": 672.525842244994,
  "summary_gm_median": 671.6745061799884,
  "summary_gm_n": 36983.0,
  "summary_gm_p05": 559.4656972493976,
  "summary_gm_p95": 787.2679934315385,
  "summary_gm_stdv": 68.99623584342157,
  "summary_wm_k": 0.48802256301592317,
  "summary_wm_mad": 42.98779391089193,
  "summary_wm_mean": 998.68338243303,
  "summary_wm_median": 999.9999947752804,
  "summary_wm_n": 161672.0,
  "summary_wm_p05": 922.3102281335741,
  "summary_wm_p95": 1069.9149390216917,
  "summary_wm_stdv": 45.12962406664402,
  "tpm_overlap_csf": 0.14305145400534805,
  "tpm_overlap_gm": 0.47057129095338013,
  "tpm_overlap_wm": 0.5041937912062173,
  "wm2max": 0.6313429490126232
}