{
  "bids_meta": {
    "AccelFactPE": 2,
    "AcquisitionNumber": 1,
    "AcquisitionTime": "21:07:11.500000",
    "BodyPartExamined": "BRAIN",
    "ConversionSoftware": "dcm2niix",
    "ConversionSoftwareVersion": "v1.0.20170724 GCC4.4.7",
    "DeviceSerialNumber": "66018",
    "EchoTime": 0.0033,
    "FlipAngle": 7,
    "ImageType": [
      "ORIGINAL",
      "PRIMARY",
      "M",
      "ND",
      "NORM"
    ],
    "InstitutionAddress": "Stadium_1952_Princeton_NJ_US_08544",
    "InstitutionName": "Princeton_University",
    "InversionTime": 1.1,
    "MagneticFieldStrength": 3,
    "Manufacturer": "Siemens",
    "ManufacturersModelName": "Prisma",
    "PhaseEncodingDirection": "i-",
    "PhaseEncodingLines": 256,
    "ProcedureStepDescription": "Hasson_Baldassano_040518_SchemaScrambled",
    "ProtocolName": "anat-T1w",
    "RepetitionTime": 2.53,
    "ScanningSequence": "GR_IR",
    "SequenceName": "_tfl3d1_16ns",
    "SequenceVariant": "SK_SP_MP",
    "SeriesDescription": "anat-T1w",
    "SoftwareVersions": "syngo_MR_E11",
    "dataset": "ds001511",
    "modality": "T1w",
    "subject_id": "sid000001"
  },
  "cjv": 0.32157618766993556,
  "cnr": 4.071917010322354,
  "efc": 0.5146786697004031,
  "fber": 16805.05908888394,
  "fwhm_avg": 3.85655,
  "fwhm_x": 3.90785,
  "fwhm_y": 3.99746,
  "fwhm_z": 3.66434,
  "icvs_csf": 0.23406570840208407,
  "icvs_gm": 0.4414023702665447,
  "icvs_wm": 0.3245319213313712,
  "inu_med": 0.5525766611099243,
  "inu_range": 0.2179597884416581,
  "provenance": {
    "md5sum": "35ed28f33103a827c7701d0da75f02c3",
    "settings": {
      "testing": false
    },
    "software": "mriqc",
    "version": "23.0.1",
    "warnings": {
      "large_rot_frame": true,
      "small_air_mask": false
    },
    "webapi_port": null,
    "webapi_url": "https://mriqc.nimh.nih.gov/api/v1"
  },
  "qi_1": 1.0597730548991586e-05,
  "qi_2": 0.00085842704543913,
  "rpve_csf": 25.995957557757272,
  "rpve_gm": 13.977229306192976,
  "rpve_wm": 21.483939349109654,
  "size_x": 176,
  "size_y": 256,
  "size_z": 256,
  "snr_csf": 1.5174200702912586,
  "snr_gm": 8.65495390565311,
  "snr_total": 10.84697227966818,
  "snr_wm": 22.368542863060167,
  "snrd_csf": 14.087450461423922,
  "snrd_gm": 65.10758318084238,
  "snrd_total": 60.04008333288141,
  "snrd_wm": 100.92521635637793,
  "spacing_x": 1.0,
  "spacing_y": 1.0,
  "spacing_z": 1.0,
  "summary_bg_k": 15.562901378142882,
  "summary_bg_mad": 0.0,
  "summary_bg_mean": 3.7436356861397395,
  "summary_bg_median": 0.0,
  "summary_bg_n": 3542480.0,
  "summary_bg_p05": 0.0,
  "summary_bg_p95": 15.421036597341299,
  "summary_bg_stdv": 6.49109174908415,
  "summary_csf_k": 2.3047608680528207,
  "summary_csf_mad": 75.56089074595981,
  "summary_csf_mean": 161.51721856278743,
  "summary_csf_median": 139.57846557721496,
  "summary_csf_n": 51985.0,
  "summary_csf_p05": 51.46483258455993,
  "summary_csf_p95": 344.148873453587,
  "summary_csf_stdv": 91.983179750668,
  "summary_gm_k": 0.13050365160613708,
  "summary_gm_mad": 72.44095719257824,
  "summary_gm_mean": 646.0698829530487,
  "summary_gm_median": 645.0859637595713,
  "summary_gm_n": 35128.0,
  "summary_gm_p05": 524.0521989092231,
  "summary_gm_p95": 770.3383192185313,
  "summary_gm_stdv": 74.53266519868576,
  "summary_wm_k": 0.6281279041557895,
  "summary_wm_mad": 41.68036231470686,
  "summary_wm_mean": 999.028807336305,
  "summary_wm_median": 999.967089548707,
  "summary_wm_n": 164143.0,
  "summary_wm_p05": 923.7496847882867,
  "summary_wm_p95": 1070.16733077541,
  "summary_wm_stdv": 44.70403144459001,
  "tpm_overlap_csf": 0.14732932446789618,
  "tpm_overlap_gm": 0.472426797551062,
  "tpm_overlap_wm": 0.5035821603477537,
  "wm2max": 0.6200962401109208
}