{
  "aor": 0.0013386904761904762,
  "aqi": 0.007254073472222222,
  "bids_meta": {
    "AccelFactPE": 4,
    "AcquisitionNumber": 1,
    "AcquisitionTime": "17:36:6.040000",
    "BandwidthPerPixelPhaseEncode": 13.355,
    "BodyPartExamined": "BRAIN",
    "ConversionSoftware": "dcm2niix",
    "ConversionSoftwareVersion": "v1.0.20170724 GCC4.4.7",
    "DeviceSerialNumber": "66018",
    "EchoTime": 0.039,
    "EchoTrainLength": 72,
    "EffectiveEchoSpacing": 0.000779983,
    "FlipAngle": 50,
    "ImageType": [
      "ORIGINAL",
      "PRIMARY",
      "M",
      "ND",
      "MOSAIC"
    ],
    "InstitutionAddress": "Stadium_1952_Princeton_NJ_US_08544",
    "InstitutionName": "Princeton_University",
    "MagneticFieldStrength": 3,
    "Manufacturer": "Siemens",
    "ManufacturersModelName": "Prisma",
    "PhaseEncodingDirection": "j-",
    "PhaseEncodingLines": 96,
    "ProcedureStepDescription": "Hasson_Baldassano_040518_SchemaScrambled",
    "ProtocolName": "func_task-scrambled_run-01",
    "RepetitionTime": 1.5,
    "ScanningSequence": "EP",
    "SequenceName": "_epfid2d1_96",
    "SequenceVariant": "SK",
    "SeriesDescription": "func_task-scrambled_run-01",
    "SliceTiming": [
      0.69,
      0,
      0.79,
      0.1,
      0.8875,
      0.1975,
      0.9875,
      0.2975,
      1.085,
      0.395,
      1.185,
      0.4925,
      1.2825,
      0.5925,
      1.3825,
      0.69,
      0,
      0.79,
      0.1,
      0.8875,
      0.1975,
      0.9875,
      0.2975,
      1.085,
      0.395,
      1.185,
      0.4925,
      1.2825,
      0.5925,
      1.3825,
      0.69,
      0,
      0.79,
      0.1,
      0.8875,
      0.1975,
      0.9875,
      0.2975,
      1.085,
      0.395,
      1.185,
      0.4925,
      1.2825,
      0.5925,
      1.3825,
      0.69,
      0,
      0.79,
      0.1,
      0.8875,
      0.1975,
      0.9875,
      0.2975,
      1.085,
      0.395,
      1.185,
      0.4925,
      1.2825,
      0.5925,
      1.3825
    ],
    "SoftwareVersions": "syngo_MR_E11",
    "TotalReadoutTime": 0.0530388,
    "TrueEchoSpacing": 0.00311993,
    "dataset": "ds001511",
    "modality": "bold",
    "run_id": 1,
    "subject_id": "sid000003",
    "task_id": "scrambled"
  },
  "dummy_trs": 1,
  "dvars_nstd": 38.48930708892642,
  "dvars_std": 1.091019877872763,
  "dvars_vstd": 1.0007407980914513,
  "efc": 0.559645811764731,
  "fber": 308.1278381347656,
  "fd_mean": 0.1279095856258253,
  "fd_num": 29,
  "fd_perc": 5.753968253968254,
  "fwhm_avg": 2.6627883333333333,
  "fwhm_x": 2.488565,
  "fwhm_y": 2.83031,
  "fwhm_z": 2.66949,
  "gcor": 0.015637,
  "gsr_x": 0.004242007154971361,
  "gsr_y": 0.04029892012476921,
  "provenance": {
    "md5sum": "69286cd709c4e9ef7cfe94ee26fa7eef",
    "settings": {
      "fd_thres": 0.2,
      "testing": false
    },
    "software": "mriqc",
    "version": "23.0.1",
    "webapi_port": null,
    "webapi_url": "https://mriqc.nimh.nih.gov/api/v1"
  },
  "size_t": 504,
  "size_x": 96,
  "size_y": 96,
  "size_z": 60,
  "snr": 2.3304693142401085,
  "spacing_tr": 1.5,
  "spacing_x": 2.0,
  "spacing_y": 2.0,
  "spacing_z": 2.0,
  "summary_bg_k": 122.85097218912571,
  "summary_bg_mad": 6.686417575549775,
  "summary_bg_mean": 37.269630432128906,
  "summary_bg_median": 26.33333396911621,
  "summary_bg_n": 333331.0,
  "summary_bg_p05": 20.180557250976562,
  "summary_bg_p95": 86.94940948486328,
  "summary_bg_stdv": 40.030364990234375,
  "summary_fg_k": 2.6440287711150665,
  "summary_fg_mad": 180.33914054306615,
  "summary_fg_mean": 507.2079772949219,
  "summary_fg_median": 474.5278015136719,
  "summary_fg_n": 133587.0,
  "summary_fg_p05": 252.3099365234375,
  "summary_fg_p95": 879.523468017578,
  "summary_fg_stdv": 203.61822509765625,
  "tsnr": 34.623991954140365
}