{
  "aor": 0.0012460980392156862,
  "aqi": 0.010609120509803923,
  "bids_meta": {
    "AccelFactPE": 4,
    "AcquisitionNumber": 1,
    "AcquisitionTime": "18:03:56.937500",
    "BandwidthPerPixelPhaseEncode": 13.355,
    "BodyPartExamined": "BRAIN",
    "ConversionSoftware": "dcm2niix",
    "ConversionSoftwareVersion": "v1.0.20170724 GCC4.4.7",
    "DeviceSerialNumber": "66018",
    "EchoTime": 0.039,
    "EchoTrainLength": 72,
    "EffectiveEchoSpacing": 0.000779983,
    "FlipAngle": 50,
    "ImageType": [
      "ORIGINAL",
      "PRIMARY",
      "M",
      "ND",
      "MOSAIC"
    ],
    "InstitutionAddress": "Stadium_1952_Princeton_NJ_US_08544",
    "InstitutionName": "Princeton_University",
    "MagneticFieldStrength": 3,
    "Manufacturer": "Siemens",
    "ManufacturersModelName": "Prisma",
    "PhaseEncodingDirection": "j-",
    "PhaseEncodingLines": 96,
    "ProcedureStepDescription": "Hasson_Baldassano_040518_SchemaScrambled",
    "ProtocolName": "func_task-scrambled_run-03",
    "RepetitionTime": 1.5,
    "ScanningSequence": "EP",
    "SequenceName": "_epfid2d1_96",
    "SequenceVariant": "SK",
    "SeriesDescription": "func_task-scrambled_run-03",
    "SliceTiming": [
      0.69,
      0,
      0.79,
      0.0975,
      0.8875,
      0.1975,
      0.985,
      0.295,
      1.085,
      0.395,
      1.1825,
      0.4925,
      1.2825,
      0.5925,
      1.38,
      0.69,
      0,
      0.79,
      0.0975,
      0.8875,
      0.1975,
      0.985,
      0.295,
      1.085,
      0.395,
      1.1825,
      0.4925,
      1.2825,
      0.5925,
      1.38,
      0.69,
      0,
      0.79,
      0.0975,
      0.8875,
      0.1975,
      0.985,
      0.295,
      1.085,
      0.395,
      1.1825,
      0.4925,
      1.2825,
      0.5925,
      1.38,
      0.69,
      0,
      0.79,
      0.0975,
      0.8875,
      0.1975,
      0.985,
      0.295,
      1.085,
      0.395,
      1.1825,
      0.4925,
      1.2825,
      0.5925,
      1.38
    ],
    "SoftwareVersions": "syngo_MR_E11",
    "TotalReadoutTime": 0.0530388,
    "TrueEchoSpacing": 0.00311993,
    "dataset": "ds001511",
    "modality": "bold",
    "run_id": 3,
    "subject_id": "sid000003",
    "task_id": "scrambled"
  },
  "dummy_trs": 0,
  "dvars_nstd": 40.011376877308464,
  "dvars_std": 1.0899046816895874,
  "dvars_vstd": 0.9855734633988212,
  "efc": 0.5591997809152833,
  "fber": 310.8434753417969,
  "fd_mean": 0.15885533197994817,
  "fd_num": 96,
  "fd_perc": 18.823529411764707,
  "fwhm_avg": 2.6698049999999998,
  "fwhm_x": 2.518935,
  "fwhm_y": 2.825955,
  "fwhm_z": 2.664525,
  "gcor": 0.0163057,
  "gsr_x": 0.006883647758513689,
  "gsr_y": 0.04061539098620415,
  "provenance": {
    "md5sum": "189d85c93c570e1a5a8371d980e902d4",
    "settings": {
      "fd_thres": 0.2,
      "testing": false
    },
    "software": "mriqc",
    "version": "23.0.1",
    "webapi_port": null,
    "webapi_url": "https://mriqc.nimh.nih.gov/api/v1"
  },
  "size_t": 510,
  "size_x": 96,
  "size_y": 96,
  "size_z": 60,
  "snr": 2.332532267249681,
  "spacing_tr": 1.5,
  "spacing_x": 2.0,
  "spacing_y": 2.0,
  "spacing_z": 2.0,
  "summary_bg_k": 86.1363634226269,
  "summary_bg_mad": 7.273474189394731,
  "summary_bg_mean": 39.109622955322266,
  "summary_bg_median": 26.619609832763672,
  "summary_bg_n": 336483.0,
  "summary_bg_p05": 19.976470947265625,
  "summary_bg_p95": 95.01883087158176,
  "summary_bg_stdv": 45.182945251464844,
  "summary_fg_k": 2.7814488640853705,
  "summary_fg_mad": 182.64498334280066,
  "summary_fg_mean": 514.2578735351562,
  "summary_fg_median": 480.9980773925781,
  "summary_fg_n": 132607.0,
  "summary_fg_p05": 257.68804626464845,
  "summary_fg_p95": 892.2575256347656,
  "summary_fg_stdv": 206.21205139160156,
  "tsnr": 30.95831915619783
}