{
  "aor": 0.001016545842217484,
  "aqi": 0.004642202793176973,
  "bids_meta": {
    "AccelFactPE": 4,
    "AcquisitionNumber": 1,
    "AcquisitionTime": "22:11:7.780000",
    "BandwidthPerPixelPhaseEncode": 13.355,
    "BodyPartExamined": "BRAIN",
    "ConversionSoftware": "dcm2niix",
    "ConversionSoftwareVersion": "v1.0.20170724 GCC4.4.7",
    "DeviceSerialNumber": "66018",
    "EchoTime": 0.039,
    "EchoTrainLength": 72,
    "EffectiveEchoSpacing": 0.000779983,
    "FlipAngle": 50,
    "ImageType": [
      "ORIGINAL",
      "PRIMARY",
      "M",
      "ND",
      "MOSAIC"
    ],
    "InstitutionAddress": "Stadium_1952_Princeton_NJ_US_08544",
    "InstitutionName": "Princeton_University",
    "MagneticFieldStrength": 3,
    "Manufacturer": "Siemens",
    "ManufacturersModelName": "Prisma",
    "PhaseEncodingDirection": "j-",
    "PhaseEncodingLines": 96,
    "ProcedureStepDescription": "Hasson_Baldassano_040518_SchemaScrambled",
    "ProtocolName": "func_task-CMIYC",
    "RepetitionTime": 1.5,
    "ScanningSequence": "EP",
    "SequenceName": "_epfid2d1_96",
    "SequenceVariant": "SK",
    "SeriesDescription": "func_task-CMIYC",
    "SliceTiming": [
      0.6925,
      0,
      0.79,
      0.1,
      0.8875,
      0.1975,
      0.9875,
      0.2975,
      1.085,
      0.395,
      1.185,
      0.495,
      1.2825,
      0.5925,
      1.3825,
      0.6925,
      0,
      0.79,
      0.1,
      0.8875,
      0.1975,
      0.9875,
      0.2975,
      1.085,
      0.395,
      1.185,
      0.495,
      1.2825,
      0.5925,
      1.3825,
      0.6925,
      0,
      0.79,
      0.1,
      0.8875,
      0.1975,
      0.9875,
      0.2975,
      1.085,
      0.395,
      1.185,
      0.495,
      1.2825,
      0.5925,
      1.3825,
      0.6925,
      0,
      0.79,
      0.1,
      0.8875,
      0.1975,
      0.9875,
      0.2975,
      1.085,
      0.395,
      1.185,
      0.495,
      1.2825,
      0.5925,
      1.3825
    ],
    "SoftwareVersions": "syngo_MR_E11",
    "TotalReadoutTime": 0.0530388,
    "TrueEchoSpacing": 0.00311993,
    "dataset": "ds001511",
    "modality": "bold",
    "subject_id": "sid000001",
    "task_id": "CMIYC"
  },
  "dummy_trs": 2,
  "dvars_nstd": 38.2570677457265,
  "dvars_std": 1.1208242442521366,
  "dvars_vstd": 1.0076309888675217,
  "efc": 0.5456229037805573,
  "fber": 275.8265686035156,
  "fd_mean": 0.12563933915562342,
  "fd_num": 33,
  "fd_perc": 7.036247334754798,
  "fwhm_avg": 3.160095,
  "fwhm_x": 2.98635,
  "fwhm_y": 3.388955,
  "fwhm_z": 3.10498,
  "gcor": 0.0053336,
  "gsr_x": 0.008968253619968891,
  "gsr_y": 0.031245511025190353,
  "provenance": {
    "md5sum": "457b957a70acb0af766b1970565c28aa",
    "settings": {
      "fd_thres": 0.2,
      "testing": false
    },
    "software": "mriqc",
    "version": "23.0.1",
    "webapi_port": null,
    "webapi_url": "https://mriqc.nimh.nih.gov/api/v1"
  },
  "size_t": 469,
  "size_x": 96,
  "size_y": 96,
  "size_z": 60,
  "snr": 1.7653832166617112,
  "spacing_tr": 1.5,
  "spacing_x": 2.0,
  "spacing_y": 2.0,
  "spacing_z": 2.0,
  "summary_bg_k": 36.841909390248404,
  "summary_bg_mad": 9.382439988216442,
  "summary_bg_mean": 46.59388732910156,
  "summary_bg_median": 29.607677459716797,
  "summary_bg_n": 333825.0,
  "summary_bg_p05": 21.460554122924805,
  "summary_bg_p95": 132.0882751464843,
  "summary_bg_stdv": 50.96249771118164,
  "summary_fg_k": 5.673237171762107,
  "summary_fg_mad": 209.60802399742454,
  "summary_fg_mean": 564.9172973632812,
  "summary_fg_median": 503.8475646972656,
  "summary_fg_n": 134590.0,
  "summary_fg_p05": 263.9625869750977,
  "summary_fg_p95": 1126.9125183105466,
  "summary_fg_stdv": 285.40301513671875,
  "tsnr": 38.8819116493687
}