{
  "aor": 0.0007447470817120623,
  "aqi": 0.005204021887159533,
  "bids_meta": {
    "AccelFactPE": 4,
    "AcquisitionNumber": 1,
    "AcquisitionTime": "21:57:41.927500",
    "BandwidthPerPixelPhaseEncode": 13.355,
    "BodyPartExamined": "BRAIN",
    "ConversionSoftware": "dcm2niix",
    "ConversionSoftwareVersion": "v1.0.20170724 GCC4.4.7",
    "DeviceSerialNumber": "66018",
    "EchoTime": 0.039,
    "EchoTrainLength": 72,
    "EffectiveEchoSpacing": 0.000779983,
    "FlipAngle": 50,
    "ImageType": [
      "ORIGINAL",
      "PRIMARY",
      "M",
      "ND",
      "MOSAIC"
    ],
    "InstitutionAddress": "Stadium_1952_Princeton_NJ_US_08544",
    "InstitutionName": "Princeton_University",
    "MagneticFieldStrength": 3,
    "Manufacturer": "Siemens",
    "ManufacturersModelName": "Prisma",
    "PhaseEncodingDirection": "j-",
    "PhaseEncodingLines": 96,
    "ProcedureStepDescription": "Hasson_Baldassano_040518_SchemaScrambled",
    "ProtocolName": "func_task-scrambled_run-04",
    "RepetitionTime": 1.5,
    "ScanningSequence": "EP",
    "SequenceName": "_epfid2d1_96",
    "SequenceVariant": "SK",
    "SeriesDescription": "func_task-scrambled_run-04",
    "SliceTiming": [
      0.69,
      0,
      0.79,
      0.0975,
      0.8875,
      0.1975,
      0.9875,
      0.295,
      1.085,
      0.395,
      1.185,
      0.4925,
      1.2825,
      0.5925,
      1.38,
      0.69,
      0,
      0.79,
      0.0975,
      0.8875,
      0.1975,
      0.9875,
      0.295,
      1.085,
      0.395,
      1.185,
      0.4925,
      1.2825,
      0.5925,
      1.38,
      0.69,
      0,
      0.79,
      0.0975,
      0.8875,
      0.1975,
      0.9875,
      0.295,
      1.085,
      0.395,
      1.185,
      0.4925,
      1.2825,
      0.5925,
      1.38,
      0.69,
      0,
      0.79,
      0.0975,
      0.8875,
      0.1975,
      0.9875,
      0.295,
      1.085,
      0.395,
      1.185,
      0.4925,
      1.2825,
      0.5925,
      1.38
    ],
    "SoftwareVersions": "syngo_MR_E11",
    "TotalReadoutTime": 0.0530388,
    "TrueEchoSpacing": 0.00311993,
    "dataset": "ds001511",
    "modality": "bold",
    "run_id": 4,
    "subject_id": "sid000001",
    "task_id": "scrambled"
  },
  "dummy_trs": 0,
  "dvars_nstd": 37.61208121189083,
  "dvars_std": 1.0881555109161796,
  "dvars_vstd": 0.9893460619688103,
  "efc": 0.5450692137369877,
  "fber": 280.50140380859375,
  "fd_mean": 0.11987545091090857,
  "fd_num": 13,
  "fd_perc": 2.529182879377432,
  "fwhm_avg": 3.16451,
  "fwhm_x": 3.00011,
  "fwhm_y": 3.39107,
  "fwhm_z": 3.10235,
  "gcor": 0.00701433,
  "gsr_x": 0.008802753873169422,
  "gsr_y": 0.03211209923028946,
  "provenance": {
    "md5sum": "ebfa75d03b4b4cc2b84a4d28be9be6bc",
    "settings": {
      "fd_thres": 0.2,
      "testing": false
    },
    "software": "mriqc",
    "version": "23.0.1",
    "webapi_port": null,
    "webapi_url": "https://mriqc.nimh.nih.gov/api/v1"
  },
  "size_t": 514,
  "size_x": 96,
  "size_y": 96,
  "size_z": 60,
  "snr": 1.7587476206404702,
  "spacing_tr": 1.5,
  "spacing_x": 2.0,
  "spacing_y": 2.0,
  "spacing_z": 2.0,
  "summary_bg_k": 37.76611700368233,
  "summary_bg_mad": 9.172520992385284,
  "summary_bg_mean": 46.222923278808594,
  "summary_bg_median": 29.3424129486084,
  "summary_bg_n": 333819.0,
  "summary_bg_p05": 21.472763061523438,
  "summary_bg_p95": 130.93832702636706,
  "summary_bg_stdv": 50.54644775390625,
  "summary_fg_k": 5.711093159761898,
  "summary_fg_mad": 210.08823635845084,
  "summary_fg_mean": 565.7097778320312,
  "summary_fg_median": 504.2237243652344,
  "summary_fg_n": 134797.0,
  "summary_fg_p05": 262.9564147949219,
  "summary_fg_p95": 1129.7486328124999,
  "summary_fg_stdv": 286.6936950683594,
  "tsnr": 37.48879964835942
}