{
  "aor": 0.0007226060606060605,
  "aqi": 0.006606531252525253,
  "bids_meta": {
    "AccelFactPE": 4,
    "AcquisitionNumber": 1,
    "AcquisitionTime": "21:31:33.910000",
    "BandwidthPerPixelPhaseEncode": 13.355,
    "BodyPartExamined": "BRAIN",
    "ConversionSoftware": "dcm2niix",
    "ConversionSoftwareVersion": "v1.0.20170724 GCC4.4.7",
    "DeviceSerialNumber": "66018",
    "EchoTime": 0.039,
    "EchoTrainLength": 72,
    "EffectiveEchoSpacing": 0.000779983,
    "FlipAngle": 50,
    "ImageType": [
      "ORIGINAL",
      "PRIMARY",
      "M",
      "ND",
      "MOSAIC"
    ],
    "InstitutionAddress": "Stadium_1952_Princeton_NJ_US_08544",
    "InstitutionName": "Princeton_University",
    "MagneticFieldStrength": 3,
    "Manufacturer": "Siemens",
    "ManufacturersModelName": "Prisma",
    "PhaseEncodingDirection": "j-",
    "PhaseEncodingLines": 96,
    "ProcedureStepDescription": "Hasson_Baldassano_040518_SchemaScrambled",
    "ProtocolName": "func_task-scrambled_run-02",
    "RepetitionTime": 1.5,
    "ScanningSequence": "EP",
    "SequenceName": "_epfid2d1_96",
    "SequenceVariant": "SK",
    "SeriesDescription": "func_task-scrambled_run-02",
    "SliceTiming": [
      0.69,
      0,
      0.7875,
      0.0975,
      0.8875,
      0.1975,
      0.985,
      0.295,
      1.085,
      0.395,
      1.1825,
      0.4925,
      1.2825,
      0.5925,
      1.38,
      0.69,
      0,
      0.7875,
      0.0975,
      0.8875,
      0.1975,
      0.985,
      0.295,
      1.085,
      0.395,
      1.1825,
      0.4925,
      1.2825,
      0.5925,
      1.38,
      0.69,
      0,
      0.7875,
      0.0975,
      0.8875,
      0.1975,
      0.985,
      0.295,
      1.085,
      0.395,
      1.1825,
      0.4925,
      1.2825,
      0.5925,
      1.38,
      0.69,
      0,
      0.7875,
      0.0975,
      0.8875,
      0.1975,
      0.985,
      0.295,
      1.085,
      0.395,
      1.1825,
      0.4925,
      1.2825,
      0.5925,
      1.38
    ],
    "SoftwareVersions": "syngo_MR_E11",
    "TotalReadoutTime": 0.0530388,
    "TrueEchoSpacing": 0.00311993,
    "dataset": "ds001511",
    "modality": "bold",
    "run_id": 2,
    "subject_id": "sid000001",
    "task_id": "scrambled"
  },
  "dummy_trs": 0,
  "dvars_nstd": 36.839347684838046,
  "dvars_std": 1.0469290662955468,
  "dvars_vstd": 0.9618797136639676,
  "efc": 0.543867929804791,
  "fber": 292.4145202636719,
  "fd_mean": 0.11584493504935463,
  "fd_num": 15,
  "fd_perc": 3.0303030303030303,
  "fwhm_avg": 3.1441983333333337,
  "fwhm_x": 2.992045,
  "fwhm_y": 3.351265,
  "fwhm_z": 3.089285,
  "gcor": 0.00859006,
  "gsr_x": 0.009958628565073013,
  "gsr_y": 0.032335732132196426,
  "provenance": {
    "md5sum": "04cce84ed2161da8e336958275e15bfb",
    "settings": {
      "fd_thres": 0.2,
      "testing": false
    },
    "software": "mriqc",
    "version": "23.0.1",
    "webapi_port": null,
    "webapi_url": "https://mriqc.nimh.nih.gov/api/v1"
  },
  "size_t": 495,
  "size_x": 96,
  "size_y": 96,
  "size_z": 60,
  "snr": 1.796092294378707,
  "spacing_tr": 1.5,
  "spacing_x": 2.0,
  "spacing_y": 2.0,
  "spacing_z": 2.0,
  "summary_bg_k": 41.09092251366112,
  "summary_bg_mad": 8.682956966746046,
  "summary_bg_mean": 44.77894973754883,
  "summary_bg_median": 28.70707130432129,
  "summary_bg_n": 335076.0,
  "summary_bg_p05": 21.264646530151367,
  "summary_bg_p95": 124.52828598022461,
  "summary_bg_stdv": 48.594749450683594,
  "summary_fg_k": 5.628917421218063,
  "summary_fg_mad": 206.57139965068706,
  "summary_fg_mean": 561.247802734375,
  "summary_fg_median": 502.2384033203125,
  "summary_fg_n": 133934.0,
  "summary_fg_p05": 262.4692123413086,
  "summary_fg_p95": 1111.4861938476558,
  "summary_fg_stdv": 279.6273498535156,
  "tsnr": 34.037271555978805
}